{
  "bids_meta": {
    "AcquisitionMatrixPE": 256,
    "AcquisitionNumber": 1,
    "AcquisitionTime": "12:56:38.800000",
    "BaseResolution": 256,
    "BodyPartExamined": "HEAD",
    "CoilString": "HC1-7;NC1_2",
    "ConsistencyInfo": "N4_VD13D_LATEST_20130810",
    "ConversionSoftware": "dcm2niix",
    "ConversionSoftwareVersion": "v1.0.20190902",
    "DeviceSerialNumber": "66014",
    "DwellTime": 1.03e-05,
    "EchoTime": 0.00234,
    "FlipAngle": 9,
    "ImageOrientationPatientDICOM": [
      0.0523357,
      0.99863,
      0.000174491,
      0.00174972,
      8.30316e-05,
      -0.999998
    ],
    "ImageType": [
      "ORIGINAL",
      "PRIMARY",
      "M",
      "NORM",
      "DIS2D"
    ],
    "ImagingFrequency": 123.26,
    "InPlanePhaseEncodingDirectionDICOM": "ROW",
    "InstitutionAddress": "Yiheyuan_Road_5_Beijing3cd14b_Haidian_CN_100871",
    "InstitutionName": "Peking_Univeristy",
    "InstitutionalDepartmentName": "Department",
    "InversionTime": 0.807,
    "MRAcquisitionType": "3D",
    "MagneticFieldStrength": 3,
    "Manufacturer": "Siemens",
    "ManufacturersModelName": "Prisma",
    "Modality": "MR",
    "ParallelReductionFactorInPlane": 2,
    "PartialFourier": 1,
    "PatientPosition": "HFS",
    "PercentPhaseFOV": 100,
    "PhaseEncodingSteps": 255,
    "PhaseResolution": 1,
    "PixelBandwidth": 190,
    "ProcedureStepDescription": "Research_Projects_64CH",
    "ProtocolName": "T1_mpr_ns_sag_ADNI_176mm",
    "PulseSequenceDetails": "%SiemensSeq%_tfl",
    "ReceiveCoilActiveElements": "HC1-7;NC1,2",
    "ReceiveCoilName": "HeadNeck_64",
    "ReconMatrixPE": 256,
    "RefLinesPE": 24,
    "RepetitionTime": 1.54,
    "SAR": 0.0740147,
    "ScanOptions": "IR",
    "ScanningSequence": "GR_IR",
    "SequenceName": "_tfl3d1_16ns",
    "SequenceVariant": "SK_SP_MP",
    "SeriesDescription": "T1_mpr_ns_sag_ADNI_176mm",
    "SeriesNumber": 3,
    "ShimSetting": [
      -3451,
      -2096,
      -2173,
      36,
      -6,
      -112,
      17,
      26
    ],
    "SliceThickness": 1,
    "SoftwareVersions": "syngo_MR_D13D",
    "StationName": "AWP66014",
    "TxRefAmp": 216.972,
    "dataset": "ds003988",
    "modality": "T1w",
    "subject_id": "28"
  },
  "cjv": 0.3739845251998879,
  "cnr": 3.596360524747286,
  "efc": 0.6827855867551388,
  "fber": -1.0,
  "fwhm_avg": 4.359376666666667,
  "fwhm_x": 4.45354,
  "fwhm_y": 4.2286,
  "fwhm_z": 4.39599,
  "icvs_csf": 0.20341081810643236,
  "icvs_gm": 0.4252476918219427,
  "icvs_wm": 0.3713414900716249,
  "inu_med": 0.3255928158760071,
  "inu_range": 0.13337105810642244,
  "provenance": {
    "md5sum": "832feeb6ae629a9a3b41d147acf911b4",
    "settings": {
      "testing": false
    },
    "software": "mriqc",
    "version": "23.0.0",
    "warnings": {
      "large_rot_frame": true,
      "small_air_mask": false
    },
    "webapi_port": null,
    "webapi_url": "https://mriqc.nimh.nih.gov/api/v1"
  },
  "qi_1": 0.0,
  "qi_2": 0.01278690281834239,
  "rpve_csf": 10.802376692756864,
  "rpve_gm": 5.356838691642442,
  "rpve_wm": 7.164370520452476,
  "size_x": 151,
  "size_y": 184,
  "size_z": 159,
  "snr_csf": 3.644694376887792,
  "snr_gm": 16.103423852846515,
  "snr_total": 15.58022424115228,
  "snr_wm": 26.992554493722533,
  "snrd_csf": 61.221986866217755,
  "snrd_gm": 140.70751291021998,
  "snrd_total": 127.42118204746741,
  "snrd_wm": 180.33404636596453,
  "spacing_x": 1.0,
  "spacing_y": 1.0,
  "spacing_z": 1.0,
  "summary_bg_k": 9.38447281811491,
  "summary_bg_mad": 0.0,
  "summary_bg_mean": 1.7762126843440122,
  "summary_bg_median": 0.0,
  "summary_bg_n": 722331.0,
  "summary_bg_p05": 0.0,
  "summary_bg_p95": 8.722928494215012,
  "summary_bg_stdv": 3.6330606360175346,
  "summary_csf_k": 2.661950855923159,
  "summary_csf_mad": 68.74044904060409,
  "summary_csf_mean": 350.46581765711556,
  "summary_csf_median": 339.50668981671333,
  "summary_csf_n": 32547.0,
  "summary_csf_p05": 238.63869795799258,
  "summary_csf_p95": 524.3640217483044,
  "summary_csf_stdv": 93.14950419226139,
  "summary_gm_k": 0.16130661546305847,
  "summary_gm_mad": 47.525834091094204,
  "summary_gm_mean": 778.3266301481881,
  "summary_gm_median": 780.2938843667507,
  "summary_gm_n": 20999.0,
  "summary_gm_p05": 695.165836879611,
  "summary_gm_p95": 853.8586803376675,
  "summary_gm_stdv": 48.454000339628415,
  "summary_wm_k": 0.8185450102542573,
  "summary_wm_mad": 34.656908506106234,
  "summary_wm_mean": 1003.3336709297436,
  "summary_wm_median": 1000.0429302752018,
  "summary_wm_n": 169101.0,
  "summary_wm_p05": 948.7796115875244,
  "summary_wm_p95": 1069.0958666801453,
  "summary_wm_stdv": 37.048734070859176,
  "tpm_overlap_csf": 0.17118607096205132,
  "tpm_overlap_gm": 0.46581126500967,
  "tpm_overlap_wm": 0.5000619904889161,
  "wm2max": 0.4251785812156311
}