{
  "bids_meta": {
    "AcquisitionMatrixPE": 256,
    "AcquisitionNumber": 1,
    "AcquisitionTime": "12:56:38.800000",
    "BaseResolution": 256,
    "BodyPartExamined": "HEAD",
    "CoilString": "HC1-7;NC1_2",
    "ConsistencyInfo": "N4_VD13D_LATEST_20130810",
    "ConversionSoftware": "dcm2niix",
    "ConversionSoftwareVersion": "v1.0.20190902",
    "DeviceSerialNumber": "66014",
    "DwellTime": 1.03e-05,
    "EchoTime": 0.00234,
    "FlipAngle": 9,
    "ImageOrientationPatientDICOM": [
      0.0523357,
      0.99863,
      0.000174491,
      0.00174972,
      8.30316e-05,
      -0.999998
    ],
    "ImageType": [
      "ORIGINAL",
      "PRIMARY",
      "M",
      "NORM",
      "DIS2D"
    ],
    "ImagingFrequency": 123.26,
    "InPlanePhaseEncodingDirectionDICOM": "ROW",
    "InstitutionAddress": "Yiheyuan_Road_5_Beijing3cd14b_Haidian_CN_100871",
    "InstitutionName": "Peking_Univeristy",
    "InstitutionalDepartmentName": "Department",
    "InversionTime": 0.807,
    "MRAcquisitionType": "3D",
    "MagneticFieldStrength": 3,
    "Manufacturer": "Siemens",
    "ManufacturersModelName": "Prisma",
    "Modality": "MR",
    "ParallelReductionFactorInPlane": 2,
    "PartialFourier": 1,
    "PatientPosition": "HFS",
    "PercentPhaseFOV": 100,
    "PhaseEncodingSteps": 255,
    "PhaseResolution": 1,
    "PixelBandwidth": 190,
    "ProcedureStepDescription": "Research_Projects_64CH",
    "ProtocolName": "T1_mpr_ns_sag_ADNI_176mm",
    "PulseSequenceDetails": "%SiemensSeq%_tfl",
    "ReceiveCoilActiveElements": "HC1-7;NC1,2",
    "ReceiveCoilName": "HeadNeck_64",
    "ReconMatrixPE": 256,
    "RefLinesPE": 24,
    "RepetitionTime": 1.54,
    "SAR": 0.0740147,
    "ScanOptions": "IR",
    "ScanningSequence": "GR_IR",
    "SequenceName": "_tfl3d1_16ns",
    "SequenceVariant": "SK_SP_MP",
    "SeriesDescription": "T1_mpr_ns_sag_ADNI_176mm",
    "SeriesNumber": 3,
    "ShimSetting": [
      -3451,
      -2096,
      -2173,
      36,
      -6,
      -112,
      17,
      26
    ],
    "SliceThickness": 1,
    "SoftwareVersions": "syngo_MR_D13D",
    "StationName": "AWP66014",
    "TxRefAmp": 216.972,
    "dataset": "ds003988",
    "modality": "T1w",
    "subject_id": "41"
  },
  "cjv": 0.39132717553783636,
  "cnr": 3.5030728808138503,
  "efc": 0.6916665196781685,
  "fber": -1.0,
  "fwhm_avg": 4.19492,
  "fwhm_x": 4.23602,
  "fwhm_y": 4.0368,
  "fwhm_z": 4.31194,
  "icvs_csf": 0.18644004879853035,
  "icvs_gm": 0.44010082800848455,
  "icvs_wm": 0.3734591231929851,
  "inu_med": 0.3708641231060028,
  "inu_range": 0.1525030493736267,
  "provenance": {
    "md5sum": "ed824772140fb99c91519d9cdde3e054",
    "settings": {
      "testing": false
    },
    "software": "mriqc",
    "version": "23.0.0",
    "warnings": {
      "large_rot_frame": true,
      "small_air_mask": false
    },
    "webapi_port": null,
    "webapi_url": "https://mriqc.nimh.nih.gov/api/v1"
  },
  "qi_1": 0.0,
  "qi_2": 0.010741521744051085,
  "rpve_csf": 12.97186123962943,
  "rpve_gm": 5.864934192598641,
  "rpve_wm": 7.8653587205279685,
  "size_x": 163,
  "size_y": 187,
  "size_z": 197,
  "snr_csf": 3.2403403833195648,
  "snr_gm": 15.962305020397375,
  "snr_total": 15.05101492236436,
  "snr_wm": 25.95039936337614,
  "snrd_csf": 70.00744080362205,
  "snrd_gm": 156.88104643695632,
  "snrd_total": 142.548139565857,
  "snrd_wm": 200.75593145699264,
  "spacing_x": 1.0,
  "spacing_y": 1.0,
  "spacing_z": 1.0,
  "summary_bg_k": 16.121118959407596,
  "summary_bg_mad": 0.0,
  "summary_bg_mean": 1.1782206712965004,
  "summary_bg_median": 0.0,
  "summary_bg_n": 844183.0,
  "summary_bg_p05": 0.0,
  "summary_bg_p95": 8.634185746312141,
  "summary_bg_stdv": 3.263502503480446,
  "summary_csf_k": 1.7354133043853244,
  "summary_csf_mad": 76.24369356944759,
  "summary_csf_mean": 359.1018333727783,
  "summary_csf_median": 348.73571110516787,
  "summary_csf_n": 36517.0,
  "summary_csf_p05": 171.82029635161163,
  "summary_csf_p95": 551.458801935613,
  "summary_csf_stdv": 107.6216985999663,
  "summary_gm_k": 0.02345971240436251,
  "summary_gm_mad": 48.9535154283538,
  "summary_gm_mean": 780.0755741845301,
  "summary_gm_median": 781.4886912032962,
  "summary_gm_n": 32681.0,
  "summary_gm_p05": 697.5663033723831,
  "summary_gm_p95": 858.0577889755368,
  "summary_gm_stdv": 48.957636995268764,
  "summary_wm_k": 0.5702811388483768,
  "summary_wm_mad": 36.57446554991951,
  "summary_wm_mean": 1003.0961325831248,
  "summary_wm_median": 1000.0474479794502,
  "summary_wm_n": 209249.0,
  "summary_wm_p05": 945.3674342915416,
  "summary_wm_p95": 1071.2083195149899,
  "summary_wm_stdv": 38.536788754661885,
  "tpm_overlap_csf": 0.16958040474984923,
  "tpm_overlap_gm": 0.4705187231786956,
  "tpm_overlap_wm": 0.4824061405246842,
  "wm2max": 0.3928200837057047
}