{
  "bids_meta": {
    "AcquisitionMatrixPE": 256,
    "AcquisitionNumber": 1,
    "AcquisitionTime": "12:56:38.800000",
    "BaseResolution": 256,
    "BodyPartExamined": "HEAD",
    "CoilString": "HC1-7;NC1_2",
    "ConsistencyInfo": "N4_VD13D_LATEST_20130810",
    "ConversionSoftware": "dcm2niix",
    "ConversionSoftwareVersion": "v1.0.20190902",
    "DeviceSerialNumber": "66014",
    "DwellTime": 1.03e-05,
    "EchoTime": 0.00234,
    "FlipAngle": 9,
    "ImageOrientationPatientDICOM": [
      0.0523357,
      0.99863,
      0.000174491,
      0.00174972,
      8.30316e-05,
      -0.999998
    ],
    "ImageType": [
      "ORIGINAL",
      "PRIMARY",
      "M",
      "NORM",
      "DIS2D"
    ],
    "ImagingFrequency": 123.26,
    "InPlanePhaseEncodingDirectionDICOM": "ROW",
    "InstitutionAddress": "Yiheyuan_Road_5_Beijing3cd14b_Haidian_CN_100871",
    "InstitutionName": "Peking_Univeristy",
    "InstitutionalDepartmentName": "Department",
    "InversionTime": 0.807,
    "MRAcquisitionType": "3D",
    "MagneticFieldStrength": 3,
    "Manufacturer": "Siemens",
    "ManufacturersModelName": "Prisma",
    "Modality": "MR",
    "ParallelReductionFactorInPlane": 2,
    "PartialFourier": 1,
    "PatientPosition": "HFS",
    "PercentPhaseFOV": 100,
    "PhaseEncodingSteps": 255,
    "PhaseResolution": 1,
    "PixelBandwidth": 190,
    "ProcedureStepDescription": "Research_Projects_64CH",
    "ProtocolName": "T1_mpr_ns_sag_ADNI_176mm",
    "PulseSequenceDetails": "%SiemensSeq%_tfl",
    "ReceiveCoilActiveElements": "HC1-7;NC1,2",
    "ReceiveCoilName": "HeadNeck_64",
    "ReconMatrixPE": 256,
    "RefLinesPE": 24,
    "RepetitionTime": 1.54,
    "SAR": 0.0740147,
    "ScanOptions": "IR",
    "ScanningSequence": "GR_IR",
    "SequenceName": "_tfl3d1_16ns",
    "SequenceVariant": "SK_SP_MP",
    "SeriesDescription": "T1_mpr_ns_sag_ADNI_176mm",
    "SeriesNumber": 3,
    "ShimSetting": [
      -3451,
      -2096,
      -2173,
      36,
      -6,
      -112,
      17,
      26
    ],
    "SliceThickness": 1,
    "SoftwareVersions": "syngo_MR_D13D",
    "StationName": "AWP66014",
    "TxRefAmp": 216.972,
    "dataset": "ds003988",
    "modality": "T1w",
    "subject_id": "11"
  },
  "cjv": 0.39516382952869944,
  "cnr": 3.4742091259489656,
  "efc": 0.6925559048461618,
  "fber": -1.0,
  "fwhm_avg": 4.503006666666667,
  "fwhm_x": 4.63507,
  "fwhm_y": 4.40717,
  "fwhm_z": 4.46678,
  "icvs_csf": 0.21198956048330625,
  "icvs_gm": 0.4235699214929022,
  "icvs_wm": 0.36444051802379157,
  "inu_med": 0.3745376914739609,
  "inu_range": 0.18734109997749332,
  "provenance": {
    "md5sum": "54e98198e6c455a9c0e85cbbe6bf4423",
    "settings": {
      "testing": false
    },
    "software": "mriqc",
    "version": "23.0.0",
    "warnings": {
      "large_rot_frame": true,
      "small_air_mask": false
    },
    "webapi_port": null,
    "webapi_url": "https://mriqc.nimh.nih.gov/api/v1"
  },
  "qi_1": 1.1731178371729201e-05,
  "qi_2": 0.01311578269058137,
  "rpve_csf": 11.19820476329281,
  "rpve_gm": 5.659581195903185,
  "rpve_wm": 7.423948033128951,
  "size_x": 171,
  "size_y": 190,
  "size_z": 163,
  "snr_csf": 3.9823135072801317,
  "snr_gm": 16.46562216980206,
  "snr_total": 15.469957498175381,
  "snr_wm": 25.96193681744395,
  "snrd_csf": 58.8975357300861,
  "snrd_gm": 133.53423859479886,
  "snrd_total": 120.74449404758184,
  "snrd_wm": 169.80170781786057,
  "spacing_x": 1.0,
  "spacing_y": 1.0,
  "spacing_z": 1.0,
  "summary_bg_k": 34.24374004986719,
  "summary_bg_mad": 0.0,
  "summary_bg_mean": 1.1656802666050652,
  "summary_bg_median": 0.0,
  "summary_bg_n": 1036397.0,
  "summary_bg_p05": 0.0,
  "summary_bg_p95": 8.882169172167778,
  "summary_bg_stdv": 3.858426015108235,
  "summary_csf_k": 4.1841305593993665,
  "summary_csf_mad": 68.36528909852586,
  "summary_csf_mean": 356.2178460822385,
  "summary_csf_median": 346.87705352157354,
  "summary_csf_n": 63533.0,
  "summary_csf_p05": 240.46110754609109,
  "summary_csf_p95": 514.1264092102647,
  "summary_csf_stdv": 87.10372073419366,
  "summary_gm_k": -0.05789750144479067,
  "summary_gm_mad": 49.03248193541813,
  "summary_gm_mean": 785.6066344395882,
  "summary_gm_median": 786.4499363824725,
  "summary_gm_n": 30132.0,
  "summary_gm_p05": 706.3001709988341,
  "summary_gm_p95": 861.3341817967594,
  "summary_gm_stdv": 47.76235468574806,
  "summary_wm_k": 0.9657034813846863,
  "summary_wm_mad": 35.37343339626594,
  "summary_wm_mean": 1003.4753507693594,
  "summary_wm_median": 1000.0472067408264,
  "summary_wm_n": 185651.0,
  "summary_wm_p05": 946.8959284499288,
  "summary_wm_p95": 1071.813243828714,
  "summary_wm_stdv": 38.51964205970433,
  "tpm_overlap_csf": 0.18210100545735966,
  "tpm_overlap_gm": 0.45618785002066886,
  "tpm_overlap_wm": 0.483880531995098,
  "wm2max": 0.42115730174482296
}