{
  "bids_meta": {
    "AcquisitionMatrixPE": 256,
    "AcquisitionNumber": 1,
    "AcquisitionTime": "12:56:38.800000",
    "BaseResolution": 256,
    "BodyPartExamined": "HEAD",
    "CoilString": "HC1-7;NC1_2",
    "ConsistencyInfo": "N4_VD13D_LATEST_20130810",
    "ConversionSoftware": "dcm2niix",
    "ConversionSoftwareVersion": "v1.0.20190902",
    "DeviceSerialNumber": "66014",
    "DwellTime": 1.03e-05,
    "EchoTime": 0.00234,
    "FlipAngle": 9,
    "ImageOrientationPatientDICOM": [
      0.0523357,
      0.99863,
      0.000174491,
      0.00174972,
      8.30316e-05,
      -0.999998
    ],
    "ImageType": [
      "ORIGINAL",
      "PRIMARY",
      "M",
      "NORM",
      "DIS2D"
    ],
    "ImagingFrequency": 123.26,
    "InPlanePhaseEncodingDirectionDICOM": "ROW",
    "InstitutionAddress": "Yiheyuan_Road_5_Beijing3cd14b_Haidian_CN_100871",
    "InstitutionName": "Peking_Univeristy",
    "InstitutionalDepartmentName": "Department",
    "InversionTime": 0.807,
    "MRAcquisitionType": "3D",
    "MagneticFieldStrength": 3,
    "Manufacturer": "Siemens",
    "ManufacturersModelName": "Prisma",
    "Modality": "MR",
    "ParallelReductionFactorInPlane": 2,
    "PartialFourier": 1,
    "PatientPosition": "HFS",
    "PercentPhaseFOV": 100,
    "PhaseEncodingSteps": 255,
    "PhaseResolution": 1,
    "PixelBandwidth": 190,
    "ProcedureStepDescription": "Research_Projects_64CH",
    "ProtocolName": "T1_mpr_ns_sag_ADNI_176mm",
    "PulseSequenceDetails": "%SiemensSeq%_tfl",
    "ReceiveCoilActiveElements": "HC1-7;NC1,2",
    "ReceiveCoilName": "HeadNeck_64",
    "ReconMatrixPE": 256,
    "RefLinesPE": 24,
    "RepetitionTime": 1.54,
    "SAR": 0.0740147,
    "ScanOptions": "IR",
    "ScanningSequence": "GR_IR",
    "SequenceName": "_tfl3d1_16ns",
    "SequenceVariant": "SK_SP_MP",
    "SeriesDescription": "T1_mpr_ns_sag_ADNI_176mm",
    "SeriesNumber": 3,
    "ShimSetting": [
      -3451,
      -2096,
      -2173,
      36,
      -6,
      -112,
      17,
      26
    ],
    "SliceThickness": 1,
    "SoftwareVersions": "syngo_MR_D13D",
    "StationName": "AWP66014",
    "TxRefAmp": 216.972,
    "dataset": "ds003988",
    "modality": "T1w",
    "subject_id": "36"
  },
  "cjv": 0.4128458266108965,
  "cnr": 3.268536092497454,
  "efc": 0.6955617545910003,
  "fber": -1.0,
  "fwhm_avg": 4.337926666666667,
  "fwhm_x": 4.4171,
  "fwhm_y": 4.25743,
  "fwhm_z": 4.33925,
  "icvs_csf": 0.18322553320596865,
  "icvs_gm": 0.41220296719777677,
  "icvs_wm": 0.40457149959625455,
  "inu_med": 0.3124372661113739,
  "inu_range": 0.13033488392829895,
  "provenance": {
    "md5sum": "55500a0a0f3d72df68b266c301ed3f11",
    "settings": {
      "testing": false
    },
    "software": "mriqc",
    "version": "23.0.0",
    "warnings": {
      "large_rot_frame": true,
      "small_air_mask": false
    },
    "webapi_port": null,
    "webapi_url": "https://mriqc.nimh.nih.gov/api/v1"
  },
  "qi_1": 0.0007473423429604679,
  "qi_2": 0.010525394102942929,
  "rpve_csf": 11.615019596450974,
  "rpve_gm": 5.361901453303225,
  "rpve_wm": 6.435555044408208,
  "size_x": 164,
  "size_y": 186,
  "size_z": 157,
  "snr_csf": 2.7578726582795086,
  "snr_gm": 16.376394377429055,
  "snr_total": 15.067412603646963,
  "snr_wm": 26.067970775232325,
  "snrd_csf": 63.97025847637796,
  "snrd_gm": 145.37455281135422,
  "snrd_total": 130.57469041364507,
  "snrd_wm": 182.3792599532031,
  "spacing_x": 1.0,
  "spacing_y": 1.0,
  "spacing_z": 1.0,
  "summary_bg_k": 24.48409503188554,
  "summary_bg_mad": 0.0,
  "summary_bg_mean": 1.5905991333572886,
  "summary_bg_median": 0.0,
  "summary_bg_n": 805175.0,
  "summary_bg_p05": 0.0,
  "summary_bg_p95": 7.395097516477108,
  "summary_bg_stdv": 3.592314213282547,
  "summary_csf_k": 2.5793157431475073,
  "summary_csf_mad": 94.17942487374818,
  "summary_csf_mean": 353.92866747325434,
  "summary_csf_median": 350.7685861326754,
  "summary_csf_n": 27217.0,
  "summary_csf_p05": 113.41919224709272,
  "summary_csf_p95": 566.3065968938172,
  "summary_csf_stdv": 127.18576439559321,
  "summary_gm_k": -0.0005075537494443338,
  "summary_gm_mad": 47.982846289502824,
  "summary_gm_mean": 794.2298986688311,
  "summary_gm_median": 797.1333485879004,
  "summary_gm_n": 22587.0,
  "summary_gm_p05": 709.9833707209676,
  "summary_gm_p95": 870.6023960493505,
  "summary_gm_stdv": 48.674676743703905,
  "summary_wm_k": 0.6910553053979114,
  "summary_wm_mad": 35.786949543262054,
  "summary_wm_mean": 1003.7150307714061,
  "summary_wm_median": 1000.0415298826993,
  "summary_wm_n": 215299.0,
  "summary_wm_p05": 947.6942103840411,
  "summary_wm_p95": 1073.0369587391615,
  "summary_wm_stdv": 38.36275619819266,
  "tpm_overlap_csf": 0.18139468814290455,
  "tpm_overlap_gm": 0.47163197916468613,
  "tpm_overlap_wm": 0.5157711938480501,
  "wm2max": 0.44758380147160537
}