{
  "bids_meta": {
    "AcquisitionMatrixPE": 256,
    "AcquisitionNumber": 1,
    "AcquisitionTime": "12:56:38.800000",
    "BaseResolution": 256,
    "BodyPartExamined": "HEAD",
    "CoilString": "HC1-7;NC1_2",
    "ConsistencyInfo": "N4_VD13D_LATEST_20130810",
    "ConversionSoftware": "dcm2niix",
    "ConversionSoftwareVersion": "v1.0.20190902",
    "DeviceSerialNumber": "66014",
    "DwellTime": 1.03e-05,
    "EchoTime": 0.00234,
    "FlipAngle": 9,
    "ImageOrientationPatientDICOM": [
      0.0523357,
      0.99863,
      0.000174491,
      0.00174972,
      8.30316e-05,
      -0.999998
    ],
    "ImageType": [
      "ORIGINAL",
      "PRIMARY",
      "M",
      "NORM",
      "DIS2D"
    ],
    "ImagingFrequency": 123.26,
    "InPlanePhaseEncodingDirectionDICOM": "ROW",
    "InstitutionAddress": "Yiheyuan_Road_5_Beijing3cd14b_Haidian_CN_100871",
    "InstitutionName": "Peking_Univeristy",
    "InstitutionalDepartmentName": "Department",
    "InversionTime": 0.807,
    "MRAcquisitionType": "3D",
    "MagneticFieldStrength": 3,
    "Manufacturer": "Siemens",
    "ManufacturersModelName": "Prisma",
    "Modality": "MR",
    "ParallelReductionFactorInPlane": 2,
    "PartialFourier": 1,
    "PatientPosition": "HFS",
    "PercentPhaseFOV": 100,
    "PhaseEncodingSteps": 255,
    "PhaseResolution": 1,
    "PixelBandwidth": 190,
    "ProcedureStepDescription": "Research_Projects_64CH",
    "ProtocolName": "T1_mpr_ns_sag_ADNI_176mm",
    "PulseSequenceDetails": "%SiemensSeq%_tfl",
    "ReceiveCoilActiveElements": "HC1-7;NC1,2",
    "ReceiveCoilName": "HeadNeck_64",
    "ReconMatrixPE": 256,
    "RefLinesPE": 24,
    "RepetitionTime": 1.54,
    "SAR": 0.0740147,
    "ScanOptions": "IR",
    "ScanningSequence": "GR_IR",
    "SequenceName": "_tfl3d1_16ns",
    "SequenceVariant": "SK_SP_MP",
    "SeriesDescription": "T1_mpr_ns_sag_ADNI_176mm",
    "SeriesNumber": 3,
    "ShimSetting": [
      -3451,
      -2096,
      -2173,
      36,
      -6,
      -112,
      17,
      26
    ],
    "SliceThickness": 1,
    "SoftwareVersions": "syngo_MR_D13D",
    "StationName": "AWP66014",
    "TxRefAmp": 216.972,
    "dataset": "ds003988",
    "modality": "T1w",
    "subject_id": "44"
  },
  "cjv": 0.40429070763356045,
  "cnr": 3.3972362388680075,
  "efc": 0.6641107816478431,
  "fber": -1.0,
  "fwhm_avg": 4.45824,
  "fwhm_x": 4.54498,
  "fwhm_y": 4.28588,
  "fwhm_z": 4.54386,
  "icvs_csf": 0.19015108865122313,
  "icvs_gm": 0.4231501739332406,
  "icvs_wm": 0.38669873741553623,
  "inu_med": 0.31514205038547516,
  "inu_range": 0.11883742362260818,
  "provenance": {
    "md5sum": "46c2a5532cd4cb439b9e18d2e1761473",
    "settings": {
      "testing": false
    },
    "software": "mriqc",
    "version": "23.0.0",
    "warnings": {
      "large_rot_frame": true,
      "small_air_mask": false
    },
    "webapi_port": null,
    "webapi_url": "https://mriqc.nimh.nih.gov/api/v1"
  },
  "qi_1": 0.0,
  "qi_2": 0.0023343228978242162,
  "rpve_csf": 14.180063090413453,
  "rpve_gm": 6.675535646387283,
  "rpve_wm": 8.46091938383508,
  "size_x": 166,
  "size_y": 193,
  "size_z": 185,
  "snr_csf": 2.4441897626986133,
  "snr_gm": 14.505123325332514,
  "snr_total": 14.552369196652238,
  "snr_wm": 26.707794501925587,
  "snrd_csf": 47.99659229363204,
  "snrd_gm": 110.08850111542232,
  "snrd_total": 99.90171593506604,
  "snrd_wm": 141.62005439614376,
  "spacing_x": 1.0,
  "spacing_y": 1.0,
  "spacing_z": 1.0,
  "summary_bg_k": 17.474404581583304,
  "summary_bg_mad": 0.0,
  "summary_bg_mean": 1.8097733243951344,
  "summary_bg_median": 0.0,
  "summary_bg_n": 1070310.0,
  "summary_bg_p05": 0.0,
  "summary_bg_p95": 9.783751510083675,
  "summary_bg_stdv": 4.626014252967011,
  "summary_csf_k": 3.0519555372353757,
  "summary_csf_mad": 98.01320238201811,
  "summary_csf_mean": 329.08961125760044,
  "summary_csf_median": 338.91098104789853,
  "summary_csf_n": 31133.0,
  "summary_csf_p05": 61.21702463552356,
  "summary_csf_p95": 542.7238980196416,
  "summary_csf_stdv": 138.65762111526493,
  "summary_gm_k": -0.025329791035994198,
  "summary_gm_mad": 53.48023283500158,
  "summary_gm_mean": 775.0496253011472,
  "summary_gm_median": 777.3510604016483,
  "summary_gm_n": 28592.0,
  "summary_gm_p05": 683.8567994758487,
  "summary_gm_p95": 860.0557635873556,
  "summary_gm_stdv": 53.59054514684626,
  "summary_wm_k": 0.3549311129214723,
  "summary_wm_mad": 36.53465842593898,
  "summary_wm_mean": 1002.1914099381137,
  "summary_wm_median": 999.9999849535525,
  "summary_wm_n": 221145.0,
  "summary_wm_p05": 944.8177976980805,
  "summary_wm_p95": 1066.8860992491245,
  "summary_wm_stdv": 37.44216782553605,
  "tpm_overlap_csf": 0.16508171005670758,
  "tpm_overlap_gm": 0.47432521734878413,
  "tpm_overlap_wm": 0.5246679177117636,
  "wm2max": 0.4000914578379367
}