{
  "bids_meta": {
    "AcquisitionMatrixPE": 256,
    "AcquisitionNumber": 1,
    "AcquisitionTime": "12:56:38.800000",
    "BaseResolution": 256,
    "BodyPartExamined": "HEAD",
    "CoilString": "HC1-7;NC1_2",
    "ConsistencyInfo": "N4_VD13D_LATEST_20130810",
    "ConversionSoftware": "dcm2niix",
    "ConversionSoftwareVersion": "v1.0.20190902",
    "DeviceSerialNumber": "66014",
    "DwellTime": 1.03e-05,
    "EchoTime": 0.00234,
    "FlipAngle": 9,
    "ImageOrientationPatientDICOM": [
      0.0523357,
      0.99863,
      0.000174491,
      0.00174972,
      8.30316e-05,
      -0.999998
    ],
    "ImageType": [
      "ORIGINAL",
      "PRIMARY",
      "M",
      "NORM",
      "DIS2D"
    ],
    "ImagingFrequency": 123.26,
    "InPlanePhaseEncodingDirectionDICOM": "ROW",
    "InstitutionAddress": "Yiheyuan_Road_5_Beijing3cd14b_Haidian_CN_100871",
    "InstitutionName": "Peking_Univeristy",
    "InstitutionalDepartmentName": "Department",
    "InversionTime": 0.807,
    "MRAcquisitionType": "3D",
    "MagneticFieldStrength": 3,
    "Manufacturer": "Siemens",
    "ManufacturersModelName": "Prisma",
    "Modality": "MR",
    "ParallelReductionFactorInPlane": 2,
    "PartialFourier": 1,
    "PatientPosition": "HFS",
    "PercentPhaseFOV": 100,
    "PhaseEncodingSteps": 255,
    "PhaseResolution": 1,
    "PixelBandwidth": 190,
    "ProcedureStepDescription": "Research_Projects_64CH",
    "ProtocolName": "T1_mpr_ns_sag_ADNI_176mm",
    "PulseSequenceDetails": "%SiemensSeq%_tfl",
    "ReceiveCoilActiveElements": "HC1-7;NC1,2",
    "ReceiveCoilName": "HeadNeck_64",
    "ReconMatrixPE": 256,
    "RefLinesPE": 24,
    "RepetitionTime": 1.54,
    "SAR": 0.0740147,
    "ScanOptions": "IR",
    "ScanningSequence": "GR_IR",
    "SequenceName": "_tfl3d1_16ns",
    "SequenceVariant": "SK_SP_MP",
    "SeriesDescription": "T1_mpr_ns_sag_ADNI_176mm",
    "SeriesNumber": 3,
    "ShimSetting": [
      -3451,
      -2096,
      -2173,
      36,
      -6,
      -112,
      17,
      26
    ],
    "SliceThickness": 1,
    "SoftwareVersions": "syngo_MR_D13D",
    "StationName": "AWP66014",
    "TxRefAmp": 216.972,
    "dataset": "ds003988",
    "modality": "T1w",
    "subject_id": "10"
  },
  "cjv": 0.39457501239130294,
  "cnr": 3.4477754882947425,
  "efc": 0.6781802404340228,
  "fber": -1.0,
  "fwhm_avg": 4.458063333333334,
  "fwhm_x": 4.50663,
  "fwhm_y": 4.2439,
  "fwhm_z": 4.62366,
  "icvs_csf": 0.22770230104105763,
  "icvs_gm": 0.41059653133201507,
  "icvs_wm": 0.36170116762692733,
  "inu_med": 0.3892541825771332,
  "inu_range": 0.17903348058462143,
  "provenance": {
    "md5sum": "67dcd8f95b0441974b9fb02013e31333",
    "settings": {
      "testing": false
    },
    "software": "mriqc",
    "version": "23.0.0",
    "warnings": {
      "large_rot_frame": true,
      "small_air_mask": false
    },
    "webapi_port": null,
    "webapi_url": "https://mriqc.nimh.nih.gov/api/v1"
  },
  "qi_1": 1.766470998002352e-05,
  "qi_2": 0.013229874783827433,
  "rpve_csf": 13.257868667077638,
  "rpve_gm": 7.335485276592748,
  "rpve_wm": 9.551528445538368,
  "size_x": 176,
  "size_y": 194,
  "size_z": 200,
  "snr_csf": 3.254567557238236,
  "snr_gm": 16.847894881901613,
  "snr_total": 15.232045459229617,
  "snr_wm": 25.593673938549003,
  "snrd_csf": 43.5992822360816,
  "snrd_gm": 95.9134762885617,
  "snrd_total": 87.0296229192212,
  "snrd_wm": 121.57611023302027,
  "spacing_x": 1.0,
  "spacing_y": 1.0,
  "spacing_z": 1.0,
  "summary_bg_k": 14.253104694946728,
  "summary_bg_mad": 0.0,
  "summary_bg_mean": 2.1711512829108837,
  "summary_bg_median": 0.0,
  "summary_bg_n": 1141654.0,
  "summary_bg_p05": 0.0,
  "summary_bg_p95": 11.795210510492325,
  "summary_bg_stdv": 5.388967406441524,
  "summary_csf_k": 17.852485081627115,
  "summary_csf_mad": 80.42790872295897,
  "summary_csf_mean": 368.0644980051819,
  "summary_csf_median": 358.6354092285037,
  "summary_csf_n": 51657.0,
  "summary_csf_p05": 206.0094525367022,
  "summary_csf_p95": 553.5207580596207,
  "summary_csf_stdv": 110.19342250228462,
  "summary_gm_k": -0.0034289824249409406,
  "summary_gm_mad": 46.88487275134065,
  "summary_gm_mean": 788.4052066817824,
  "summary_gm_median": 788.9572271630168,
  "summary_gm_n": 27623.0,
  "summary_gm_p05": 710.1072617288679,
  "summary_gm_p95": 863.795804195106,
  "summary_gm_stdv": 46.82739011379668,
  "summary_wm_k": 0.7626358801183857,
  "summary_wm_mad": 36.40738511076774,
  "summary_wm_mean": 1002.5021961861573,
  "summary_wm_median": 1000.0508221611381,
  "summary_wm_n": 202331.0,
  "summary_wm_p05": 943.1592680178583,
  "summary_wm_p95": 1070.822085224092,
  "summary_wm_stdv": 39.07404436094039,
  "tpm_overlap_csf": 0.16921378113548735,
  "tpm_overlap_gm": 0.4547739376485372,
  "tpm_overlap_wm": 0.4973390893941946,
  "wm2max": 0.3746409734319032
}