{
  "bids_meta": {
    "AcquisitionMatrixPE": 256,
    "AcquisitionNumber": 1,
    "AcquisitionTime": "12:56:38.800000",
    "BaseResolution": 256,
    "BodyPartExamined": "HEAD",
    "CoilString": "HC1-7;NC1_2",
    "ConsistencyInfo": "N4_VD13D_LATEST_20130810",
    "ConversionSoftware": "dcm2niix",
    "ConversionSoftwareVersion": "v1.0.20190902",
    "DeviceSerialNumber": "66014",
    "DwellTime": 1.03e-05,
    "EchoTime": 0.00234,
    "FlipAngle": 9,
    "ImageOrientationPatientDICOM": [
      0.0523357,
      0.99863,
      0.000174491,
      0.00174972,
      8.30316e-05,
      -0.999998
    ],
    "ImageType": [
      "ORIGINAL",
      "PRIMARY",
      "M",
      "NORM",
      "DIS2D"
    ],
    "ImagingFrequency": 123.26,
    "InPlanePhaseEncodingDirectionDICOM": "ROW",
    "InstitutionAddress": "Yiheyuan_Road_5_Beijing3cd14b_Haidian_CN_100871",
    "InstitutionName": "Peking_Univeristy",
    "InstitutionalDepartmentName": "Department",
    "InversionTime": 0.807,
    "MRAcquisitionType": "3D",
    "MagneticFieldStrength": 3,
    "Manufacturer": "Siemens",
    "ManufacturersModelName": "Prisma",
    "Modality": "MR",
    "ParallelReductionFactorInPlane": 2,
    "PartialFourier": 1,
    "PatientPosition": "HFS",
    "PercentPhaseFOV": 100,
    "PhaseEncodingSteps": 255,
    "PhaseResolution": 1,
    "PixelBandwidth": 190,
    "ProcedureStepDescription": "Research_Projects_64CH",
    "ProtocolName": "T1_mpr_ns_sag_ADNI_176mm",
    "PulseSequenceDetails": "%SiemensSeq%_tfl",
    "ReceiveCoilActiveElements": "HC1-7;NC1,2",
    "ReceiveCoilName": "HeadNeck_64",
    "ReconMatrixPE": 256,
    "RefLinesPE": 24,
    "RepetitionTime": 1.54,
    "SAR": 0.0740147,
    "ScanOptions": "IR",
    "ScanningSequence": "GR_IR",
    "SequenceName": "_tfl3d1_16ns",
    "SequenceVariant": "SK_SP_MP",
    "SeriesDescription": "T1_mpr_ns_sag_ADNI_176mm",
    "SeriesNumber": 3,
    "ShimSetting": [
      -3451,
      -2096,
      -2173,
      36,
      -6,
      -112,
      17,
      26
    ],
    "SliceThickness": 1,
    "SoftwareVersions": "syngo_MR_D13D",
    "StationName": "AWP66014",
    "TxRefAmp": 216.972,
    "dataset": "ds003988",
    "modality": "T1w",
    "subject_id": "42"
  },
  "cjv": 0.3805118316348644,
  "cnr": 3.660309698907145,
  "efc": 0.682581141467003,
  "fber": -1.0,
  "fwhm_avg": 4.273686666666667,
  "fwhm_x": 4.36573,
  "fwhm_y": 4.10328,
  "fwhm_z": 4.35205,
  "icvs_csf": 0.20490310773249826,
  "icvs_gm": 0.4306076771510839,
  "icvs_wm": 0.36448921511641785,
  "inu_med": 0.3772445321083069,
  "inu_range": 0.14760301262140274,
  "provenance": {
    "md5sum": "0dbc4a027d237afc58072d7062e445c9",
    "settings": {
      "testing": false
    },
    "software": "mriqc",
    "version": "23.0.0",
    "warnings": {
      "large_rot_frame": true,
      "small_air_mask": false
    },
    "webapi_port": null,
    "webapi_url": "https://mriqc.nimh.nih.gov/api/v1"
  },
  "qi_1": 0.0,
  "qi_2": 0.006365108749346477,
  "rpve_csf": 12.895832837072362,
  "rpve_gm": 6.3293991581830324,
  "rpve_wm": 8.454696641318918,
  "size_x": 161,
  "size_y": 186,
  "size_z": 183,
  "snr_csf": 2.7648041732530624,
  "snr_gm": 16.2064980143776,
  "snr_total": 14.977077819150276,
  "snr_wm": 25.959931269820167,
  "snrd_csf": 59.528543622252805,
  "snrd_gm": 144.5009421147872,
  "snrd_total": 130.1695299106242,
  "snrd_wm": 186.47910399483257,
  "spacing_x": 1.0,
  "spacing_y": 1.0,
  "spacing_z": 1.0,
  "summary_bg_k": 16.78211018089145,
  "summary_bg_mad": 0.0,
  "summary_bg_mean": 1.3865529391524105,
  "summary_bg_median": 0.0,
  "summary_bg_n": 889345.0,
  "summary_bg_p05": 0.0,
  "summary_bg_p95": 8.3310816437006,
  "summary_bg_stdv": 3.513347528101039,
  "summary_csf_k": 6.384088439117539,
  "summary_csf_mad": 78.71692362337637,
  "summary_csf_mean": 327.7582018207167,
  "summary_csf_median": 319.23804201185703,
  "summary_csf_n": 39241.0,
  "summary_csf_p05": 120.4629372805357,
  "summary_csf_p95": 528.0554775893688,
  "summary_csf_stdv": 115.46350277349683,
  "summary_gm_k": -0.06128438178936202,
  "summary_gm_mad": 48.87259380179093,
  "summary_gm_mean": 773.7602862838405,
  "summary_gm_median": 774.925691485405,
  "summary_gm_n": 29369.0,
  "summary_gm_p05": 693.4792360216379,
  "summary_gm_p95": 850.0675446242093,
  "summary_gm_stdv": 47.8149257024174,
  "summary_wm_k": 0.5540183391114839,
  "summary_wm_mad": 36.78797702839727,
  "summary_wm_mean": 1002.3381884572631,
  "summary_wm_median": 1000.0450273603201,
  "summary_wm_n": 173011.0,
  "summary_wm_p05": 943.4837379306555,
  "summary_wm_p95": 1068.8102255761623,
  "summary_wm_stdv": 38.52252638276299,
  "tpm_overlap_csf": 0.17691531609855835,
  "tpm_overlap_gm": 0.4717519546439725,
  "tpm_overlap_wm": 0.4953218760821229,
  "wm2max": 0.4300108497041003
}