{
  "bids_meta": {
    "AcquisitionMatrixPE": 256,
    "AcquisitionNumber": 1,
    "AcquisitionTime": "12:56:38.800000",
    "BaseResolution": 256,
    "BodyPartExamined": "HEAD",
    "CoilString": "HC1-7;NC1_2",
    "ConsistencyInfo": "N4_VD13D_LATEST_20130810",
    "ConversionSoftware": "dcm2niix",
    "ConversionSoftwareVersion": "v1.0.20190902",
    "DeviceSerialNumber": "66014",
    "DwellTime": 1.03e-05,
    "EchoTime": 0.00234,
    "FlipAngle": 9,
    "ImageOrientationPatientDICOM": [
      0.0523357,
      0.99863,
      0.000174491,
      0.00174972,
      8.30316e-05,
      -0.999998
    ],
    "ImageType": [
      "ORIGINAL",
      "PRIMARY",
      "M",
      "NORM",
      "DIS2D"
    ],
    "ImagingFrequency": 123.26,
    "InPlanePhaseEncodingDirectionDICOM": "ROW",
    "InstitutionAddress": "Yiheyuan_Road_5_Beijing3cd14b_Haidian_CN_100871",
    "InstitutionName": "Peking_Univeristy",
    "InstitutionalDepartmentName": "Department",
    "InversionTime": 0.807,
    "MRAcquisitionType": "3D",
    "MagneticFieldStrength": 3,
    "Manufacturer": "Siemens",
    "ManufacturersModelName": "Prisma",
    "Modality": "MR",
    "ParallelReductionFactorInPlane": 2,
    "PartialFourier": 1,
    "PatientPosition": "HFS",
    "PercentPhaseFOV": 100,
    "PhaseEncodingSteps": 255,
    "PhaseResolution": 1,
    "PixelBandwidth": 190,
    "ProcedureStepDescription": "Research_Projects_64CH",
    "ProtocolName": "T1_mpr_ns_sag_ADNI_176mm",
    "PulseSequenceDetails": "%SiemensSeq%_tfl",
    "ReceiveCoilActiveElements": "HC1-7;NC1,2",
    "ReceiveCoilName": "HeadNeck_64",
    "ReconMatrixPE": 256,
    "RefLinesPE": 24,
    "RepetitionTime": 1.54,
    "SAR": 0.0740147,
    "ScanOptions": "IR",
    "ScanningSequence": "GR_IR",
    "SequenceName": "_tfl3d1_16ns",
    "SequenceVariant": "SK_SP_MP",
    "SeriesDescription": "T1_mpr_ns_sag_ADNI_176mm",
    "SeriesNumber": 3,
    "ShimSetting": [
      -3451,
      -2096,
      -2173,
      36,
      -6,
      -112,
      17,
      26
    ],
    "SliceThickness": 1,
    "SoftwareVersions": "syngo_MR_D13D",
    "StationName": "AWP66014",
    "TxRefAmp": 216.972,
    "dataset": "ds003988",
    "modality": "T1w",
    "subject_id": "19"
  },
  "cjv": 0.3685335192447098,
  "cnr": 3.702440408144184,
  "efc": 0.6870089915390588,
  "fber": -1.0,
  "fwhm_avg": 4.997283333333333,
  "fwhm_x": 5.12395,
  "fwhm_y": 4.82761,
  "fwhm_z": 5.04029,
  "icvs_csf": 0.1775182112001022,
  "icvs_gm": 0.4429688296582979,
  "icvs_wm": 0.3795129591415999,
  "inu_med": 0.3629617691040039,
  "inu_range": 0.22404123544692994,
  "provenance": {
    "md5sum": "4a1784068baf658623c0908b6f224af7",
    "settings": {
      "testing": false
    },
    "software": "mriqc",
    "version": "23.0.0",
    "warnings": {
      "large_rot_frame": true,
      "small_air_mask": false
    },
    "webapi_port": null,
    "webapi_url": "https://mriqc.nimh.nih.gov/api/v1"
  },
  "qi_1": 0.0,
  "qi_2": 0.0024330237341084063,
  "rpve_csf": 13.376861027784717,
  "rpve_gm": 5.767077205828953,
  "rpve_wm": 7.546122487794014,
  "size_x": 176,
  "size_y": 206,
  "size_z": 169,
  "snr_csf": 3.1458452047164127,
  "snr_gm": 16.30602544118654,
  "snr_total": 15.280411700104098,
  "snr_wm": 26.389364454409343,
  "snrd_csf": 41.258727165663544,
  "snrd_gm": 88.9132831671508,
  "snrd_total": 81.67672984271324,
  "snrd_wm": 114.8581791953254,
  "spacing_x": 1.0,
  "spacing_y": 1.0,
  "spacing_z": 1.0,
  "summary_bg_k": 23.689322228146338,
  "summary_bg_mad": 0.0,
  "summary_bg_mean": 1.8543978796225846,
  "summary_bg_median": 0.0,
  "summary_bg_n": 1268648.0,
  "summary_bg_p05": 0.0,
  "summary_bg_p95": 12.180016368627548,
  "summary_bg_stdv": 5.704166724983354,
  "summary_csf_k": 1.199579548121016,
  "summary_csf_mad": 89.33412826509891,
  "summary_csf_mean": 356.2664576909957,
  "summary_csf_median": 359.2330675162375,
  "summary_csf_n": 34164.0,
  "summary_csf_p05": 122.78849976025522,
  "summary_csf_p95": 541.6417151961475,
  "summary_csf_stdv": 114.19119079971613,
  "summary_gm_k": 0.01847720590535351,
  "summary_gm_mad": 47.899926590108706,
  "summary_gm_mean": 774.3055701165088,
  "summary_gm_median": 774.153582751751,
  "summary_gm_n": 55343.0,
  "summary_gm_p05": 696.9446654319763,
  "summary_gm_p95": 852.4979253262281,
  "summary_gm_stdv": 47.4761057727132,
  "summary_wm_k": 0.6469104620837673,
  "summary_wm_mad": 35.35106403295563,
  "summary_wm_mean": 1003.1263792155448,
  "summary_wm_median": 1000.0515981987119,
  "summary_wm_n": 243283.0,
  "summary_wm_p05": 946.3769497945905,
  "summary_wm_p95": 1070.5511844679713,
  "summary_wm_stdv": 37.89593131727796,
  "tpm_overlap_csf": 0.164347922439139,
  "tpm_overlap_gm": 0.4764645815742876,
  "tpm_overlap_wm": 0.5134401589925586,
  "wm2max": 0.368551451571458
}