{
  "bids_meta": {
    "AcquisitionMatrixPE": 256,
    "AcquisitionNumber": 1,
    "AcquisitionTime": "12:56:38.800000",
    "BaseResolution": 256,
    "BodyPartExamined": "HEAD",
    "CoilString": "HC1-7;NC1_2",
    "ConsistencyInfo": "N4_VD13D_LATEST_20130810",
    "ConversionSoftware": "dcm2niix",
    "ConversionSoftwareVersion": "v1.0.20190902",
    "DeviceSerialNumber": "66014",
    "DwellTime": 1.03e-05,
    "EchoTime": 0.00234,
    "FlipAngle": 9,
    "ImageOrientationPatientDICOM": [
      0.0523357,
      0.99863,
      0.000174491,
      0.00174972,
      8.30316e-05,
      -0.999998
    ],
    "ImageType": [
      "ORIGINAL",
      "PRIMARY",
      "M",
      "NORM",
      "DIS2D"
    ],
    "ImagingFrequency": 123.26,
    "InPlanePhaseEncodingDirectionDICOM": "ROW",
    "InstitutionAddress": "Yiheyuan_Road_5_Beijing3cd14b_Haidian_CN_100871",
    "InstitutionName": "Peking_Univeristy",
    "InstitutionalDepartmentName": "Department",
    "InversionTime": 0.807,
    "MRAcquisitionType": "3D",
    "MagneticFieldStrength": 3,
    "Manufacturer": "Siemens",
    "ManufacturersModelName": "Prisma",
    "Modality": "MR",
    "ParallelReductionFactorInPlane": 2,
    "PartialFourier": 1,
    "PatientPosition": "HFS",
    "PercentPhaseFOV": 100,
    "PhaseEncodingSteps": 255,
    "PhaseResolution": 1,
    "PixelBandwidth": 190,
    "ProcedureStepDescription": "Research_Projects_64CH",
    "ProtocolName": "T1_mpr_ns_sag_ADNI_176mm",
    "PulseSequenceDetails": "%SiemensSeq%_tfl",
    "ReceiveCoilActiveElements": "HC1-7;NC1,2",
    "ReceiveCoilName": "HeadNeck_64",
    "ReconMatrixPE": 256,
    "RefLinesPE": 24,
    "RepetitionTime": 1.54,
    "SAR": 0.0740147,
    "ScanOptions": "IR",
    "ScanningSequence": "GR_IR",
    "SequenceName": "_tfl3d1_16ns",
    "SequenceVariant": "SK_SP_MP",
    "SeriesDescription": "T1_mpr_ns_sag_ADNI_176mm",
    "SeriesNumber": 3,
    "ShimSetting": [
      -3451,
      -2096,
      -2173,
      36,
      -6,
      -112,
      17,
      26
    ],
    "SliceThickness": 1,
    "SoftwareVersions": "syngo_MR_D13D",
    "StationName": "AWP66014",
    "TxRefAmp": 216.972,
    "dataset": "ds003988",
    "modality": "T1w",
    "subject_id": "05"
  },
  "cjv": 0.39184019613408033,
  "cnr": 3.4978785880476257,
  "efc": 0.6473003434198379,
  "fber": -1.0,
  "fwhm_avg": 4.654533333333333,
  "fwhm_x": 4.65603,
  "fwhm_y": 4.56984,
  "fwhm_z": 4.73773,
  "icvs_csf": 0.21336091929783074,
  "icvs_gm": 0.41070242604805723,
  "icvs_wm": 0.375936654654112,
  "inu_med": 0.4212918132543564,
  "inu_range": 0.25330362319946287,
  "provenance": {
    "md5sum": "8d1367780036656bc24a09e3ea9e410c",
    "settings": {
      "testing": false
    },
    "software": "mriqc",
    "version": "23.0.0",
    "warnings": {
      "large_rot_frame": true,
      "small_air_mask": false
    },
    "webapi_port": null,
    "webapi_url": "https://mriqc.nimh.nih.gov/api/v1"
  },
  "qi_1": 4.928005185263761e-05,
  "qi_2": 0.005081270578751931,
  "rpve_csf": 13.945495176079259,
  "rpve_gm": 7.319208189339821,
  "rpve_wm": 9.369968795581707,
  "size_x": 166,
  "size_y": 190,
  "size_z": 200,
  "snr_csf": 3.2600249439779114,
  "snr_gm": 15.494172678372808,
  "snr_total": 14.728784738601943,
  "snr_wm": 25.432156593455108,
  "snrd_csf": 44.15722144132358,
  "snrd_gm": 101.84756722498052,
  "snrd_total": 92.38878891724318,
  "snrd_wm": 131.16157808542545,
  "spacing_x": 1.0,
  "spacing_y": 1.0,
  "spacing_z": 1.0,
  "summary_bg_k": 22.220492228071237,
  "summary_bg_mad": 0.0,
  "summary_bg_mean": 2.029233376213151,
  "summary_bg_median": 0.0,
  "summary_bg_n": 1046478.0,
  "summary_bg_p05": 0.0,
  "summary_bg_p95": 11.053645499050617,
  "summary_bg_stdv": 4.995133618394464,
  "summary_csf_k": 1.4654196828940957,
  "summary_csf_mad": 79.15932011219566,
  "summary_csf_mean": 343.3190436764249,
  "summary_csf_median": 336.679844558239,
  "summary_csf_n": 40656.0,
  "summary_csf_p05": 163.0032425140962,
  "summary_csf_p95": 524.236884471029,
  "summary_csf_stdv": 103.27396560641658,
  "summary_gm_k": -0.02671711494643736,
  "summary_gm_mad": 50.743153918074135,
  "summary_gm_mean": 772.6966979504144,
  "summary_gm_median": 776.5439487062395,
  "summary_gm_n": 21587.0,
  "summary_gm_p05": 686.3198349401355,
  "summary_gm_p95": 849.2394145410508,
  "summary_gm_stdv": 50.11729107694313,
  "summary_wm_k": 0.9197804494761384,
  "summary_wm_mad": 36.83577099237974,
  "summary_wm_mean": 1003.3829233440641,
  "summary_wm_median": 1000.0506888888776,
  "summary_wm_n": 187190.0,
  "summary_wm_p05": 945.4923285357654,
  "summary_wm_p95": 1072.4064325913787,
  "summary_wm_stdv": 39.32218701124302,
  "tpm_overlap_csf": 0.18655447653257576,
  "tpm_overlap_gm": 0.46001406619700974,
  "tpm_overlap_wm": 0.5053275599655449,
  "wm2max": 0.37866220522477695
}