{
  "bids_meta": {
    "AcquisitionMatrixPE": 256,
    "AcquisitionNumber": 1,
    "AcquisitionTime": "12:56:38.800000",
    "BaseResolution": 256,
    "BodyPartExamined": "HEAD",
    "CoilString": "HC1-7;NC1_2",
    "ConsistencyInfo": "N4_VD13D_LATEST_20130810",
    "ConversionSoftware": "dcm2niix",
    "ConversionSoftwareVersion": "v1.0.20190902",
    "DeviceSerialNumber": "66014",
    "DwellTime": 1.03e-05,
    "EchoTime": 0.00234,
    "FlipAngle": 9,
    "ImageOrientationPatientDICOM": [
      0.0523357,
      0.99863,
      0.000174491,
      0.00174972,
      8.30316e-05,
      -0.999998
    ],
    "ImageType": [
      "ORIGINAL",
      "PRIMARY",
      "M",
      "NORM",
      "DIS2D"
    ],
    "ImagingFrequency": 123.26,
    "InPlanePhaseEncodingDirectionDICOM": "ROW",
    "InstitutionAddress": "Yiheyuan_Road_5_Beijing3cd14b_Haidian_CN_100871",
    "InstitutionName": "Peking_Univeristy",
    "InstitutionalDepartmentName": "Department",
    "InversionTime": 0.807,
    "MRAcquisitionType": "3D",
    "MagneticFieldStrength": 3,
    "Manufacturer": "Siemens",
    "ManufacturersModelName": "Prisma",
    "Modality": "MR",
    "ParallelReductionFactorInPlane": 2,
    "PartialFourier": 1,
    "PatientPosition": "HFS",
    "PercentPhaseFOV": 100,
    "PhaseEncodingSteps": 255,
    "PhaseResolution": 1,
    "PixelBandwidth": 190,
    "ProcedureStepDescription": "Research_Projects_64CH",
    "ProtocolName": "T1_mpr_ns_sag_ADNI_176mm",
    "PulseSequenceDetails": "%SiemensSeq%_tfl",
    "ReceiveCoilActiveElements": "HC1-7;NC1,2",
    "ReceiveCoilName": "HeadNeck_64",
    "ReconMatrixPE": 256,
    "RefLinesPE": 24,
    "RepetitionTime": 1.54,
    "SAR": 0.0740147,
    "ScanOptions": "IR",
    "ScanningSequence": "GR_IR",
    "SequenceName": "_tfl3d1_16ns",
    "SequenceVariant": "SK_SP_MP",
    "SeriesDescription": "T1_mpr_ns_sag_ADNI_176mm",
    "SeriesNumber": 3,
    "ShimSetting": [
      -3451,
      -2096,
      -2173,
      36,
      -6,
      -112,
      17,
      26
    ],
    "SliceThickness": 1,
    "SoftwareVersions": "syngo_MR_D13D",
    "StationName": "AWP66014",
    "TxRefAmp": 216.972,
    "dataset": "ds003988",
    "modality": "T1w",
    "subject_id": "12"
  },
  "cjv": 0.3737486975602078,
  "cnr": 3.715769017750847,
  "efc": 0.6980352861679948,
  "fber": -1.0,
  "fwhm_avg": 4.447843333333334,
  "fwhm_x": 4.53433,
  "fwhm_y": 4.31735,
  "fwhm_z": 4.49185,
  "icvs_csf": 0.17250779083473258,
  "icvs_gm": 0.42560796902936676,
  "icvs_wm": 0.40188424013590063,
  "inu_med": 0.31359145045280457,
  "inu_range": 0.1432982236146927,
  "provenance": {
    "md5sum": "6d30e5c661c79e4a3af178db41e6eec3",
    "settings": {
      "testing": false
    },
    "software": "mriqc",
    "version": "23.0.0",
    "warnings": {
      "large_rot_frame": true,
      "small_air_mask": false
    },
    "webapi_port": null,
    "webapi_url": "https://mriqc.nimh.nih.gov/api/v1"
  },
  "qi_1": 5.566609251068391e-06,
  "qi_2": 0.00829460124630504,
  "rpve_csf": 13.854817113073828,
  "rpve_gm": 6.087583683209958,
  "rpve_wm": 7.554294576119513,
  "size_x": 175,
  "size_y": 192,
  "size_z": 180,
  "snr_csf": 2.1012049314866754,
  "snr_gm": 14.147482099104305,
  "snr_total": 14.940595918045736,
  "snr_wm": 28.57310072354622,
  "snrd_csf": 52.0544580223648,
  "snrd_gm": 123.81856967810903,
  "snrd_total": 112.8548133045519,
  "snrd_wm": 162.69141221318185,
  "spacing_x": 1.0,
  "spacing_y": 1.0,
  "spacing_z": 1.0,
  "summary_bg_k": 67.4761247302553,
  "summary_bg_mad": 0.0,
  "summary_bg_mean": 1.449662552217694,
  "summary_bg_median": 0.0,
  "summary_bg_n": 1097700.0,
  "summary_bg_p05": 0.0,
  "summary_bg_p95": 8.942757371813059,
  "summary_bg_stdv": 4.027230925507275,
  "summary_csf_k": 8.409176808782965,
  "summary_csf_mad": 116.8367823928771,
  "summary_csf_mean": 317.9403390393095,
  "summary_csf_median": 319.98729296401143,
  "summary_csf_n": 30905.0,
  "summary_csf_p05": 72.09587440565228,
  "summary_csf_p95": 547.6235930487513,
  "summary_csf_stdv": 152.28505852854465,
  "summary_gm_k": -0.1957280091866016,
  "summary_gm_mad": 56.33202008228003,
  "summary_gm_mean": 760.7768723626489,
  "summary_gm_median": 761.1330601684749,
  "summary_gm_n": 46568.0,
  "summary_gm_p05": 672.976538259536,
  "summary_gm_p95": 847.9277408532798,
  "summary_gm_stdv": 53.7993179646568,
  "summary_wm_k": 0.5140736034467595,
  "summary_wm_mad": 32.978124062505636,
  "summary_wm_mean": 1002.211575320788,
  "summary_wm_median": 1000.0908002965152,
  "summary_wm_n": 262660.0,
  "summary_wm_p05": 948.6585967317224,
  "summary_wm_p95": 1063.4164172187448,
  "summary_wm_stdv": 35.00106292965603,
  "tpm_overlap_csf": 0.17044214415736517,
  "tpm_overlap_gm": 0.45811229645394697,
  "tpm_overlap_wm": 0.5130406838418943,
  "wm2max": 0.4579297443358969
}