{
  "bids_meta": {
    "AcquisitionMatrixPE": 256,
    "AcquisitionNumber": 1,
    "AcquisitionTime": "12:56:38.800000",
    "BaseResolution": 256,
    "BodyPartExamined": "HEAD",
    "CoilString": "HC1-7;NC1_2",
    "ConsistencyInfo": "N4_VD13D_LATEST_20130810",
    "ConversionSoftware": "dcm2niix",
    "ConversionSoftwareVersion": "v1.0.20190902",
    "DeviceSerialNumber": "66014",
    "DwellTime": 1.03e-05,
    "EchoTime": 0.00234,
    "FlipAngle": 9,
    "ImageOrientationPatientDICOM": [
      0.0523357,
      0.99863,
      0.000174491,
      0.00174972,
      8.30316e-05,
      -0.999998
    ],
    "ImageType": [
      "ORIGINAL",
      "PRIMARY",
      "M",
      "NORM",
      "DIS2D"
    ],
    "ImagingFrequency": 123.26,
    "InPlanePhaseEncodingDirectionDICOM": "ROW",
    "InstitutionAddress": "Yiheyuan_Road_5_Beijing3cd14b_Haidian_CN_100871",
    "InstitutionName": "Peking_Univeristy",
    "InstitutionalDepartmentName": "Department",
    "InversionTime": 0.807,
    "MRAcquisitionType": "3D",
    "MagneticFieldStrength": 3,
    "Manufacturer": "Siemens",
    "ManufacturersModelName": "Prisma",
    "Modality": "MR",
    "ParallelReductionFactorInPlane": 2,
    "PartialFourier": 1,
    "PatientPosition": "HFS",
    "PercentPhaseFOV": 100,
    "PhaseEncodingSteps": 255,
    "PhaseResolution": 1,
    "PixelBandwidth": 190,
    "ProcedureStepDescription": "Research_Projects_64CH",
    "ProtocolName": "T1_mpr_ns_sag_ADNI_176mm",
    "PulseSequenceDetails": "%SiemensSeq%_tfl",
    "ReceiveCoilActiveElements": "HC1-7;NC1,2",
    "ReceiveCoilName": "HeadNeck_64",
    "ReconMatrixPE": 256,
    "RefLinesPE": 24,
    "RepetitionTime": 1.54,
    "SAR": 0.0740147,
    "ScanOptions": "IR",
    "ScanningSequence": "GR_IR",
    "SequenceName": "_tfl3d1_16ns",
    "SequenceVariant": "SK_SP_MP",
    "SeriesDescription": "T1_mpr_ns_sag_ADNI_176mm",
    "SeriesNumber": 3,
    "ShimSetting": [
      -3451,
      -2096,
      -2173,
      36,
      -6,
      -112,
      17,
      26
    ],
    "SliceThickness": 1,
    "SoftwareVersions": "syngo_MR_D13D",
    "StationName": "AWP66014",
    "TxRefAmp": 216.972,
    "dataset": "ds003988",
    "modality": "T1w",
    "subject_id": "21"
  },
  "cjv": 0.37250690131067293,
  "cnr": 3.7308547049979603,
  "efc": 0.6832339827309952,
  "fber": -1.0,
  "fwhm_avg": 4.711643333333334,
  "fwhm_x": 4.82861,
  "fwhm_y": 4.52013,
  "fwhm_z": 4.78619,
  "icvs_csf": 0.19781087650842272,
  "icvs_gm": 0.4209243705355258,
  "icvs_wm": 0.3812647529560515,
  "inu_med": 0.33872708678245544,
  "inu_range": 0.17735394835472107,
  "provenance": {
    "md5sum": "0b05a69f6464867356cb896d10944450",
    "settings": {
      "testing": false
    },
    "software": "mriqc",
    "version": "23.0.0",
    "warnings": {
      "large_rot_frame": true,
      "small_air_mask": false
    },
    "webapi_port": null,
    "webapi_url": "https://mriqc.nimh.nih.gov/api/v1"
  },
  "qi_1": 0.0,
  "qi_2": 0.006066300836657036,
  "rpve_csf": 12.624686381570108,
  "rpve_gm": 6.097410611579755,
  "rpve_wm": 7.780197659604017,
  "size_x": 172,
  "size_y": 179,
  "size_z": 170,
  "snr_csf": 2.804991468734989,
  "snr_gm": 16.22652937792984,
  "snr_total": 15.824260570322712,
  "snr_wm": 28.441260864303306,
  "snrd_csf": 50.34334761477127,
  "snrd_gm": 108.83362488613346,
  "snrd_total": 99.71434769742946,
  "snrd_wm": 139.96607059138367,
  "spacing_x": 1.0,
  "spacing_y": 1.0,
  "spacing_z": 1.0,
  "summary_bg_k": 18.324377960547523,
  "summary_bg_mad": 0.0,
  "summary_bg_mean": 1.8030964786214858,
  "summary_bg_median": 0.0,
  "summary_bg_n": 920733.0,
  "summary_bg_p05": 0.0,
  "summary_bg_p95": 10.25855254009366,
  "summary_bg_stdv": 4.680897306596293,
  "summary_csf_k": 0.16815035369501175,
  "summary_csf_mad": 115.27450617173555,
  "summary_csf_mean": 363.48325347665934,
  "summary_csf_median": 359.6992019601166,
  "summary_csf_n": 39727.0,
  "summary_csf_p05": 117.25386296957731,
  "summary_csf_p95": 561.3888435289264,
  "summary_csf_stdv": 128.23378566498985,
  "summary_gm_k": -0.051830350038839956,
  "summary_gm_mad": 48.793805895976426,
  "summary_gm_mean": 776.2876198629689,
  "summary_gm_median": 777.6075662970543,
  "summary_gm_n": 36999.0,
  "summary_gm_p05": 695.8640775047243,
  "summary_gm_p95": 852.8106476102024,
  "summary_gm_stdv": 47.92134162646702,
  "summary_wm_k": 0.39758059415481073,
  "summary_wm_mad": 34.06619734627409,
  "summary_wm_mean": 1002.3162524299983,
  "summary_wm_median": 1000.0464068949223,
  "summary_wm_n": 209607.0,
  "summary_wm_p05": 949.0785757228732,
  "summary_wm_p95": 1063.6401488855481,
  "summary_wm_stdv": 35.16173302358818,
  "tpm_overlap_csf": 0.17824548207286728,
  "tpm_overlap_gm": 0.48189547364360474,
  "tpm_overlap_wm": 0.5164984015322381,
  "wm2max": 0.3972487573322562
}