{
  "bids_meta": {
    "AcquisitionMatrixPE": 256,
    "AcquisitionNumber": 1,
    "AcquisitionTime": "12:56:38.800000",
    "BaseResolution": 256,
    "BodyPartExamined": "HEAD",
    "CoilString": "HC1-7;NC1_2",
    "ConsistencyInfo": "N4_VD13D_LATEST_20130810",
    "ConversionSoftware": "dcm2niix",
    "ConversionSoftwareVersion": "v1.0.20190902",
    "DeviceSerialNumber": "66014",
    "DwellTime": 1.03e-05,
    "EchoTime": 0.00234,
    "FlipAngle": 9,
    "ImageOrientationPatientDICOM": [
      0.0523357,
      0.99863,
      0.000174491,
      0.00174972,
      8.30316e-05,
      -0.999998
    ],
    "ImageType": [
      "ORIGINAL",
      "PRIMARY",
      "M",
      "NORM",
      "DIS2D"
    ],
    "ImagingFrequency": 123.26,
    "InPlanePhaseEncodingDirectionDICOM": "ROW",
    "InstitutionAddress": "Yiheyuan_Road_5_Beijing3cd14b_Haidian_CN_100871",
    "InstitutionName": "Peking_Univeristy",
    "InstitutionalDepartmentName": "Department",
    "InversionTime": 0.807,
    "MRAcquisitionType": "3D",
    "MagneticFieldStrength": 3,
    "Manufacturer": "Siemens",
    "ManufacturersModelName": "Prisma",
    "Modality": "MR",
    "ParallelReductionFactorInPlane": 2,
    "PartialFourier": 1,
    "PatientPosition": "HFS",
    "PercentPhaseFOV": 100,
    "PhaseEncodingSteps": 255,
    "PhaseResolution": 1,
    "PixelBandwidth": 190,
    "ProcedureStepDescription": "Research_Projects_64CH",
    "ProtocolName": "T1_mpr_ns_sag_ADNI_176mm",
    "PulseSequenceDetails": "%SiemensSeq%_tfl",
    "ReceiveCoilActiveElements": "HC1-7;NC1,2",
    "ReceiveCoilName": "HeadNeck_64",
    "ReconMatrixPE": 256,
    "RefLinesPE": 24,
    "RepetitionTime": 1.54,
    "SAR": 0.0740147,
    "ScanOptions": "IR",
    "ScanningSequence": "GR_IR",
    "SequenceName": "_tfl3d1_16ns",
    "SequenceVariant": "SK_SP_MP",
    "SeriesDescription": "T1_mpr_ns_sag_ADNI_176mm",
    "SeriesNumber": 3,
    "ShimSetting": [
      -3451,
      -2096,
      -2173,
      36,
      -6,
      -112,
      17,
      26
    ],
    "SliceThickness": 1,
    "SoftwareVersions": "syngo_MR_D13D",
    "StationName": "AWP66014",
    "TxRefAmp": 216.972,
    "dataset": "ds003988",
    "modality": "T1w",
    "subject_id": "23"
  },
  "cjv": 0.41929617100244126,
  "cnr": 3.298417099524705,
  "efc": 0.6824924188320832,
  "fber": -1.0,
  "fwhm_avg": 4.7961,
  "fwhm_x": 4.76188,
  "fwhm_y": 4.78866,
  "fwhm_z": 4.83776,
  "icvs_csf": 0.19596922341485976,
  "icvs_gm": 0.4097951701608116,
  "icvs_wm": 0.3942356064243287,
  "inu_med": 0.44041912257671356,
  "inu_range": 0.29881739318370815,
  "provenance": {
    "md5sum": "0f57deda9a6ea21e8ad0171a21f80d09",
    "settings": {
      "testing": false
    },
    "software": "mriqc",
    "version": "23.0.0",
    "warnings": {
      "large_rot_frame": true,
      "small_air_mask": false
    },
    "webapi_port": null,
    "webapi_url": "https://mriqc.nimh.nih.gov/api/v1"
  },
  "qi_1": 0.0003373706806055297,
  "qi_2": 0.003590957179660375,
  "rpve_csf": 15.881242652028313,
  "rpve_gm": 7.80436177244742,
  "rpve_wm": 9.436454397050467,
  "size_x": 175,
  "size_y": 211,
  "size_z": 200,
  "snr_csf": 3.3094592578087374,
  "snr_gm": 15.84280132244485,
  "snr_total": 14.394303796317551,
  "snr_wm": 24.030650808699068,
  "snrd_csf": 33.70273661270521,
  "snrd_gm": 70.35581766948167,
  "snrd_total": 64.55410199751408,
  "snrd_wm": 89.6037517103554,
  "spacing_x": 1.0,
  "spacing_y": 1.0,
  "spacing_z": 1.0,
  "summary_bg_k": 28.675297325795086,
  "summary_bg_mad": 0.0,
  "summary_bg_mean": 2.793834552762776,
  "summary_bg_median": 0.0,
  "summary_bg_n": 1209639.0,
  "summary_bg_p05": 0.0,
  "summary_bg_p95": 14.62311277538538,
  "summary_bg_stdv": 7.3118685464842565,
  "summary_csf_k": 14.490918613037117,
  "summary_csf_mad": 94.63667206173764,
  "summary_csf_mean": 384.42804286833905,
  "summary_csf_median": 376.1506455279887,
  "summary_csf_n": 38888.0,
  "summary_csf_p05": 229.2357031479478,
  "summary_csf_p95": 567.6713419854641,
  "summary_csf_stdv": 113.65778511285279,
  "summary_gm_k": -0.06571550481192556,
  "summary_gm_mad": 50.69125409157764,
  "summary_gm_mean": 785.7806799485492,
  "summary_gm_median": 785.2295953631401,
  "summary_gm_n": 26660.0,
  "summary_gm_p05": 705.3784574182704,
  "summary_gm_p95": 867.2347493804991,
  "summary_gm_stdv": 49.56288048477962,
  "summary_wm_k": 0.6538744068286002,
  "summary_wm_mad": 39.38320510191801,
  "summary_wm_mean": 1004.0269199597814,
  "summary_wm_median": 1000.0525902360678,
  "summary_wm_n": 219289.0,
  "summary_wm_p05": 943.190774012357,
  "summary_wm_p95": 1078.901676747948,
  "summary_wm_stdv": 41.6156149069176,
  "tpm_overlap_csf": 0.18292976537990693,
  "tpm_overlap_gm": 0.4580311155989197,
  "tpm_overlap_wm": 0.5137034575083369,
  "wm2max": 0.3754640966901019
}