{
  "bids_meta": {
    "AcquisitionMatrixPE": 256,
    "AcquisitionNumber": 1,
    "AcquisitionTime": "12:56:38.800000",
    "BaseResolution": 256,
    "BodyPartExamined": "HEAD",
    "CoilString": "HC1-7;NC1_2",
    "ConsistencyInfo": "N4_VD13D_LATEST_20130810",
    "ConversionSoftware": "dcm2niix",
    "ConversionSoftwareVersion": "v1.0.20190902",
    "DeviceSerialNumber": "66014",
    "DwellTime": 1.03e-05,
    "EchoTime": 0.00234,
    "FlipAngle": 9,
    "ImageOrientationPatientDICOM": [
      0.0523357,
      0.99863,
      0.000174491,
      0.00174972,
      8.30316e-05,
      -0.999998
    ],
    "ImageType": [
      "ORIGINAL",
      "PRIMARY",
      "M",
      "NORM",
      "DIS2D"
    ],
    "ImagingFrequency": 123.26,
    "InPlanePhaseEncodingDirectionDICOM": "ROW",
    "InstitutionAddress": "Yiheyuan_Road_5_Beijing3cd14b_Haidian_CN_100871",
    "InstitutionName": "Peking_Univeristy",
    "InstitutionalDepartmentName": "Department",
    "InversionTime": 0.807,
    "MRAcquisitionType": "3D",
    "MagneticFieldStrength": 3,
    "Manufacturer": "Siemens",
    "ManufacturersModelName": "Prisma",
    "Modality": "MR",
    "ParallelReductionFactorInPlane": 2,
    "PartialFourier": 1,
    "PatientPosition": "HFS",
    "PercentPhaseFOV": 100,
    "PhaseEncodingSteps": 255,
    "PhaseResolution": 1,
    "PixelBandwidth": 190,
    "ProcedureStepDescription": "Research_Projects_64CH",
    "ProtocolName": "T1_mpr_ns_sag_ADNI_176mm",
    "PulseSequenceDetails": "%SiemensSeq%_tfl",
    "ReceiveCoilActiveElements": "HC1-7;NC1,2",
    "ReceiveCoilName": "HeadNeck_64",
    "ReconMatrixPE": 256,
    "RefLinesPE": 24,
    "RepetitionTime": 1.54,
    "SAR": 0.0740147,
    "ScanOptions": "IR",
    "ScanningSequence": "GR_IR",
    "SequenceName": "_tfl3d1_16ns",
    "SequenceVariant": "SK_SP_MP",
    "SeriesDescription": "T1_mpr_ns_sag_ADNI_176mm",
    "SeriesNumber": 3,
    "ShimSetting": [
      -3451,
      -2096,
      -2173,
      36,
      -6,
      -112,
      17,
      26
    ],
    "SliceThickness": 1,
    "SoftwareVersions": "syngo_MR_D13D",
    "StationName": "AWP66014",
    "TxRefAmp": 216.972,
    "dataset": "ds003988",
    "modality": "T1w",
    "subject_id": "51"
  },
  "cjv": 0.37351005611194604,
  "cnr": 3.6801783408533613,
  "efc": 0.689618505048239,
  "fber": -1.0,
  "fwhm_avg": 4.46396,
  "fwhm_x": 4.45144,
  "fwhm_y": 4.37407,
  "fwhm_z": 4.56637,
  "icvs_csf": 0.16567920866738908,
  "icvs_gm": 0.4513389734351895,
  "icvs_wm": 0.38298181789742136,
  "inu_med": 0.33967462182044983,
  "inu_range": 0.1610769569873809,
  "provenance": {
    "md5sum": "0438472e9a053a2b2a613f19ba3986b9",
    "settings": {
      "testing": false
    },
    "software": "mriqc",
    "version": "23.0.0",
    "warnings": {
      "large_rot_frame": true,
      "small_air_mask": false
    },
    "webapi_port": null,
    "webapi_url": "https://mriqc.nimh.nih.gov/api/v1"
  },
  "qi_1": 2.631536331395443e-05,
  "qi_2": 0.005924826681156536,
  "rpve_csf": 12.637284670927693,
  "rpve_gm": 5.05803872382961,
  "rpve_wm": 6.602756228671149,
  "size_x": 160,
  "size_y": 185,
  "size_z": 167,
  "snr_csf": 2.975519865292024,
  "snr_gm": 17.640435665795046,
  "snr_total": 15.44278999016602,
  "snr_wm": 25.71241443941099,
  "snrd_csf": 45.392463805278595,
  "snrd_gm": 107.15780160833494,
  "snrd_total": 96.51371394796028,
  "snrd_wm": 136.9908764302673,
  "spacing_x": 1.0,
  "spacing_y": 1.0,
  "spacing_z": 1.0,
  "summary_bg_k": 198.92670709868682,
  "summary_bg_mad": 0.0,
  "summary_bg_mean": 1.375331055452721,
  "summary_bg_median": 0.0,
  "summary_bg_n": 845770.0,
  "summary_bg_p05": 0.0,
  "summary_bg_p95": 9.038238823413849,
  "summary_bg_stdv": 4.782613140210152,
  "summary_csf_k": 14.540844945006835,
  "summary_csf_mad": 76.92180211339587,
  "summary_csf_mean": 344.67198714622276,
  "summary_csf_median": 331.3731214776635,
  "summary_csf_n": 32068.0,
  "summary_csf_p05": 174.44959677755833,
  "summary_csf_p95": 543.2387094870207,
  "summary_csf_stdv": 111.36472606918099,
  "summary_gm_k": -0.009388182415908997,
  "summary_gm_mad": 45.01063574251193,
  "summary_gm_mean": 782.4178812503399,
  "summary_gm_median": 782.2711576521397,
  "summary_gm_n": 46226.0,
  "summary_gm_p05": 709.4438102096319,
  "summary_gm_p95": 854.5046464540064,
  "summary_gm_stdv": 44.344862624166126,
  "summary_wm_k": 0.6069919504749928,
  "summary_wm_mad": 36.33492160130257,
  "summary_wm_mean": 1003.4997171472528,
  "summary_wm_median": 1000.0579508394003,
  "summary_wm_n": 212949.0,
  "summary_wm_p05": 945.8864553272724,
  "summary_wm_p95": 1073.3487977087498,
  "summary_wm_stdv": 38.893881594709256,
  "tpm_overlap_csf": 0.16975444282734303,
  "tpm_overlap_gm": 0.4723391859704412,
  "tpm_overlap_wm": 0.49435560338416695,
  "wm2max": 0.36502786475235804
}