{
  "bids_meta": {
    "AcquisitionMatrixPE": 256,
    "AcquisitionNumber": 1,
    "AcquisitionTime": "12:56:38.800000",
    "BaseResolution": 256,
    "BodyPartExamined": "HEAD",
    "CoilString": "HC1-7;NC1_2",
    "ConsistencyInfo": "N4_VD13D_LATEST_20130810",
    "ConversionSoftware": "dcm2niix",
    "ConversionSoftwareVersion": "v1.0.20190902",
    "DeviceSerialNumber": "66014",
    "DwellTime": 1.03e-05,
    "EchoTime": 0.00234,
    "FlipAngle": 9,
    "ImageOrientationPatientDICOM": [
      0.0523357,
      0.99863,
      0.000174491,
      0.00174972,
      8.30316e-05,
      -0.999998
    ],
    "ImageType": [
      "ORIGINAL",
      "PRIMARY",
      "M",
      "NORM",
      "DIS2D"
    ],
    "ImagingFrequency": 123.26,
    "InPlanePhaseEncodingDirectionDICOM": "ROW",
    "InstitutionAddress": "Yiheyuan_Road_5_Beijing3cd14b_Haidian_CN_100871",
    "InstitutionName": "Peking_Univeristy",
    "InstitutionalDepartmentName": "Department",
    "InversionTime": 0.807,
    "MRAcquisitionType": "3D",
    "MagneticFieldStrength": 3,
    "Manufacturer": "Siemens",
    "ManufacturersModelName": "Prisma",
    "Modality": "MR",
    "ParallelReductionFactorInPlane": 2,
    "PartialFourier": 1,
    "PatientPosition": "HFS",
    "PercentPhaseFOV": 100,
    "PhaseEncodingSteps": 255,
    "PhaseResolution": 1,
    "PixelBandwidth": 190,
    "ProcedureStepDescription": "Research_Projects_64CH",
    "ProtocolName": "T1_mpr_ns_sag_ADNI_176mm",
    "PulseSequenceDetails": "%SiemensSeq%_tfl",
    "ReceiveCoilActiveElements": "HC1-7;NC1,2",
    "ReceiveCoilName": "HeadNeck_64",
    "ReconMatrixPE": 256,
    "RefLinesPE": 24,
    "RepetitionTime": 1.54,
    "SAR": 0.0740147,
    "ScanOptions": "IR",
    "ScanningSequence": "GR_IR",
    "SequenceName": "_tfl3d1_16ns",
    "SequenceVariant": "SK_SP_MP",
    "SeriesDescription": "T1_mpr_ns_sag_ADNI_176mm",
    "SeriesNumber": 3,
    "ShimSetting": [
      -3451,
      -2096,
      -2173,
      36,
      -6,
      -112,
      17,
      26
    ],
    "SliceThickness": 1,
    "SoftwareVersions": "syngo_MR_D13D",
    "StationName": "AWP66014",
    "TxRefAmp": 216.972,
    "dataset": "ds003988",
    "modality": "T1w",
    "subject_id": "56"
  },
  "cjv": 0.3920077427182563,
  "cnr": 3.5507542068034543,
  "efc": 0.692645465889399,
  "fber": -1.0,
  "fwhm_avg": 4.239603333333334,
  "fwhm_x": 4.28041,
  "fwhm_y": 4.08924,
  "fwhm_z": 4.34916,
  "icvs_csf": 0.14266057136585714,
  "icvs_gm": 0.4646477520850204,
  "icvs_wm": 0.39269167654912246,
  "inu_med": 0.34068942070007324,
  "inu_range": 0.14815008640289307,
  "provenance": {
    "md5sum": "aed75fec80ea42a381a5bc1e07b7734e",
    "settings": {
      "testing": false
    },
    "software": "mriqc",
    "version": "23.0.0",
    "warnings": {
      "large_rot_frame": true,
      "small_air_mask": false
    },
    "webapi_port": null,
    "webapi_url": "https://mriqc.nimh.nih.gov/api/v1"
  },
  "qi_1": 0.0,
  "qi_2": 0.005709988331253616,
  "rpve_csf": 16.13491389951858,
  "rpve_gm": 5.628812425333788,
  "rpve_wm": 7.3432294175054835,
  "size_x": 158,
  "size_y": 179,
  "size_z": 187,
  "snr_csf": 2.362858498552754,
  "snr_gm": 17.36741172226794,
  "snr_total": 14.811980734079901,
  "snr_wm": 24.705671981419012,
  "snrd_csf": 57.270190577669105,
  "snrd_gm": 128.94139201380355,
  "snrd_total": 116.8773511486839,
  "snrd_wm": 164.42047085457907,
  "spacing_x": 1.0,
  "spacing_y": 1.0,
  "spacing_z": 1.0,
  "summary_bg_k": 12.524757664055175,
  "summary_bg_mad": 0.0,
  "summary_bg_mean": 1.9602889034755466,
  "summary_bg_median": 0.0,
  "summary_bg_n": 772063.0,
  "summary_bg_p05": 0.0,
  "summary_bg_p95": 8.82426643371582,
  "summary_bg_stdv": 3.984718091885157,
  "summary_csf_k": 0.4831333608760757,
  "summary_csf_mad": 109.12308763207622,
  "summary_csf_mean": 328.97523107469254,
  "summary_csf_median": 348.3329036831856,
  "summary_csf_n": 18132.0,
  "summary_csf_p05": 62.95061205029488,
  "summary_csf_p95": 562.1910062193871,
  "summary_csf_stdv": 147.41606333609968,
  "summary_gm_k": -0.040868105892119644,
  "summary_gm_mad": 45.8644039979503,
  "summary_gm_mean": 782.5879328538807,
  "summary_gm_median": 784.2566792964935,
  "summary_gm_n": 45552.0,
  "summary_gm_p05": 706.1920040845871,
  "summary_gm_p95": 853.647501707077,
  "summary_gm_stdv": 45.15630097469144,
  "summary_wm_k": 0.5012401768089272,
  "summary_wm_mad": 38.7282892754167,
  "summary_wm_mean": 1003.5825629874344,
  "summary_wm_median": 1000.0501039028168,
  "summary_wm_n": 197057.0,
  "summary_wm_p05": 943.4945781230927,
  "summary_wm_p95": 1075.1065064668655,
  "summary_wm_stdv": 40.47846045991722,
  "tpm_overlap_csf": 0.1567827062373578,
  "tpm_overlap_gm": 0.4691942768932552,
  "tpm_overlap_wm": 0.4938045780261286,
  "wm2max": 0.4179448495515883
}