{
  "bids_meta": {
    "AcquisitionMatrixPE": 256,
    "AcquisitionNumber": 1,
    "AcquisitionTime": "12:56:38.800000",
    "BaseResolution": 256,
    "BodyPartExamined": "HEAD",
    "CoilString": "HC1-7;NC1_2",
    "ConsistencyInfo": "N4_VD13D_LATEST_20130810",
    "ConversionSoftware": "dcm2niix",
    "ConversionSoftwareVersion": "v1.0.20190902",
    "DeviceSerialNumber": "66014",
    "DwellTime": 1.03e-05,
    "EchoTime": 0.00234,
    "FlipAngle": 9,
    "ImageOrientationPatientDICOM": [
      0.0523357,
      0.99863,
      0.000174491,
      0.00174972,
      8.30316e-05,
      -0.999998
    ],
    "ImageType": [
      "ORIGINAL",
      "PRIMARY",
      "M",
      "NORM",
      "DIS2D"
    ],
    "ImagingFrequency": 123.26,
    "InPlanePhaseEncodingDirectionDICOM": "ROW",
    "InstitutionAddress": "Yiheyuan_Road_5_Beijing3cd14b_Haidian_CN_100871",
    "InstitutionName": "Peking_Univeristy",
    "InstitutionalDepartmentName": "Department",
    "InversionTime": 0.807,
    "MRAcquisitionType": "3D",
    "MagneticFieldStrength": 3,
    "Manufacturer": "Siemens",
    "ManufacturersModelName": "Prisma",
    "Modality": "MR",
    "ParallelReductionFactorInPlane": 2,
    "PartialFourier": 1,
    "PatientPosition": "HFS",
    "PercentPhaseFOV": 100,
    "PhaseEncodingSteps": 255,
    "PhaseResolution": 1,
    "PixelBandwidth": 190,
    "ProcedureStepDescription": "Research_Projects_64CH",
    "ProtocolName": "T1_mpr_ns_sag_ADNI_176mm",
    "PulseSequenceDetails": "%SiemensSeq%_tfl",
    "ReceiveCoilActiveElements": "HC1-7;NC1,2",
    "ReceiveCoilName": "HeadNeck_64",
    "ReconMatrixPE": 256,
    "RefLinesPE": 24,
    "RepetitionTime": 1.54,
    "SAR": 0.0740147,
    "ScanOptions": "IR",
    "ScanningSequence": "GR_IR",
    "SequenceName": "_tfl3d1_16ns",
    "SequenceVariant": "SK_SP_MP",
    "SeriesDescription": "T1_mpr_ns_sag_ADNI_176mm",
    "SeriesNumber": 3,
    "ShimSetting": [
      -3451,
      -2096,
      -2173,
      36,
      -6,
      -112,
      17,
      26
    ],
    "SliceThickness": 1,
    "SoftwareVersions": "syngo_MR_D13D",
    "StationName": "AWP66014",
    "TxRefAmp": 216.972,
    "dataset": "ds003988",
    "modality": "T1w",
    "subject_id": "54"
  },
  "cjv": 0.3780554876102189,
  "cnr": 3.6133812329210815,
  "efc": 0.6791361481170586,
  "fber": 34840.67350270381,
  "fwhm_avg": 4.263583333333333,
  "fwhm_x": 4.23025,
  "fwhm_y": 4.13687,
  "fwhm_z": 4.42363,
  "icvs_csf": 0.18197017826713877,
  "icvs_gm": 0.4419824414986358,
  "icvs_wm": 0.3760473802342254,
  "inu_med": 0.3300422132015228,
  "inu_range": 0.1191910400986671,
  "provenance": {
    "md5sum": "a522b6dafd6ab51faddb707772916bbb",
    "settings": {
      "testing": false
    },
    "software": "mriqc",
    "version": "23.0.0",
    "warnings": {
      "large_rot_frame": true,
      "small_air_mask": false
    },
    "webapi_port": null,
    "webapi_url": "https://mriqc.nimh.nih.gov/api/v1"
  },
  "qi_1": 0.0,
  "qi_2": 0.0037900730002279628,
  "rpve_csf": 13.94038789215195,
  "rpve_gm": 6.158353532364029,
  "rpve_wm": 8.251456554453744,
  "size_x": 154,
  "size_y": 185,
  "size_z": 178,
  "snr_csf": 2.3112239411615056,
  "snr_gm": 15.366645724403218,
  "snr_total": 14.756477401486178,
  "snr_wm": 26.59156253889381,
  "snrd_csf": 46.5673387156166,
  "snrd_gm": 106.90932366968119,
  "snrd_total": 97.28975267681456,
  "snrd_wm": 138.39259564514595,
  "spacing_x": 1.0,
  "spacing_y": 1.0,
  "spacing_z": 1.0,
  "summary_bg_k": 17.45231979852888,
  "summary_bg_mad": 0.0,
  "summary_bg_mean": 2.6683832071595255,
  "summary_bg_median": 0.0,
  "summary_bg_n": 911139.0,
  "summary_bg_p05": 0.0,
  "summary_bg_p95": 9.172795996069908,
  "summary_bg_stdv": 4.734093555561002,
  "summary_csf_k": -0.15883799033663282,
  "summary_csf_mad": 113.88139956097868,
  "summary_csf_mean": 318.6268114757293,
  "summary_csf_median": 336.50112879276276,
  "summary_csf_n": 20279.0,
  "summary_csf_p05": 49.950419277697804,
  "summary_csf_p95": 540.6288948260246,
  "summary_csf_stdv": 145.5907521161043,
  "summary_gm_k": -0.04656308801458353,
  "summary_gm_mad": 50.53908264540474,
  "summary_gm_mean": 770.7546388725237,
  "summary_gm_median": 772.539489813149,
  "summary_gm_n": 25467.0,
  "summary_gm_p05": 685.3152900487185,
  "summary_gm_p95": 850.3429801762104,
  "summary_gm_stdv": 50.27280097801834,
  "summary_wm_k": 0.5798161107319069,
  "summary_wm_mad": 35.469247092956785,
  "summary_wm_mean": 1002.6413474416559,
  "summary_wm_median": 1000.041358076036,
  "summary_wm_n": 170877.0,
  "summary_wm_p05": 945.7896412163973,
  "summary_wm_p95": 1068.7133713439107,
  "summary_wm_stdv": 37.607358740454266,
  "tpm_overlap_csf": 0.16499639990200607,
  "tpm_overlap_gm": 0.48528007484779306,
  "tpm_overlap_wm": 0.5121415142856447,
  "wm2max": 0.4300618434901046
}