{
  "bids_meta": {
    "AcquisitionMatrixPE": 256,
    "AcquisitionNumber": 1,
    "AcquisitionTime": "12:56:38.800000",
    "BaseResolution": 256,
    "BodyPartExamined": "HEAD",
    "CoilString": "HC1-7;NC1_2",
    "ConsistencyInfo": "N4_VD13D_LATEST_20130810",
    "ConversionSoftware": "dcm2niix",
    "ConversionSoftwareVersion": "v1.0.20190902",
    "DeviceSerialNumber": "66014",
    "DwellTime": 1.03e-05,
    "EchoTime": 0.00234,
    "FlipAngle": 9,
    "ImageOrientationPatientDICOM": [
      0.0523357,
      0.99863,
      0.000174491,
      0.00174972,
      8.30316e-05,
      -0.999998
    ],
    "ImageType": [
      "ORIGINAL",
      "PRIMARY",
      "M",
      "NORM",
      "DIS2D"
    ],
    "ImagingFrequency": 123.26,
    "InPlanePhaseEncodingDirectionDICOM": "ROW",
    "InstitutionAddress": "Yiheyuan_Road_5_Beijing3cd14b_Haidian_CN_100871",
    "InstitutionName": "Peking_Univeristy",
    "InstitutionalDepartmentName": "Department",
    "InversionTime": 0.807,
    "MRAcquisitionType": "3D",
    "MagneticFieldStrength": 3,
    "Manufacturer": "Siemens",
    "ManufacturersModelName": "Prisma",
    "Modality": "MR",
    "ParallelReductionFactorInPlane": 2,
    "PartialFourier": 1,
    "PatientPosition": "HFS",
    "PercentPhaseFOV": 100,
    "PhaseEncodingSteps": 255,
    "PhaseResolution": 1,
    "PixelBandwidth": 190,
    "ProcedureStepDescription": "Research_Projects_64CH",
    "ProtocolName": "T1_mpr_ns_sag_ADNI_176mm",
    "PulseSequenceDetails": "%SiemensSeq%_tfl",
    "ReceiveCoilActiveElements": "HC1-7;NC1,2",
    "ReceiveCoilName": "HeadNeck_64",
    "ReconMatrixPE": 256,
    "RefLinesPE": 24,
    "RepetitionTime": 1.54,
    "SAR": 0.0740147,
    "ScanOptions": "IR",
    "ScanningSequence": "GR_IR",
    "SequenceName": "_tfl3d1_16ns",
    "SequenceVariant": "SK_SP_MP",
    "SeriesDescription": "T1_mpr_ns_sag_ADNI_176mm",
    "SeriesNumber": 3,
    "ShimSetting": [
      -3451,
      -2096,
      -2173,
      36,
      -6,
      -112,
      17,
      26
    ],
    "SliceThickness": 1,
    "SoftwareVersions": "syngo_MR_D13D",
    "StationName": "AWP66014",
    "TxRefAmp": 216.972,
    "dataset": "ds003988",
    "modality": "T1w",
    "subject_id": "14"
  },
  "cjv": 0.3927667203168156,
  "cnr": 3.4780946466132443,
  "efc": 0.6815415020240493,
  "fber": -1.0,
  "fwhm_avg": 4.7578033333333325,
  "fwhm_x": 4.83152,
  "fwhm_y": 4.61979,
  "fwhm_z": 4.8221,
  "icvs_csf": 0.2152884209661619,
  "icvs_gm": 0.4080880892197884,
  "icvs_wm": 0.3766234898140497,
  "inu_med": 0.3773605227470398,
  "inu_range": 0.20607344210147854,
  "provenance": {
    "md5sum": "56769dea511e6292fcb20a72a1fc099d",
    "settings": {
      "testing": false
    },
    "software": "mriqc",
    "version": "23.0.0",
    "warnings": {
      "large_rot_frame": true,
      "small_air_mask": false
    },
    "webapi_port": null,
    "webapi_url": "https://mriqc.nimh.nih.gov/api/v1"
  },
  "qi_1": 0.0,
  "qi_2": 0.007712038109957419,
  "rpve_csf": 11.336884156962816,
  "rpve_gm": 5.982991747528793,
  "rpve_wm": 7.511401944277686,
  "size_x": 176,
  "size_y": 202,
  "size_z": 172,
  "snr_csf": 3.2900429918572742,
  "snr_gm": 16.256597990413237,
  "snr_total": 14.872103894186651,
  "snr_wm": 25.069670700289443,
  "snrd_csf": 45.82249317031029,
  "snrd_gm": 107.4957945814342,
  "snrd_total": 96.92583002607181,
  "snrd_wm": 137.45920232647092,
  "spacing_x": 1.0,
  "spacing_y": 1.0,
  "spacing_z": 1.0,
  "summary_bg_k": 19.294690134468876,
  "summary_bg_mad": 0.0,
  "summary_bg_mean": 1.7351147973027223,
  "summary_bg_median": 0.0,
  "summary_bg_n": 1247788.0,
  "summary_bg_p05": 0.0,
  "summary_bg_p95": 10.65879812836647,
  "summary_bg_stdv": 4.76632955135183,
  "summary_csf_k": 1.6407017867042573,
  "summary_csf_mad": 74.37117066204708,
  "summary_csf_mean": 344.51923613851045,
  "summary_csf_median": 333.3734827041626,
  "summary_csf_n": 56761.0,
  "summary_csf_p05": 186.13754245638847,
  "summary_csf_p95": 527.7610553503036,
  "summary_csf_stdv": 101.32710936429183,
  "summary_gm_k": 0.14087772823520384,
  "summary_gm_mad": 47.85467884136523,
  "summary_gm_mean": 780.9742523396873,
  "summary_gm_median": 782.0667304694653,
  "summary_gm_n": 32359.0,
  "summary_gm_p05": 700.8250098198653,
  "summary_gm_p95": 857.5816053450108,
  "summary_gm_stdv": 48.10690690724489,
  "summary_wm_k": 0.7430393221714979,
  "summary_wm_mad": 37.76591259309233,
  "summary_wm_mean": 1003.1133907879222,
  "summary_wm_median": 1000.0602289140224,
  "summary_wm_n": 242060.0,
  "summary_wm_p05": 943.5746207535267,
  "summary_wm_p95": 1073.4072126448154,
  "summary_wm_stdv": 39.89115673435488,
  "tpm_overlap_csf": 0.17618438620268373,
  "tpm_overlap_gm": 0.452164257705562,
  "tpm_overlap_wm": 0.4972213056347722,
  "wm2max": 0.3483119240980769
}