{
  "bids_meta": {
    "AcquisitionMatrixPE": 256,
    "AcquisitionNumber": 1,
    "AcquisitionTime": "12:56:38.800000",
    "BaseResolution": 256,
    "BodyPartExamined": "HEAD",
    "CoilString": "HC1-7;NC1_2",
    "ConsistencyInfo": "N4_VD13D_LATEST_20130810",
    "ConversionSoftware": "dcm2niix",
    "ConversionSoftwareVersion": "v1.0.20190902",
    "DeviceSerialNumber": "66014",
    "DwellTime": 1.03e-05,
    "EchoTime": 0.00234,
    "FlipAngle": 9,
    "ImageOrientationPatientDICOM": [
      0.0523357,
      0.99863,
      0.000174491,
      0.00174972,
      8.30316e-05,
      -0.999998
    ],
    "ImageType": [
      "ORIGINAL",
      "PRIMARY",
      "M",
      "NORM",
      "DIS2D"
    ],
    "ImagingFrequency": 123.26,
    "InPlanePhaseEncodingDirectionDICOM": "ROW",
    "InstitutionAddress": "Yiheyuan_Road_5_Beijing3cd14b_Haidian_CN_100871",
    "InstitutionName": "Peking_Univeristy",
    "InstitutionalDepartmentName": "Department",
    "InversionTime": 0.807,
    "MRAcquisitionType": "3D",
    "MagneticFieldStrength": 3,
    "Manufacturer": "Siemens",
    "ManufacturersModelName": "Prisma",
    "Modality": "MR",
    "ParallelReductionFactorInPlane": 2,
    "PartialFourier": 1,
    "PatientPosition": "HFS",
    "PercentPhaseFOV": 100,
    "PhaseEncodingSteps": 255,
    "PhaseResolution": 1,
    "PixelBandwidth": 190,
    "ProcedureStepDescription": "Research_Projects_64CH",
    "ProtocolName": "T1_mpr_ns_sag_ADNI_176mm",
    "PulseSequenceDetails": "%SiemensSeq%_tfl",
    "ReceiveCoilActiveElements": "HC1-7;NC1,2",
    "ReceiveCoilName": "HeadNeck_64",
    "ReconMatrixPE": 256,
    "RefLinesPE": 24,
    "RepetitionTime": 1.54,
    "SAR": 0.0740147,
    "ScanOptions": "IR",
    "ScanningSequence": "GR_IR",
    "SequenceName": "_tfl3d1_16ns",
    "SequenceVariant": "SK_SP_MP",
    "SeriesDescription": "T1_mpr_ns_sag_ADNI_176mm",
    "SeriesNumber": 3,
    "ShimSetting": [
      -3451,
      -2096,
      -2173,
      36,
      -6,
      -112,
      17,
      26
    ],
    "SliceThickness": 1,
    "SoftwareVersions": "syngo_MR_D13D",
    "StationName": "AWP66014",
    "TxRefAmp": 216.972,
    "dataset": "ds003988",
    "modality": "T1w",
    "subject_id": "15"
  },
  "cjv": 0.3845101134576616,
  "cnr": 3.5969545854563485,
  "efc": 0.6749219577604781,
  "fber": -1.0,
  "fwhm_avg": 4.412476666666667,
  "fwhm_x": 4.5029,
  "fwhm_y": 4.2604,
  "fwhm_z": 4.47413,
  "icvs_csf": 0.2377178328752231,
  "icvs_gm": 0.4051967761878267,
  "icvs_wm": 0.3570853909369502,
  "inu_med": 0.3881329298019409,
  "inu_range": 0.17284396290779114,
  "provenance": {
    "md5sum": "341e65518908e34ecf38bcbb6640a166",
    "settings": {
      "testing": false
    },
    "software": "mriqc",
    "version": "23.0.0",
    "warnings": {
      "large_rot_frame": true,
      "small_air_mask": false
    },
    "webapi_port": null,
    "webapi_url": "https://mriqc.nimh.nih.gov/api/v1"
  },
  "qi_1": 0.0,
  "qi_2": 0.00668869327498684,
  "rpve_csf": 12.335967916466796,
  "rpve_gm": 7.125525785796932,
  "rpve_wm": 9.511933251221285,
  "size_x": 174,
  "size_y": 195,
  "size_z": 198,
  "snr_csf": 3.553156282935426,
  "snr_gm": 15.567802153383989,
  "snr_total": 15.346505459591645,
  "snr_wm": 26.91855794245552,
  "snrd_csf": 63.7561074000212,
  "snrd_gm": 145.17290788798522,
  "snrd_total": 131.99999686713983,
  "snrd_wm": 187.07097531341307,
  "spacing_x": 1.0,
  "spacing_y": 1.0,
  "spacing_z": 1.0,
  "summary_bg_k": 17.9425766572542,
  "summary_bg_mad": 0.0,
  "summary_bg_mean": 1.237861900732835,
  "summary_bg_median": 0.0,
  "summary_bg_n": 1120131.0,
  "summary_bg_p05": 0.0,
  "summary_bg_p95": 9.181296993046999,
  "summary_bg_stdv": 3.5022308405265155,
  "summary_csf_k": 9.759216150621928,
  "summary_csf_mad": 78.08761208685242,
  "summary_csf_mean": 350.2830301053348,
  "summary_csf_median": 340.8276591077447,
  "summary_csf_n": 62573.0,
  "summary_csf_p05": 221.81117798909546,
  "summary_csf_p95": 523.6026494912803,
  "summary_csf_stdv": 95.92174070513943,
  "summary_gm_k": 0.016705625611672215,
  "summary_gm_mad": 50.26558022937694,
  "summary_gm_mean": 776.0132116472511,
  "summary_gm_median": 776.0659233927727,
  "summary_gm_n": 25143.0,
  "summary_gm_p05": 694.0612658597529,
  "summary_gm_p95": 857.8914336673915,
  "summary_gm_stdv": 49.84971433678938,
  "summary_wm_k": 0.5689007238780386,
  "summary_wm_mad": 35.85655657049345,
  "summary_wm_mean": 1002.1091508765035,
  "summary_wm_median": 1000.0447832085192,
  "summary_wm_n": 206456.0,
  "summary_wm_p05": 945.3600825816393,
  "summary_wm_p95": 1066.2844820022583,
  "summary_wm_stdv": 37.15066622110326,
  "tpm_overlap_csf": 0.1936120108895832,
  "tpm_overlap_gm": 0.462361807498967,
  "tpm_overlap_wm": 0.5133630248873391,
  "wm2max": 0.4265003629140085
}