{
  "bids_meta": {
    "AcquisitionMatrixPE": 256,
    "AcquisitionNumber": 1,
    "AcquisitionTime": "12:56:38.800000",
    "BaseResolution": 256,
    "BodyPartExamined": "HEAD",
    "CoilString": "HC1-7;NC1_2",
    "ConsistencyInfo": "N4_VD13D_LATEST_20130810",
    "ConversionSoftware": "dcm2niix",
    "ConversionSoftwareVersion": "v1.0.20190902",
    "DeviceSerialNumber": "66014",
    "DwellTime": 1.03e-05,
    "EchoTime": 0.00234,
    "FlipAngle": 9,
    "ImageOrientationPatientDICOM": [
      0.0523357,
      0.99863,
      0.000174491,
      0.00174972,
      8.30316e-05,
      -0.999998
    ],
    "ImageType": [
      "ORIGINAL",
      "PRIMARY",
      "M",
      "NORM",
      "DIS2D"
    ],
    "ImagingFrequency": 123.26,
    "InPlanePhaseEncodingDirectionDICOM": "ROW",
    "InstitutionAddress": "Yiheyuan_Road_5_Beijing3cd14b_Haidian_CN_100871",
    "InstitutionName": "Peking_Univeristy",
    "InstitutionalDepartmentName": "Department",
    "InversionTime": 0.807,
    "MRAcquisitionType": "3D",
    "MagneticFieldStrength": 3,
    "Manufacturer": "Siemens",
    "ManufacturersModelName": "Prisma",
    "Modality": "MR",
    "ParallelReductionFactorInPlane": 2,
    "PartialFourier": 1,
    "PatientPosition": "HFS",
    "PercentPhaseFOV": 100,
    "PhaseEncodingSteps": 255,
    "PhaseResolution": 1,
    "PixelBandwidth": 190,
    "ProcedureStepDescription": "Research_Projects_64CH",
    "ProtocolName": "T1_mpr_ns_sag_ADNI_176mm",
    "PulseSequenceDetails": "%SiemensSeq%_tfl",
    "ReceiveCoilActiveElements": "HC1-7;NC1,2",
    "ReceiveCoilName": "HeadNeck_64",
    "ReconMatrixPE": 256,
    "RefLinesPE": 24,
    "RepetitionTime": 1.54,
    "SAR": 0.0740147,
    "ScanOptions": "IR",
    "ScanningSequence": "GR_IR",
    "SequenceName": "_tfl3d1_16ns",
    "SequenceVariant": "SK_SP_MP",
    "SeriesDescription": "T1_mpr_ns_sag_ADNI_176mm",
    "SeriesNumber": 3,
    "ShimSetting": [
      -3451,
      -2096,
      -2173,
      36,
      -6,
      -112,
      17,
      26
    ],
    "SliceThickness": 1,
    "SoftwareVersions": "syngo_MR_D13D",
    "StationName": "AWP66014",
    "TxRefAmp": 216.972,
    "dataset": "ds003988",
    "modality": "T1w",
    "subject_id": "55"
  },
  "cjv": 0.35682968648778896,
  "cnr": 3.8141520056980958,
  "efc": 0.7133284965883837,
  "fber": -1.0,
  "fwhm_avg": 4.262936666666667,
  "fwhm_x": 4.26086,
  "fwhm_y": 4.22065,
  "fwhm_z": 4.3073,
  "icvs_csf": 0.1764208762699154,
  "icvs_gm": 0.45182093121047895,
  "icvs_wm": 0.3717581925196056,
  "inu_med": 0.34129418432712555,
  "inu_range": 0.14802341163158417,
  "provenance": {
    "md5sum": "7d7f66b3a1318ba96f400d6d3c841bac",
    "settings": {
      "testing": false
    },
    "software": "mriqc",
    "version": "23.0.0",
    "warnings": {
      "large_rot_frame": true,
      "small_air_mask": false
    },
    "webapi_port": null,
    "webapi_url": "https://mriqc.nimh.nih.gov/api/v1"
  },
  "qi_1": 0.0,
  "qi_2": 0.012391982150042898,
  "rpve_csf": 13.818278787111478,
  "rpve_gm": 5.954641104008664,
  "rpve_wm": 8.124092336222777,
  "size_x": 165,
  "size_y": 203,
  "size_z": 198,
  "snr_csf": 2.770058219712608,
  "snr_gm": 15.951520177015013,
  "snr_total": 15.424067615140212,
  "snr_wm": 27.550624448693018,
  "snrd_csf": 64.83068006030278,
  "snrd_gm": 149.5579633630709,
  "snrd_total": 136.25698139062945,
  "snrd_wm": 194.3823007485146,
  "spacing_x": 1.0,
  "spacing_y": 1.0,
  "spacing_z": 1.0,
  "summary_bg_k": 21.081188114787203,
  "summary_bg_mad": 0.0,
  "summary_bg_mean": 1.2522503337706854,
  "summary_bg_median": 0.0,
  "summary_bg_n": 925622.0,
  "summary_bg_p05": 0.0,
  "summary_bg_p95": 8.077824890613556,
  "summary_bg_stdv": 3.370496362959012,
  "summary_csf_k": 3.389265028744151,
  "summary_csf_mad": 74.43273374017787,
  "summary_csf_mean": 331.42943573442767,
  "summary_csf_median": 333.53599548339844,
  "summary_csf_n": 41535.0,
  "summary_csf_p05": 86.42404049634933,
  "summary_csf_p95": 523.2041924983262,
  "summary_csf_stdv": 120.4061264727175,
  "summary_gm_k": 0.08668792585038698,
  "summary_gm_mad": 47.71163988016592,
  "summary_gm_mean": 767.8386645881039,
  "summary_gm_median": 769.4345354139805,
  "summary_gm_n": 52695.0,
  "summary_gm_p05": 686.0939657092094,
  "summary_gm_p95": 844.393276065588,
  "summary_gm_stdv": 48.235354750542605,
  "summary_wm_k": 0.5491113579920626,
  "summary_wm_mad": 34.57645157307571,
  "summary_wm_mean": 1001.843895681144,
  "summary_wm_median": 1000.0434072911739,
  "summary_wm_n": 249193.0,
  "summary_wm_p05": 945.8438080251217,
  "summary_wm_p95": 1064.2751439213753,
  "summary_wm_stdv": 36.29832066374811,
  "tpm_overlap_csf": 0.1810931426652986,
  "tpm_overlap_gm": 0.4801117477508663,
  "tpm_overlap_wm": 0.5093707051421795,
  "wm2max": 0.47343640774702905
}