{
  "bids_meta": {
    "AcquisitionMatrixPE": 256,
    "AcquisitionNumber": 1,
    "AcquisitionTime": "12:56:38.800000",
    "BaseResolution": 256,
    "BodyPartExamined": "HEAD",
    "CoilString": "HC1-7;NC1_2",
    "ConsistencyInfo": "N4_VD13D_LATEST_20130810",
    "ConversionSoftware": "dcm2niix",
    "ConversionSoftwareVersion": "v1.0.20190902",
    "DeviceSerialNumber": "66014",
    "DwellTime": 1.03e-05,
    "EchoTime": 0.00234,
    "FlipAngle": 9,
    "ImageOrientationPatientDICOM": [
      0.0523357,
      0.99863,
      0.000174491,
      0.00174972,
      8.30316e-05,
      -0.999998
    ],
    "ImageType": [
      "ORIGINAL",
      "PRIMARY",
      "M",
      "NORM",
      "DIS2D"
    ],
    "ImagingFrequency": 123.26,
    "InPlanePhaseEncodingDirectionDICOM": "ROW",
    "InstitutionAddress": "Yiheyuan_Road_5_Beijing3cd14b_Haidian_CN_100871",
    "InstitutionName": "Peking_Univeristy",
    "InstitutionalDepartmentName": "Department",
    "InversionTime": 0.807,
    "MRAcquisitionType": "3D",
    "MagneticFieldStrength": 3,
    "Manufacturer": "Siemens",
    "ManufacturersModelName": "Prisma",
    "Modality": "MR",
    "ParallelReductionFactorInPlane": 2,
    "PartialFourier": 1,
    "PatientPosition": "HFS",
    "PercentPhaseFOV": 100,
    "PhaseEncodingSteps": 255,
    "PhaseResolution": 1,
    "PixelBandwidth": 190,
    "ProcedureStepDescription": "Research_Projects_64CH",
    "ProtocolName": "T1_mpr_ns_sag_ADNI_176mm",
    "PulseSequenceDetails": "%SiemensSeq%_tfl",
    "ReceiveCoilActiveElements": "HC1-7;NC1,2",
    "ReceiveCoilName": "HeadNeck_64",
    "ReconMatrixPE": 256,
    "RefLinesPE": 24,
    "RepetitionTime": 1.54,
    "SAR": 0.0740147,
    "ScanOptions": "IR",
    "ScanningSequence": "GR_IR",
    "SequenceName": "_tfl3d1_16ns",
    "SequenceVariant": "SK_SP_MP",
    "SeriesDescription": "T1_mpr_ns_sag_ADNI_176mm",
    "SeriesNumber": 3,
    "ShimSetting": [
      -3451,
      -2096,
      -2173,
      36,
      -6,
      -112,
      17,
      26
    ],
    "SliceThickness": 1,
    "SoftwareVersions": "syngo_MR_D13D",
    "StationName": "AWP66014",
    "TxRefAmp": 216.972,
    "dataset": "ds003988",
    "modality": "T1w",
    "subject_id": "17"
  },
  "cjv": 0.4119329481304627,
  "cnr": 3.339445519890642,
  "efc": 0.6945781259627358,
  "fber": -1.0,
  "fwhm_avg": 4.740826666666667,
  "fwhm_x": 4.71829,
  "fwhm_y": 4.66965,
  "fwhm_z": 4.83454,
  "icvs_csf": 0.23586485757486517,
  "icvs_gm": 0.3877930042036908,
  "icvs_wm": 0.376342138221444,
  "inu_med": 0.36097170412540436,
  "inu_range": 0.18285702168941498,
  "provenance": {
    "md5sum": "c0c28db20ffb0508745d68e8631ee5da",
    "settings": {
      "testing": false
    },
    "software": "mriqc",
    "version": "23.0.0",
    "warnings": {
      "large_rot_frame": true,
      "small_air_mask": false
    },
    "webapi_port": null,
    "webapi_url": "https://mriqc.nimh.nih.gov/api/v1"
  },
  "qi_1": 0.0,
  "qi_2": 0.01915419802595535,
  "rpve_csf": 10.611545499505441,
  "rpve_gm": 6.268039861857025,
  "rpve_wm": 7.774292516357671,
  "size_x": 171,
  "size_y": 201,
  "size_z": 190,
  "snr_csf": 4.18487462458603,
  "snr_gm": 16.095765615669883,
  "snr_total": 16.077109059487658,
  "snr_wm": 27.95068693820706,
  "snrd_csf": 75.51027845247324,
  "snrd_gm": 183.02360621172662,
  "snrd_total": 162.8254996154651,
  "snrd_wm": 229.94261418219543,
  "spacing_x": 1.0,
  "spacing_y": 1.0,
  "spacing_z": 1.0,
  "summary_bg_k": 5.044288763321651,
  "summary_bg_mad": 0.0,
  "summary_bg_mean": 1.2403400698047746,
  "summary_bg_median": 0.0,
  "summary_bg_n": 1055558.0,
  "summary_bg_p05": 0.0,
  "summary_bg_p95": 7.766831628978252,
  "summary_bg_stdv": 2.8493629644065277,
  "summary_csf_k": 3.226122882929812,
  "summary_csf_mad": 51.7574422132409,
  "summary_csf_mean": 340.41503932134975,
  "summary_csf_median": 328.41434372216463,
  "summary_csf_n": 84115.0,
  "summary_csf_p05": 247.5861533012241,
  "summary_csf_p95": 494.54278445988894,
  "summary_csf_stdv": 78.47604074260296,
  "summary_gm_k": 0.07714237392485135,
  "summary_gm_mad": 49.272600139771484,
  "summary_gm_mean": 795.1373095612968,
  "summary_gm_median": 796.0184858478606,
  "summary_gm_n": 26443.0,
  "summary_gm_p05": 712.300216499716,
  "summary_gm_p95": 875.1175342798233,
  "summary_gm_stdv": 49.4542138050754,
  "summary_wm_k": 0.4104930607166857,
  "summary_wm_mad": 34.78778902857175,
  "summary_wm_mean": 1001.8699057649251,
  "summary_wm_median": 1000.0817673839629,
  "summary_wm_n": 265201.0,
  "summary_wm_p05": 946.5315072052181,
  "summary_wm_p95": 1063.361006129533,
  "summary_wm_stdv": 35.780153957452356,
  "tpm_overlap_csf": 0.1824451412795234,
  "tpm_overlap_gm": 0.4366548199547095,
  "tpm_overlap_wm": 0.5043456628808219,
  "wm2max": 0.49315891425657743
}