{
  "bids_meta": {
    "AcquisitionMatrixPE": 256,
    "AcquisitionNumber": 1,
    "AcquisitionTime": "12:56:38.800000",
    "BaseResolution": 256,
    "BodyPartExamined": "HEAD",
    "CoilString": "HC1-7;NC1_2",
    "ConsistencyInfo": "N4_VD13D_LATEST_20130810",
    "ConversionSoftware": "dcm2niix",
    "ConversionSoftwareVersion": "v1.0.20190902",
    "DeviceSerialNumber": "66014",
    "DwellTime": 1.03e-05,
    "EchoTime": 0.00234,
    "FlipAngle": 9,
    "ImageOrientationPatientDICOM": [
      0.0523357,
      0.99863,
      0.000174491,
      0.00174972,
      8.30316e-05,
      -0.999998
    ],
    "ImageType": [
      "ORIGINAL",
      "PRIMARY",
      "M",
      "NORM",
      "DIS2D"
    ],
    "ImagingFrequency": 123.26,
    "InPlanePhaseEncodingDirectionDICOM": "ROW",
    "InstitutionAddress": "Yiheyuan_Road_5_Beijing3cd14b_Haidian_CN_100871",
    "InstitutionName": "Peking_Univeristy",
    "InstitutionalDepartmentName": "Department",
    "InversionTime": 0.807,
    "MRAcquisitionType": "3D",
    "MagneticFieldStrength": 3,
    "Manufacturer": "Siemens",
    "ManufacturersModelName": "Prisma",
    "Modality": "MR",
    "ParallelReductionFactorInPlane": 2,
    "PartialFourier": 1,
    "PatientPosition": "HFS",
    "PercentPhaseFOV": 100,
    "PhaseEncodingSteps": 255,
    "PhaseResolution": 1,
    "PixelBandwidth": 190,
    "ProcedureStepDescription": "Research_Projects_64CH",
    "ProtocolName": "T1_mpr_ns_sag_ADNI_176mm",
    "PulseSequenceDetails": "%SiemensSeq%_tfl",
    "ReceiveCoilActiveElements": "HC1-7;NC1,2",
    "ReceiveCoilName": "HeadNeck_64",
    "ReconMatrixPE": 256,
    "RefLinesPE": 24,
    "RepetitionTime": 1.54,
    "SAR": 0.0740147,
    "ScanOptions": "IR",
    "ScanningSequence": "GR_IR",
    "SequenceName": "_tfl3d1_16ns",
    "SequenceVariant": "SK_SP_MP",
    "SeriesDescription": "T1_mpr_ns_sag_ADNI_176mm",
    "SeriesNumber": 3,
    "ShimSetting": [
      -3451,
      -2096,
      -2173,
      36,
      -6,
      -112,
      17,
      26
    ],
    "SliceThickness": 1,
    "SoftwareVersions": "syngo_MR_D13D",
    "StationName": "AWP66014",
    "TxRefAmp": 216.972,
    "dataset": "ds003988",
    "modality": "T1w",
    "subject_id": "38"
  },
  "cjv": 0.3975461938414549,
  "cnr": 3.4405657020468,
  "efc": 0.6847928445209135,
  "fber": -1.0,
  "fwhm_avg": 4.404886666666667,
  "fwhm_x": 4.48562,
  "fwhm_y": 4.17818,
  "fwhm_z": 4.55086,
  "icvs_csf": 0.20388970352691552,
  "icvs_gm": 0.4014222992351768,
  "icvs_wm": 0.3946879972379077,
  "inu_med": 0.26954129338264465,
  "inu_range": 0.10242210328578946,
  "provenance": {
    "md5sum": "b5a32ef8158bc3d524b3e46ff389cd1f",
    "settings": {
      "testing": false
    },
    "software": "mriqc",
    "version": "23.0.0",
    "warnings": {
      "large_rot_frame": true,
      "small_air_mask": false
    },
    "webapi_port": null,
    "webapi_url": "https://mriqc.nimh.nih.gov/api/v1"
  },
  "qi_1": 0.0,
  "qi_2": 0.00911604289307512,
  "rpve_csf": 9.886659608723441,
  "rpve_gm": 5.099556909603099,
  "rpve_wm": 6.252533605363516,
  "size_x": 168,
  "size_y": 188,
  "size_z": 145,
  "snr_csf": 2.702990503380547,
  "snr_gm": 14.930829358832888,
  "snr_total": 15.23805241599886,
  "snr_wm": 28.080337385783142,
  "snrd_csf": 51.33456698936778,
  "snrd_gm": 116.9254244902286,
  "snrd_total": 105.94978715677793,
  "snrd_wm": 149.58936999073745,
  "spacing_x": 1.0,
  "spacing_y": 1.0,
  "spacing_z": 1.0,
  "summary_bg_k": 23.59703577570612,
  "summary_bg_mad": 0.0,
  "summary_bg_mean": 1.8630873564435482,
  "summary_bg_median": 0.0,
  "summary_bg_n": 957551.0,
  "summary_bg_p05": 0.0,
  "summary_bg_p95": 9.000984191894531,
  "summary_bg_stdv": 4.379770379091076,
  "summary_csf_k": 1.1673101246041107,
  "summary_csf_mad": 91.22475968892265,
  "summary_csf_mean": 339.06996024392515,
  "summary_csf_median": 343.18596237897873,
  "summary_csf_n": 34070.0,
  "summary_csf_p05": 78.430450797081,
  "summary_csf_p95": 543.9501019716263,
  "summary_csf_stdv": 126.96342270890614,
  "summary_gm_k": -0.01958958185128301,
  "summary_gm_mad": 52.892984474872485,
  "summary_gm_mean": 779.5926256966911,
  "summary_gm_median": 781.6792209148407,
  "summary_gm_n": 19642.0,
  "summary_gm_p05": 689.3745968282223,
  "summary_gm_p95": 862.5450942575932,
  "summary_gm_stdv": 52.35203642868045,
  "summary_wm_k": 0.4864063885017198,
  "summary_wm_mad": 33.918234459576574,
  "summary_wm_mean": 1002.4144335728595,
  "summary_wm_median": 1000.046847820282,
  "summary_wm_n": 226010.0,
  "summary_wm_p05": 948.2911887168884,
  "summary_wm_p95": 1064.6945415735245,
  "summary_wm_stdv": 35.61369728873047,
  "tpm_overlap_csf": 0.19301192663067995,
  "tpm_overlap_gm": 0.47218609823213864,
  "tpm_overlap_wm": 0.5279801361141108,
  "wm2max": 0.3874659488096472
}