{
  "bids_meta": {
    "AcquisitionMatrixPE": 256,
    "AcquisitionNumber": 1,
    "AcquisitionTime": "12:56:38.800000",
    "BaseResolution": 256,
    "BodyPartExamined": "HEAD",
    "CoilString": "HC1-7;NC1_2",
    "ConsistencyInfo": "N4_VD13D_LATEST_20130810",
    "ConversionSoftware": "dcm2niix",
    "ConversionSoftwareVersion": "v1.0.20190902",
    "DeviceSerialNumber": "66014",
    "DwellTime": 1.03e-05,
    "EchoTime": 0.00234,
    "FlipAngle": 9,
    "ImageOrientationPatientDICOM": [
      0.0523357,
      0.99863,
      0.000174491,
      0.00174972,
      8.30316e-05,
      -0.999998
    ],
    "ImageType": [
      "ORIGINAL",
      "PRIMARY",
      "M",
      "NORM",
      "DIS2D"
    ],
    "ImagingFrequency": 123.26,
    "InPlanePhaseEncodingDirectionDICOM": "ROW",
    "InstitutionAddress": "Yiheyuan_Road_5_Beijing3cd14b_Haidian_CN_100871",
    "InstitutionName": "Peking_Univeristy",
    "InstitutionalDepartmentName": "Department",
    "InversionTime": 0.807,
    "MRAcquisitionType": "3D",
    "MagneticFieldStrength": 3,
    "Manufacturer": "Siemens",
    "ManufacturersModelName": "Prisma",
    "Modality": "MR",
    "ParallelReductionFactorInPlane": 2,
    "PartialFourier": 1,
    "PatientPosition": "HFS",
    "PercentPhaseFOV": 100,
    "PhaseEncodingSteps": 255,
    "PhaseResolution": 1,
    "PixelBandwidth": 190,
    "ProcedureStepDescription": "Research_Projects_64CH",
    "ProtocolName": "T1_mpr_ns_sag_ADNI_176mm",
    "PulseSequenceDetails": "%SiemensSeq%_tfl",
    "ReceiveCoilActiveElements": "HC1-7;NC1,2",
    "ReceiveCoilName": "HeadNeck_64",
    "ReconMatrixPE": 256,
    "RefLinesPE": 24,
    "RepetitionTime": 1.54,
    "SAR": 0.0740147,
    "ScanOptions": "IR",
    "ScanningSequence": "GR_IR",
    "SequenceName": "_tfl3d1_16ns",
    "SequenceVariant": "SK_SP_MP",
    "SeriesDescription": "T1_mpr_ns_sag_ADNI_176mm",
    "SeriesNumber": 3,
    "ShimSetting": [
      -3451,
      -2096,
      -2173,
      36,
      -6,
      -112,
      17,
      26
    ],
    "SliceThickness": 1,
    "SoftwareVersions": "syngo_MR_D13D",
    "StationName": "AWP66014",
    "TxRefAmp": 216.972,
    "dataset": "ds003988",
    "modality": "T1w",
    "subject_id": "30"
  },
  "cjv": 0.3974970680635042,
  "cnr": 3.4551359182561034,
  "efc": 0.6757484927166318,
  "fber": 25103.124331153387,
  "fwhm_avg": 4.416119999999999,
  "fwhm_x": 4.47563,
  "fwhm_y": 4.33278,
  "fwhm_z": 4.43995,
  "icvs_csf": 0.19722045760202564,
  "icvs_gm": 0.4092373099419033,
  "icvs_wm": 0.393542232456071,
  "inu_med": 0.3302333652973175,
  "inu_range": 0.1286873757839203,
  "provenance": {
    "md5sum": "9e1ad96d666787f40c6a20b21d72acdb",
    "settings": {
      "testing": false
    },
    "software": "mriqc",
    "version": "23.0.0",
    "warnings": {
      "large_rot_frame": true,
      "small_air_mask": false
    },
    "webapi_port": null,
    "webapi_url": "https://mriqc.nimh.nih.gov/api/v1"
  },
  "qi_1": 0.0,
  "qi_2": 0.0022800178105773067,
  "rpve_csf": 11.88107159419092,
  "rpve_gm": 5.776292016293787,
  "rpve_wm": 6.9964010422321135,
  "size_x": 166,
  "size_y": 200,
  "size_z": 158,
  "snr_csf": 3.2055663267915153,
  "snr_gm": 15.132262377062673,
  "snr_total": 14.371086493929289,
  "snr_wm": 24.77543077793368,
  "snrd_csf": 35.448952113470526,
  "snrd_gm": 82.15291238929983,
  "snrd_total": 74.58585743393581,
  "snrd_wm": 106.15570779903709,
  "spacing_x": 1.0,
  "spacing_y": 1.0,
  "spacing_z": 1.0,
  "summary_bg_k": 9.710179737450893,
  "summary_bg_mad": 0.0,
  "summary_bg_mean": 3.713244744528389,
  "summary_bg_median": 0.0,
  "summary_bg_n": 1038056.0,
  "summary_bg_p05": 0.0,
  "summary_bg_p95": 16.120733618736267,
  "summary_bg_stdv": 6.171731000412956,
  "summary_csf_k": 6.7677347666567265,
  "summary_csf_mad": 69.1592854911142,
  "summary_csf_mean": 342.07469507552,
  "summary_csf_median": 333.94785679876804,
  "summary_csf_n": 48352.0,
  "summary_csf_p05": 163.76050024852157,
  "summary_csf_p95": 524.6291247047483,
  "summary_csf_stdv": 104.17641359985457,
  "summary_gm_k": -0.05292317328883023,
  "summary_gm_mad": 52.31442275660569,
  "summary_gm_mean": 772.8651258366905,
  "summary_gm_median": 773.9238365739584,
  "summary_gm_n": 24841.0,
  "summary_gm_p05": 687.5321391224861,
  "summary_gm_p95": 854.2702589184046,
  "summary_gm_stdv": 51.1429315447448,
  "summary_wm_k": 0.7596469054360053,
  "summary_wm_mad": 37.56722217394163,
  "summary_wm_mean": 1003.1790308909591,
  "summary_wm_median": 1000.0428501516581,
  "summary_wm_n": 218861.0,
  "summary_wm_p05": 943.0629166960716,
  "summary_wm_p95": 1074.987111762166,
  "summary_wm_stdv": 40.36420494398859,
  "tpm_overlap_csf": 0.1854474327645937,
  "tpm_overlap_gm": 0.4611837013761259,
  "tpm_overlap_wm": 0.5131510556276089,
  "wm2max": 0.4092090869048766
}