{
  "bids_meta": {
    "AcquisitionMatrixPE": 256,
    "AcquisitionNumber": 1,
    "AcquisitionTime": "12:56:38.800000",
    "BaseResolution": 256,
    "BodyPartExamined": "HEAD",
    "CoilString": "HC1-7;NC1_2",
    "ConsistencyInfo": "N4_VD13D_LATEST_20130810",
    "ConversionSoftware": "dcm2niix",
    "ConversionSoftwareVersion": "v1.0.20190902",
    "DeviceSerialNumber": "66014",
    "DwellTime": 1.03e-05,
    "EchoTime": 0.00234,
    "FlipAngle": 9,
    "ImageOrientationPatientDICOM": [
      0.0523357,
      0.99863,
      0.000174491,
      0.00174972,
      8.30316e-05,
      -0.999998
    ],
    "ImageType": [
      "ORIGINAL",
      "PRIMARY",
      "M",
      "NORM",
      "DIS2D"
    ],
    "ImagingFrequency": 123.26,
    "InPlanePhaseEncodingDirectionDICOM": "ROW",
    "InstitutionAddress": "Yiheyuan_Road_5_Beijing3cd14b_Haidian_CN_100871",
    "InstitutionName": "Peking_Univeristy",
    "InstitutionalDepartmentName": "Department",
    "InversionTime": 0.807,
    "MRAcquisitionType": "3D",
    "MagneticFieldStrength": 3,
    "Manufacturer": "Siemens",
    "ManufacturersModelName": "Prisma",
    "Modality": "MR",
    "ParallelReductionFactorInPlane": 2,
    "PartialFourier": 1,
    "PatientPosition": "HFS",
    "PercentPhaseFOV": 100,
    "PhaseEncodingSteps": 255,
    "PhaseResolution": 1,
    "PixelBandwidth": 190,
    "ProcedureStepDescription": "Research_Projects_64CH",
    "ProtocolName": "T1_mpr_ns_sag_ADNI_176mm",
    "PulseSequenceDetails": "%SiemensSeq%_tfl",
    "ReceiveCoilActiveElements": "HC1-7;NC1,2",
    "ReceiveCoilName": "HeadNeck_64",
    "ReconMatrixPE": 256,
    "RefLinesPE": 24,
    "RepetitionTime": 1.54,
    "SAR": 0.0740147,
    "ScanOptions": "IR",
    "ScanningSequence": "GR_IR",
    "SequenceName": "_tfl3d1_16ns",
    "SequenceVariant": "SK_SP_MP",
    "SeriesDescription": "T1_mpr_ns_sag_ADNI_176mm",
    "SeriesNumber": 3,
    "ShimSetting": [
      -3451,
      -2096,
      -2173,
      36,
      -6,
      -112,
      17,
      26
    ],
    "SliceThickness": 1,
    "SoftwareVersions": "syngo_MR_D13D",
    "StationName": "AWP66014",
    "TxRefAmp": 216.972,
    "dataset": "ds003988",
    "modality": "T1w",
    "subject_id": "48"
  },
  "cjv": 0.4451387820295805,
  "cnr": 3.1416796415930652,
  "efc": 0.6985038997980035,
  "fber": -1.0,
  "fwhm_avg": 4.281553333333334,
  "fwhm_x": 4.40482,
  "fwhm_y": 4.10238,
  "fwhm_z": 4.33746,
  "icvs_csf": 0.1836259499438042,
  "icvs_gm": 0.4380344122333545,
  "icvs_wm": 0.3783396378228413,
  "inu_med": 0.4148135781288147,
  "inu_range": 0.19886302947998047,
  "provenance": {
    "md5sum": "d49d2fcb082129f5b7df41179944d24d",
    "settings": {
      "testing": false
    },
    "software": "mriqc",
    "version": "23.0.0",
    "warnings": {
      "large_rot_frame": true,
      "small_air_mask": false
    },
    "webapi_port": null,
    "webapi_url": "https://mriqc.nimh.nih.gov/api/v1"
  },
  "qi_1": 0.0,
  "qi_2": 0.010609939827405294,
  "rpve_csf": 14.79659563876713,
  "rpve_gm": 6.490964421543243,
  "rpve_wm": 8.27795800661007,
  "size_x": 169,
  "size_y": 192,
  "size_z": 200,
  "snr_csf": 2.882827588391174,
  "snr_gm": 18.117483944588088,
  "snr_total": 14.161942355798686,
  "snr_wm": 21.485515534416802,
  "snrd_csf": 61.59986401266524,
  "snrd_gm": 140.17155557721603,
  "snrd_total": 125.78599274131841,
  "snrd_wm": 175.58655863407398,
  "spacing_x": 1.0,
  "spacing_y": 1.0,
  "spacing_z": 1.0,
  "summary_bg_k": 12.89739256286722,
  "summary_bg_mad": 0.0,
  "summary_bg_mean": 1.7535462782569133,
  "summary_bg_median": 0.0,
  "summary_bg_n": 965701.0,
  "summary_bg_p05": 0.0,
  "summary_bg_p95": 8.4774664118886,
  "summary_bg_stdv": 3.7313124472926456,
  "summary_csf_k": 3.2817509718041915,
  "summary_csf_mad": 86.89746404032203,
  "summary_csf_mean": 356.1046446327468,
  "summary_csf_median": 350.840434666723,
  "summary_csf_n": 37549.0,
  "summary_csf_p05": 128.88672210350634,
  "summary_csf_p95": 561.5883008234202,
  "summary_csf_stdv": 121.69848945541388,
  "summary_gm_k": 0.05723226953961014,
  "summary_gm_mad": 43.84601884661303,
  "summary_gm_mean": 796.9427246282164,
  "summary_gm_median": 798.3434748575091,
  "summary_gm_n": 35108.0,
  "summary_gm_p05": 722.484766792506,
  "summary_gm_p95": 867.1376275792718,
  "summary_gm_stdv": 44.064181726086595,
  "summary_wm_k": 0.304762648404159,
  "summary_wm_mad": 45.94080393154182,
  "summary_wm_mean": 1004.1254029961224,
  "summary_wm_median": 1000.0487101748586,
  "summary_wm_n": 198764.0,
  "summary_wm_p05": 935.2496853023767,
  "summary_wm_p95": 1086.333727505058,
  "summary_wm_stdv": 46.545133762378306,
  "tpm_overlap_csf": 0.1833904597498201,
  "tpm_overlap_gm": 0.47494936526624815,
  "tpm_overlap_wm": 0.5012528929068949,
  "wm2max": 0.42267442143606915
}