{
  "bids_meta": {
    "AcquisitionMatrixPE": 256,
    "AcquisitionNumber": 1,
    "AcquisitionTime": "12:56:38.800000",
    "BaseResolution": 256,
    "BodyPartExamined": "HEAD",
    "CoilString": "HC1-7;NC1_2",
    "ConsistencyInfo": "N4_VD13D_LATEST_20130810",
    "ConversionSoftware": "dcm2niix",
    "ConversionSoftwareVersion": "v1.0.20190902",
    "DeviceSerialNumber": "66014",
    "DwellTime": 1.03e-05,
    "EchoTime": 0.00234,
    "FlipAngle": 9,
    "ImageOrientationPatientDICOM": [
      0.0523357,
      0.99863,
      0.000174491,
      0.00174972,
      8.30316e-05,
      -0.999998
    ],
    "ImageType": [
      "ORIGINAL",
      "PRIMARY",
      "M",
      "NORM",
      "DIS2D"
    ],
    "ImagingFrequency": 123.26,
    "InPlanePhaseEncodingDirectionDICOM": "ROW",
    "InstitutionAddress": "Yiheyuan_Road_5_Beijing3cd14b_Haidian_CN_100871",
    "InstitutionName": "Peking_Univeristy",
    "InstitutionalDepartmentName": "Department",
    "InversionTime": 0.807,
    "MRAcquisitionType": "3D",
    "MagneticFieldStrength": 3,
    "Manufacturer": "Siemens",
    "ManufacturersModelName": "Prisma",
    "Modality": "MR",
    "ParallelReductionFactorInPlane": 2,
    "PartialFourier": 1,
    "PatientPosition": "HFS",
    "PercentPhaseFOV": 100,
    "PhaseEncodingSteps": 255,
    "PhaseResolution": 1,
    "PixelBandwidth": 190,
    "ProcedureStepDescription": "Research_Projects_64CH",
    "ProtocolName": "T1_mpr_ns_sag_ADNI_176mm",
    "PulseSequenceDetails": "%SiemensSeq%_tfl",
    "ReceiveCoilActiveElements": "HC1-7;NC1,2",
    "ReceiveCoilName": "HeadNeck_64",
    "ReconMatrixPE": 256,
    "RefLinesPE": 24,
    "RepetitionTime": 1.54,
    "SAR": 0.0740147,
    "ScanOptions": "IR",
    "ScanningSequence": "GR_IR",
    "SequenceName": "_tfl3d1_16ns",
    "SequenceVariant": "SK_SP_MP",
    "SeriesDescription": "T1_mpr_ns_sag_ADNI_176mm",
    "SeriesNumber": 3,
    "ShimSetting": [
      -3451,
      -2096,
      -2173,
      36,
      -6,
      -112,
      17,
      26
    ],
    "SliceThickness": 1,
    "SoftwareVersions": "syngo_MR_D13D",
    "StationName": "AWP66014",
    "TxRefAmp": 216.972,
    "dataset": "ds003988",
    "modality": "T1w",
    "subject_id": "46"
  },
  "cjv": 0.3669543983178006,
  "cnr": 3.7062423937998696,
  "efc": 0.6919943409825008,
  "fber": -1.0,
  "fwhm_avg": 4.381906666666667,
  "fwhm_x": 4.41577,
  "fwhm_y": 4.17169,
  "fwhm_z": 4.55826,
  "icvs_csf": 0.18958579165038217,
  "icvs_gm": 0.43630066125753264,
  "icvs_wm": 0.37411354709208516,
  "inu_med": 0.3288318067789078,
  "inu_range": 0.137906627357006,
  "provenance": {
    "md5sum": "4e952a169a35f9b9e01f50bf2441751c",
    "settings": {
      "testing": false
    },
    "software": "mriqc",
    "version": "23.0.0",
    "warnings": {
      "large_rot_frame": true,
      "small_air_mask": false
    },
    "webapi_port": null,
    "webapi_url": "https://mriqc.nimh.nih.gov/api/v1"
  },
  "qi_1": 0.0,
  "qi_2": 0.010426245501621616,
  "rpve_csf": 11.102486695491159,
  "rpve_gm": 5.1259912425399925,
  "rpve_wm": 6.8824100351008335,
  "size_x": 163,
  "size_y": 182,
  "size_z": 163,
  "snr_csf": 2.7253654144613466,
  "snr_gm": 16.84159145472365,
  "snr_total": 15.599643544899116,
  "snr_wm": 27.231973765512354,
  "snrd_csf": 64.94185786885632,
  "snrd_gm": 151.86888561697788,
  "snrd_total": 137.12976423724575,
  "snrd_wm": 194.57854922590306,
  "spacing_x": 1.0,
  "spacing_y": 1.0,
  "spacing_z": 1.0,
  "summary_bg_k": 9.849862972719444,
  "summary_bg_mad": 0.0,
  "summary_bg_mean": 1.425955424344789,
  "summary_bg_median": 0.0,
  "summary_bg_n": 844339.0,
  "summary_bg_p05": 0.0,
  "summary_bg_p95": 8.318010829389095,
  "summary_bg_stdv": 3.367098251211458,
  "summary_csf_k": 10.960021909685992,
  "summary_csf_mad": 87.75405984234932,
  "summary_csf_mean": 346.22405399483733,
  "summary_csf_median": 333.77112928032875,
  "summary_csf_n": 31134.0,
  "summary_csf_p05": 142.2948978882283,
  "summary_csf_p95": 554.4041775796561,
  "summary_csf_stdv": 122.46642862311055,
  "summary_gm_k": 0.08548833616085849,
  "summary_gm_mad": 46.148769636028376,
  "summary_gm_mean": 778.6287826503038,
  "summary_gm_median": 780.5358688272536,
  "summary_gm_n": 33773.0,
  "summary_gm_p05": 699.7898731760681,
  "summary_gm_p95": 851.4928791023789,
  "summary_gm_stdv": 46.34504495733884,
  "summary_wm_k": 0.5971512451159078,
  "summary_wm_mad": 34.400629967784866,
  "summary_wm_mean": 1002.7915391369015,
  "summary_wm_median": 1000.0437967143953,
  "summary_wm_n": 203678.0,
  "summary_wm_p05": 947.5089914761484,
  "summary_wm_p95": 1067.857474476099,
  "summary_wm_stdv": 36.72305762188809,
  "tpm_overlap_csf": 0.16427436279125096,
  "tpm_overlap_gm": 0.4687596374419754,
  "tpm_overlap_wm": 0.49199290369822346,
  "wm2max": 0.41705616008179364
}