{
  "bids_meta": {
    "AcquisitionMatrixPE": 256,
    "AcquisitionNumber": 1,
    "AcquisitionTime": "12:56:38.800000",
    "BaseResolution": 256,
    "BodyPartExamined": "HEAD",
    "CoilString": "HC1-7;NC1_2",
    "ConsistencyInfo": "N4_VD13D_LATEST_20130810",
    "ConversionSoftware": "dcm2niix",
    "ConversionSoftwareVersion": "v1.0.20190902",
    "DeviceSerialNumber": "66014",
    "DwellTime": 1.03e-05,
    "EchoTime": 0.00234,
    "FlipAngle": 9,
    "ImageOrientationPatientDICOM": [
      0.0523357,
      0.99863,
      0.000174491,
      0.00174972,
      8.30316e-05,
      -0.999998
    ],
    "ImageType": [
      "ORIGINAL",
      "PRIMARY",
      "M",
      "NORM",
      "DIS2D"
    ],
    "ImagingFrequency": 123.26,
    "InPlanePhaseEncodingDirectionDICOM": "ROW",
    "InstitutionAddress": "Yiheyuan_Road_5_Beijing3cd14b_Haidian_CN_100871",
    "InstitutionName": "Peking_Univeristy",
    "InstitutionalDepartmentName": "Department",
    "InversionTime": 0.807,
    "MRAcquisitionType": "3D",
    "MagneticFieldStrength": 3,
    "Manufacturer": "Siemens",
    "ManufacturersModelName": "Prisma",
    "Modality": "MR",
    "ParallelReductionFactorInPlane": 2,
    "PartialFourier": 1,
    "PatientPosition": "HFS",
    "PercentPhaseFOV": 100,
    "PhaseEncodingSteps": 255,
    "PhaseResolution": 1,
    "PixelBandwidth": 190,
    "ProcedureStepDescription": "Research_Projects_64CH",
    "ProtocolName": "T1_mpr_ns_sag_ADNI_176mm",
    "PulseSequenceDetails": "%SiemensSeq%_tfl",
    "ReceiveCoilActiveElements": "HC1-7;NC1,2",
    "ReceiveCoilName": "HeadNeck_64",
    "ReconMatrixPE": 256,
    "RefLinesPE": 24,
    "RepetitionTime": 1.54,
    "SAR": 0.0740147,
    "ScanOptions": "IR",
    "ScanningSequence": "GR_IR",
    "SequenceName": "_tfl3d1_16ns",
    "SequenceVariant": "SK_SP_MP",
    "SeriesDescription": "T1_mpr_ns_sag_ADNI_176mm",
    "SeriesNumber": 3,
    "ShimSetting": [
      -3451,
      -2096,
      -2173,
      36,
      -6,
      -112,
      17,
      26
    ],
    "SliceThickness": 1,
    "SoftwareVersions": "syngo_MR_D13D",
    "StationName": "AWP66014",
    "TxRefAmp": 216.972,
    "dataset": "ds003988",
    "modality": "T1w",
    "subject_id": "43"
  },
  "cjv": 0.3947579077728331,
  "cnr": 3.4644319792838396,
  "efc": 0.6773561043578643,
  "fber": -1.0,
  "fwhm_avg": 4.151016666666667,
  "fwhm_x": 4.181,
  "fwhm_y": 4.07563,
  "fwhm_z": 4.19642,
  "icvs_csf": 0.17088577249344664,
  "icvs_gm": 0.4398035192340893,
  "icvs_wm": 0.38931070827246406,
  "inu_med": 0.2678142935037613,
  "inu_range": 0.08537864908576012,
  "provenance": {
    "md5sum": "8e512399993a4d08bddc65af4f0b27b2",
    "settings": {
      "testing": false
    },
    "software": "mriqc",
    "version": "23.0.0",
    "warnings": {
      "large_rot_frame": true,
      "small_air_mask": false
    },
    "webapi_port": null,
    "webapi_url": "https://mriqc.nimh.nih.gov/api/v1"
  },
  "qi_1": 0.0,
  "qi_2": 0.004576343585678124,
  "rpve_csf": 12.649630338228159,
  "rpve_gm": 5.313821782728111,
  "rpve_wm": 6.759787669709913,
  "size_x": 157,
  "size_y": 181,
  "size_z": 146,
  "snr_csf": 2.7267112217034852,
  "snr_gm": 17.538546030997686,
  "snr_total": 15.275492266307936,
  "snr_wm": 25.561219546222638,
  "snrd_csf": 54.93004139177647,
  "snrd_gm": 119.4272651921541,
  "snrd_total": 108.3574086386274,
  "snrd_wm": 150.71491933195165,
  "spacing_x": 1.0,
  "spacing_y": 1.0,
  "spacing_z": 1.0,
  "summary_bg_k": 21.47870928118436,
  "summary_bg_mad": 0.0,
  "summary_bg_mean": 1.8189596936308634,
  "summary_bg_median": 0.0,
  "summary_bg_n": 754830.0,
  "summary_bg_p05": 0.0,
  "summary_bg_p95": 8.954943671822548,
  "summary_bg_stdv": 4.347061967238594,
  "summary_csf_k": 1.0316746755152622,
  "summary_csf_mad": 97.7326011117181,
  "summary_csf_mean": 359.57737134591787,
  "summary_csf_median": 364.4802727997303,
  "summary_csf_n": 18638.0,
  "summary_csf_p05": 95.82492996677756,
  "summary_csf_p95": 578.9371083833277,
  "summary_csf_stdv": 133.66670144130322,
  "summary_gm_k": -0.05029733048564111,
  "summary_gm_mad": 45.94683451980488,
  "summary_gm_mean": 791.2552666583986,
  "summary_gm_median": 792.4421881735325,
  "summary_gm_n": 25281.0,
  "summary_gm_p05": 715.2702652215958,
  "summary_gm_p95": 862.3001257181168,
  "summary_gm_stdv": 45.18199592686866,
  "summary_wm_k": 0.7971498965875239,
  "summary_wm_mad": 36.006747778001404,
  "summary_wm_mean": 1003.624752793833,
  "summary_wm_median": 1000.0468508899212,
  "summary_wm_n": 166987.0,
  "summary_wm_p05": 945.9889972060919,
  "summary_wm_p95": 1073.6555501818657,
  "summary_wm_stdv": 39.12347979687369,
  "tpm_overlap_csf": 0.15997218996823095,
  "tpm_overlap_gm": 0.4699629901940274,
  "tpm_overlap_wm": 0.4945021481396656,
  "wm2max": 0.41649387605601634
}