{
  "bids_meta": {
    "AcquisitionMatrixPE": 256,
    "AcquisitionNumber": 1,
    "AcquisitionTime": "12:56:38.800000",
    "BaseResolution": 256,
    "BodyPartExamined": "HEAD",
    "CoilString": "HC1-7;NC1_2",
    "ConsistencyInfo": "N4_VD13D_LATEST_20130810",
    "ConversionSoftware": "dcm2niix",
    "ConversionSoftwareVersion": "v1.0.20190902",
    "DeviceSerialNumber": "66014",
    "DwellTime": 1.03e-05,
    "EchoTime": 0.00234,
    "FlipAngle": 9,
    "ImageOrientationPatientDICOM": [
      0.0523357,
      0.99863,
      0.000174491,
      0.00174972,
      8.30316e-05,
      -0.999998
    ],
    "ImageType": [
      "ORIGINAL",
      "PRIMARY",
      "M",
      "NORM",
      "DIS2D"
    ],
    "ImagingFrequency": 123.26,
    "InPlanePhaseEncodingDirectionDICOM": "ROW",
    "InstitutionAddress": "Yiheyuan_Road_5_Beijing3cd14b_Haidian_CN_100871",
    "InstitutionName": "Peking_Univeristy",
    "InstitutionalDepartmentName": "Department",
    "InversionTime": 0.807,
    "MRAcquisitionType": "3D",
    "MagneticFieldStrength": 3,
    "Manufacturer": "Siemens",
    "ManufacturersModelName": "Prisma",
    "Modality": "MR",
    "ParallelReductionFactorInPlane": 2,
    "PartialFourier": 1,
    "PatientPosition": "HFS",
    "PercentPhaseFOV": 100,
    "PhaseEncodingSteps": 255,
    "PhaseResolution": 1,
    "PixelBandwidth": 190,
    "ProcedureStepDescription": "Research_Projects_64CH",
    "ProtocolName": "T1_mpr_ns_sag_ADNI_176mm",
    "PulseSequenceDetails": "%SiemensSeq%_tfl",
    "ReceiveCoilActiveElements": "HC1-7;NC1,2",
    "ReceiveCoilName": "HeadNeck_64",
    "ReconMatrixPE": 256,
    "RefLinesPE": 24,
    "RepetitionTime": 1.54,
    "SAR": 0.0740147,
    "ScanOptions": "IR",
    "ScanningSequence": "GR_IR",
    "SequenceName": "_tfl3d1_16ns",
    "SequenceVariant": "SK_SP_MP",
    "SeriesDescription": "T1_mpr_ns_sag_ADNI_176mm",
    "SeriesNumber": 3,
    "ShimSetting": [
      -3451,
      -2096,
      -2173,
      36,
      -6,
      -112,
      17,
      26
    ],
    "SliceThickness": 1,
    "SoftwareVersions": "syngo_MR_D13D",
    "StationName": "AWP66014",
    "TxRefAmp": 216.972,
    "dataset": "ds003988",
    "modality": "T1w",
    "subject_id": "16"
  },
  "cjv": 0.3918915652973403,
  "cnr": 3.481005403602701,
  "efc": 0.7008675446118546,
  "fber": -1.0,
  "fwhm_avg": 4.622076666666667,
  "fwhm_x": 4.79762,
  "fwhm_y": 4.4232,
  "fwhm_z": 4.64541,
  "icvs_csf": 0.15318178205501337,
  "icvs_gm": 0.44540139510474946,
  "icvs_wm": 0.40141682284023716,
  "inu_med": 0.36681827902793884,
  "inu_range": 0.20402956306934356,
  "provenance": {
    "md5sum": "7c86cabb4e6b099856f48281d1c293fa",
    "settings": {
      "testing": false
    },
    "software": "mriqc",
    "version": "23.0.0",
    "warnings": {
      "large_rot_frame": true,
      "small_air_mask": false
    },
    "webapi_port": null,
    "webapi_url": "https://mriqc.nimh.nih.gov/api/v1"
  },
  "qi_1": 0.0,
  "qi_2": 0.007858461848266008,
  "rpve_csf": 13.34402992348555,
  "rpve_gm": 5.072819120043454,
  "rpve_wm": 6.321646796476211,
  "size_x": 176,
  "size_y": 190,
  "size_z": 166,
  "snr_csf": 2.720726905446777,
  "snr_gm": 17.580264023405476,
  "snr_total": 14.966401181455447,
  "snr_wm": 24.59821261551409,
  "snrd_csf": 51.02975710499968,
  "snrd_gm": 112.35462941950182,
  "snrd_total": 101.9494354587617,
  "snrd_wm": 142.4639198517836,
  "spacing_x": 1.0,
  "spacing_y": 1.0,
  "spacing_z": 1.0,
  "summary_bg_k": 23.861756737710277,
  "summary_bg_mad": 0.0,
  "summary_bg_mean": 1.6334147692915109,
  "summary_bg_median": 0.0,
  "summary_bg_n": 982437.0,
  "summary_bg_p05": 0.0,
  "summary_bg_p95": 11.648797117173672,
  "summary_bg_stdv": 4.598879139910605,
  "summary_csf_k": 9.253085677253598,
  "summary_csf_mad": 94.25758256906045,
  "summary_csf_mean": 361.68656621100183,
  "summary_csf_median": 358.21499990671873,
  "summary_csf_n": 30187.0,
  "summary_csf_p05": 125.0593994982541,
  "summary_csf_p95": 566.3111979596315,
  "summary_csf_stdv": 131.65932452628283,
  "summary_gm_k": 0.0072987638834938195,
  "summary_gm_mad": 45.28144577383305,
  "summary_gm_mean": 787.719300899078,
  "summary_gm_median": 788.6989053115249,
  "summary_gm_n": 46087.0,
  "summary_gm_p05": 713.1266095861793,
  "summary_gm_p95": 859.1132759451866,
  "summary_gm_stdv": 44.86225847257422,
  "summary_wm_k": 0.7514049916268339,
  "summary_wm_mad": 37.548371543007676,
  "summary_wm_mean": 1003.6924483317619,
  "summary_wm_median": 1000.0579256415367,
  "summary_wm_n": 243017.0,
  "summary_wm_p05": 943.7264291346073,
  "summary_wm_p95": 1076.4995345845819,
  "summary_wm_stdv": 40.655631516099426,
  "tpm_overlap_csf": 0.17802152842037441,
  "tpm_overlap_gm": 0.4713159381388358,
  "tpm_overlap_wm": 0.49765914337667233,
  "wm2max": 0.3276621601093726
}