{
  "bids_meta": {
    "AcquisitionMatrixPE": 256,
    "AcquisitionNumber": 1,
    "AcquisitionTime": "12:56:38.800000",
    "BaseResolution": 256,
    "BodyPartExamined": "HEAD",
    "CoilString": "HC1-7;NC1_2",
    "ConsistencyInfo": "N4_VD13D_LATEST_20130810",
    "ConversionSoftware": "dcm2niix",
    "ConversionSoftwareVersion": "v1.0.20190902",
    "DeviceSerialNumber": "66014",
    "DwellTime": 1.03e-05,
    "EchoTime": 0.00234,
    "FlipAngle": 9,
    "ImageOrientationPatientDICOM": [
      0.0523357,
      0.99863,
      0.000174491,
      0.00174972,
      8.30316e-05,
      -0.999998
    ],
    "ImageType": [
      "ORIGINAL",
      "PRIMARY",
      "M",
      "NORM",
      "DIS2D"
    ],
    "ImagingFrequency": 123.26,
    "InPlanePhaseEncodingDirectionDICOM": "ROW",
    "InstitutionAddress": "Yiheyuan_Road_5_Beijing3cd14b_Haidian_CN_100871",
    "InstitutionName": "Peking_Univeristy",
    "InstitutionalDepartmentName": "Department",
    "InversionTime": 0.807,
    "MRAcquisitionType": "3D",
    "MagneticFieldStrength": 3,
    "Manufacturer": "Siemens",
    "ManufacturersModelName": "Prisma",
    "Modality": "MR",
    "ParallelReductionFactorInPlane": 2,
    "PartialFourier": 1,
    "PatientPosition": "HFS",
    "PercentPhaseFOV": 100,
    "PhaseEncodingSteps": 255,
    "PhaseResolution": 1,
    "PixelBandwidth": 190,
    "ProcedureStepDescription": "Research_Projects_64CH",
    "ProtocolName": "T1_mpr_ns_sag_ADNI_176mm",
    "PulseSequenceDetails": "%SiemensSeq%_tfl",
    "ReceiveCoilActiveElements": "HC1-7;NC1,2",
    "ReceiveCoilName": "HeadNeck_64",
    "ReconMatrixPE": 256,
    "RefLinesPE": 24,
    "RepetitionTime": 1.54,
    "SAR": 0.0740147,
    "ScanOptions": "IR",
    "ScanningSequence": "GR_IR",
    "SequenceName": "_tfl3d1_16ns",
    "SequenceVariant": "SK_SP_MP",
    "SeriesDescription": "T1_mpr_ns_sag_ADNI_176mm",
    "SeriesNumber": 3,
    "ShimSetting": [
      -3451,
      -2096,
      -2173,
      36,
      -6,
      -112,
      17,
      26
    ],
    "SliceThickness": 1,
    "SoftwareVersions": "syngo_MR_D13D",
    "StationName": "AWP66014",
    "TxRefAmp": 216.972,
    "dataset": "ds003988",
    "modality": "T1w",
    "subject_id": "24"
  },
  "cjv": 0.37465908937501025,
  "cnr": 3.6594493629660736,
  "efc": 0.6857588459748819,
  "fber": -1.0,
  "fwhm_avg": 4.55863,
  "fwhm_x": 4.62257,
  "fwhm_y": 4.50003,
  "fwhm_z": 4.55329,
  "icvs_csf": 0.1695540119965118,
  "icvs_gm": 0.43317426505270207,
  "icvs_wm": 0.39727172295078617,
  "inu_med": 0.3183862864971161,
  "inu_range": 0.15919801071286194,
  "provenance": {
    "md5sum": "8028cd6dddb615e3ee166578904a766d",
    "settings": {
      "testing": false
    },
    "software": "mriqc",
    "version": "23.0.0",
    "warnings": {
      "large_rot_frame": true,
      "small_air_mask": false
    },
    "webapi_port": null,
    "webapi_url": "https://mriqc.nimh.nih.gov/api/v1"
  },
  "qi_1": 0.0003253404271914808,
  "qi_2": 0.009376279857442507,
  "rpve_csf": 11.745525196335079,
  "rpve_gm": 4.868145879533483,
  "rpve_wm": 6.1341826476956385,
  "size_x": 163,
  "size_y": 189,
  "size_z": 142,
  "snr_csf": 2.314437565070932,
  "snr_gm": 15.491994772446894,
  "snr_total": 14.99938603966268,
  "snr_wm": 27.19172578147021,
  "snrd_csf": 50.092935285361605,
  "snrd_gm": 112.32156896647743,
  "snrd_total": 102.59602239560179,
  "snrd_wm": 145.37356293496634,
  "spacing_x": 1.0,
  "spacing_y": 1.0,
  "spacing_z": 1.0,
  "summary_bg_k": 40.364164549644684,
  "summary_bg_mad": 0.0,
  "summary_bg_mean": 1.3974290513322833,
  "summary_bg_median": 0.0,
  "summary_bg_n": 833913.0,
  "summary_bg_p05": 0.0,
  "summary_bg_p95": 9.397672314196825,
  "summary_bg_stdv": 4.506791156287834,
  "summary_csf_k": 4.594591470164289,
  "summary_csf_mad": 123.15914381357311,
  "summary_csf_mean": 330.25066886051457,
  "summary_csf_median": 344.59754905477166,
  "summary_csf_n": 22758.0,
  "summary_csf_p05": 65.29678017273545,
  "summary_csf_p95": 556.3348971100521,
  "summary_csf_stdv": 148.88713494020428,
  "summary_gm_k": -0.10408365526162999,
  "summary_gm_mad": 51.6171089253838,
  "summary_gm_mean": 772.0666944922709,
  "summary_gm_median": 772.6785653773695,
  "summary_gm_n": 27594.0,
  "summary_gm_p05": 690.0715649574995,
  "summary_gm_p95": 851.3098147897049,
  "summary_gm_stdv": 49.87508553649752,
  "summary_wm_k": 0.9456698494630258,
  "summary_wm_mad": 33.56916874168317,
  "summary_wm_mean": 1003.9098569255979,
  "summary_wm_median": 1000.048673518002,
  "summary_wm_n": 190132.0,
  "summary_wm_p05": 951.2099930457771,
  "summary_wm_p95": 1070.5555621758103,
  "summary_wm_stdv": 36.77758637578141,
  "tpm_overlap_csf": 0.17279521035739645,
  "tpm_overlap_gm": 0.4786265232802503,
  "tpm_overlap_wm": 0.5055928561804173,
  "wm2max": 0.397948420687983
}