{
  "bids_meta": {
    "AcquisitionMatrixPE": 256,
    "AcquisitionNumber": 1,
    "AcquisitionTime": "12:56:38.800000",
    "BaseResolution": 256,
    "BodyPartExamined": "HEAD",
    "CoilString": "HC1-7;NC1_2",
    "ConsistencyInfo": "N4_VD13D_LATEST_20130810",
    "ConversionSoftware": "dcm2niix",
    "ConversionSoftwareVersion": "v1.0.20190902",
    "DeviceSerialNumber": "66014",
    "DwellTime": 1.03e-05,
    "EchoTime": 0.00234,
    "FlipAngle": 9,
    "ImageOrientationPatientDICOM": [
      0.0523357,
      0.99863,
      0.000174491,
      0.00174972,
      8.30316e-05,
      -0.999998
    ],
    "ImageType": [
      "ORIGINAL",
      "PRIMARY",
      "M",
      "NORM",
      "DIS2D"
    ],
    "ImagingFrequency": 123.26,
    "InPlanePhaseEncodingDirectionDICOM": "ROW",
    "InstitutionAddress": "Yiheyuan_Road_5_Beijing3cd14b_Haidian_CN_100871",
    "InstitutionName": "Peking_Univeristy",
    "InstitutionalDepartmentName": "Department",
    "InversionTime": 0.807,
    "MRAcquisitionType": "3D",
    "MagneticFieldStrength": 3,
    "Manufacturer": "Siemens",
    "ManufacturersModelName": "Prisma",
    "Modality": "MR",
    "ParallelReductionFactorInPlane": 2,
    "PartialFourier": 1,
    "PatientPosition": "HFS",
    "PercentPhaseFOV": 100,
    "PhaseEncodingSteps": 255,
    "PhaseResolution": 1,
    "PixelBandwidth": 190,
    "ProcedureStepDescription": "Research_Projects_64CH",
    "ProtocolName": "T1_mpr_ns_sag_ADNI_176mm",
    "PulseSequenceDetails": "%SiemensSeq%_tfl",
    "ReceiveCoilActiveElements": "HC1-7;NC1,2",
    "ReceiveCoilName": "HeadNeck_64",
    "ReconMatrixPE": 256,
    "RefLinesPE": 24,
    "RepetitionTime": 1.54,
    "SAR": 0.0740147,
    "ScanOptions": "IR",
    "ScanningSequence": "GR_IR",
    "SequenceName": "_tfl3d1_16ns",
    "SequenceVariant": "SK_SP_MP",
    "SeriesDescription": "T1_mpr_ns_sag_ADNI_176mm",
    "SeriesNumber": 3,
    "ShimSetting": [
      -3451,
      -2096,
      -2173,
      36,
      -6,
      -112,
      17,
      26
    ],
    "SliceThickness": 1,
    "SoftwareVersions": "syngo_MR_D13D",
    "StationName": "AWP66014",
    "TxRefAmp": 216.972,
    "dataset": "ds003988",
    "modality": "T1w",
    "subject_id": "27"
  },
  "cjv": 0.3878366825002257,
  "cnr": 3.4984198354300213,
  "efc": 0.6802023317057903,
  "fber": -1.0,
  "fwhm_avg": 4.536096666666666,
  "fwhm_x": 4.55881,
  "fwhm_y": 4.38105,
  "fwhm_z": 4.66843,
  "icvs_csf": 0.18691730099225193,
  "icvs_gm": 0.42987373668921497,
  "icvs_wm": 0.3832089623185331,
  "inu_med": 0.4069787859916687,
  "inu_range": 0.23882487416267395,
  "provenance": {
    "md5sum": "e4ca580d2b04845e7c807927bf9808af",
    "settings": {
      "testing": false
    },
    "software": "mriqc",
    "version": "23.0.0",
    "warnings": {
      "large_rot_frame": true,
      "small_air_mask": false
    },
    "webapi_port": null,
    "webapi_url": "https://mriqc.nimh.nih.gov/api/v1"
  },
  "qi_1": 0.00015910541957934974,
  "qi_2": 0.009823598866841044,
  "rpve_csf": 12.317197501799717,
  "rpve_gm": 5.527367389455728,
  "rpve_wm": 6.996439639788394,
  "size_x": 164,
  "size_y": 179,
  "size_z": 153,
  "snr_csf": 2.964593378146285,
  "snr_gm": 16.79925947775663,
  "snr_total": 14.466127563931707,
  "snr_wm": 23.634529835892202,
  "snrd_csf": 38.840555963226016,
  "snrd_gm": 88.14127757923355,
  "snrd_total": 80.0234632336785,
  "snrd_wm": 113.0885561585759,
  "spacing_x": 1.0,
  "spacing_y": 1.0,
  "spacing_z": 1.0,
  "summary_bg_k": 34.15804696636199,
  "summary_bg_mad": 0.0,
  "summary_bg_mean": 1.7325223684602227,
  "summary_bg_median": 0.0,
  "summary_bg_n": 846301.0,
  "summary_bg_p05": 0.0,
  "summary_bg_p95": 11.651441641151905,
  "summary_bg_stdv": 5.793444301919802,
  "summary_csf_k": 1.6215993867152996,
  "summary_csf_mad": 84.18254670679276,
  "summary_csf_mean": 351.0032703772471,
  "summary_csf_median": 343.4713711962104,
  "summary_csf_n": 27774.0,
  "summary_csf_p05": 141.84125903993845,
  "summary_csf_p95": 558.5225218813865,
  "summary_csf_stdv": 115.85574950912884,
  "summary_gm_k": 0.009495419422403728,
  "summary_gm_mad": 47.03841723500945,
  "summary_gm_mean": 778.8978933454405,
  "summary_gm_median": 779.4431546702981,
  "summary_gm_n": 25251.0,
  "summary_gm_p05": 701.6574738547206,
  "summary_gm_p95": 853.4544248133898,
  "summary_gm_stdv": 46.396552279154655,
  "summary_wm_k": 1.2852904976134134,
  "summary_wm_mad": 38.522841701085326,
  "summary_wm_mean": 1004.9112834530945,
  "summary_wm_median": 1000.0547233968973,
  "summary_wm_n": 159303.0,
  "summary_wm_p05": 945.2984178438783,
  "summary_wm_p95": 1081.7789196968079,
  "summary_wm_stdv": 42.31315754919976,
  "tpm_overlap_csf": 0.16853358267304674,
  "tpm_overlap_gm": 0.45904980602097095,
  "tpm_overlap_wm": 0.4774255422052288,
  "wm2max": 0.34455160529583906
}