{
  "bids_meta": {
    "AcquisitionMatrixPE": 256,
    "AcquisitionNumber": 1,
    "AcquisitionTime": "12:56:38.800000",
    "BaseResolution": 256,
    "BodyPartExamined": "HEAD",
    "CoilString": "HC1-7;NC1_2",
    "ConsistencyInfo": "N4_VD13D_LATEST_20130810",
    "ConversionSoftware": "dcm2niix",
    "ConversionSoftwareVersion": "v1.0.20190902",
    "DeviceSerialNumber": "66014",
    "DwellTime": 1.03e-05,
    "EchoTime": 0.00234,
    "FlipAngle": 9,
    "ImageOrientationPatientDICOM": [
      0.0523357,
      0.99863,
      0.000174491,
      0.00174972,
      8.30316e-05,
      -0.999998
    ],
    "ImageType": [
      "ORIGINAL",
      "PRIMARY",
      "M",
      "NORM",
      "DIS2D"
    ],
    "ImagingFrequency": 123.26,
    "InPlanePhaseEncodingDirectionDICOM": "ROW",
    "InstitutionAddress": "Yiheyuan_Road_5_Beijing3cd14b_Haidian_CN_100871",
    "InstitutionName": "Peking_Univeristy",
    "InstitutionalDepartmentName": "Department",
    "InversionTime": 0.807,
    "MRAcquisitionType": "3D",
    "MagneticFieldStrength": 3,
    "Manufacturer": "Siemens",
    "ManufacturersModelName": "Prisma",
    "Modality": "MR",
    "ParallelReductionFactorInPlane": 2,
    "PartialFourier": 1,
    "PatientPosition": "HFS",
    "PercentPhaseFOV": 100,
    "PhaseEncodingSteps": 255,
    "PhaseResolution": 1,
    "PixelBandwidth": 190,
    "ProcedureStepDescription": "Research_Projects_64CH",
    "ProtocolName": "T1_mpr_ns_sag_ADNI_176mm",
    "PulseSequenceDetails": "%SiemensSeq%_tfl",
    "ReceiveCoilActiveElements": "HC1-7;NC1,2",
    "ReceiveCoilName": "HeadNeck_64",
    "ReconMatrixPE": 256,
    "RefLinesPE": 24,
    "RepetitionTime": 1.54,
    "SAR": 0.0740147,
    "ScanOptions": "IR",
    "ScanningSequence": "GR_IR",
    "SequenceName": "_tfl3d1_16ns",
    "SequenceVariant": "SK_SP_MP",
    "SeriesDescription": "T1_mpr_ns_sag_ADNI_176mm",
    "SeriesNumber": 3,
    "ShimSetting": [
      -3451,
      -2096,
      -2173,
      36,
      -6,
      -112,
      17,
      26
    ],
    "SliceThickness": 1,
    "SoftwareVersions": "syngo_MR_D13D",
    "StationName": "AWP66014",
    "TxRefAmp": 216.972,
    "dataset": "ds003988",
    "modality": "T1w",
    "subject_id": "37"
  },
  "cjv": 0.3940216596691138,
  "cnr": 3.499020466471426,
  "efc": 0.6715993402730571,
  "fber": -1.0,
  "fwhm_avg": 4.58891,
  "fwhm_x": 4.62056,
  "fwhm_y": 4.45746,
  "fwhm_z": 4.68871,
  "icvs_csf": 0.19051396477639634,
  "icvs_gm": 0.44259867196596536,
  "icvs_wm": 0.3668873632576383,
  "inu_med": 0.35218387842178345,
  "inu_range": 0.13920074105262753,
  "provenance": {
    "md5sum": "aae62d5cb09ef0399cb85929758b2728",
    "settings": {
      "testing": false
    },
    "software": "mriqc",
    "version": "23.0.0",
    "warnings": {
      "large_rot_frame": true,
      "small_air_mask": false
    },
    "webapi_port": null,
    "webapi_url": "https://mriqc.nimh.nih.gov/api/v1"
  },
  "qi_1": 1.1347205021300325e-05,
  "qi_2": 0.0021155011946378875,
  "rpve_csf": 13.028644081095026,
  "rpve_gm": 5.924478051244879,
  "rpve_wm": 7.949825171262289,
  "size_x": 168,
  "size_y": 192,
  "size_z": 172,
  "snr_csf": 2.6823762675613976,
  "snr_gm": 16.58867569723304,
  "snr_total": 14.76130730491308,
  "snr_wm": 25.0128699499448,
  "snrd_csf": 34.442183227641735,
  "snrd_gm": 83.5073705869247,
  "snrd_total": 74.88627264054502,
  "snrd_wm": 106.70926410706858,
  "spacing_x": 1.0,
  "spacing_y": 1.0,
  "spacing_z": 1.0,
  "summary_bg_k": 35.83895425581039,
  "summary_bg_mad": 0.0,
  "summary_bg_mean": 2.196112932322794,
  "summary_bg_median": 0.0,
  "summary_bg_n": 1071800.0,
  "summary_bg_p05": 0.0,
  "summary_bg_p95": 12.460266932845116,
  "summary_bg_stdv": 6.1397121191869735,
  "summary_csf_k": 1.126012096702559,
  "summary_csf_mad": 71.06688278544569,
  "summary_csf_mean": 320.36039829973276,
  "summary_csf_median": 322.7802481651306,
  "summary_csf_n": 39675.0,
  "summary_csf_p05": 66.36999325454235,
  "summary_csf_p95": 519.614322029799,
  "summary_csf_stdv": 120.33217868756755,
  "summary_gm_k": -0.014425215070181796,
  "summary_gm_mad": 47.660681337542485,
  "summary_gm_mean": 780.8725830882469,
  "summary_gm_median": 782.6022416613996,
  "summary_gm_n": 33486.0,
  "summary_gm_p05": 701.3350245058537,
  "summary_gm_p95": 855.9016690775752,
  "summary_gm_stdv": 47.176192382296094,
  "summary_wm_k": 0.6456274259770494,
  "summary_wm_mad": 38.01544127780251,
  "summary_wm_mean": 1002.9458133888635,
  "summary_wm_median": 1000.04237601161,
  "summary_wm_n": 195600.0,
  "summary_wm_p05": 942.5725734233856,
  "summary_wm_p95": 1073.066321335733,
  "summary_wm_stdv": 39.981010642283685,
  "tpm_overlap_csf": 0.16733598115636522,
  "tpm_overlap_gm": 0.46341508027396444,
  "tpm_overlap_wm": 0.4857541093968836,
  "wm2max": 0.4151009781155443
}