{
  "bids_meta": {
    "AcquisitionMatrixPE": 256,
    "AcquisitionNumber": 1,
    "AcquisitionTime": "12:56:38.800000",
    "BaseResolution": 256,
    "BodyPartExamined": "HEAD",
    "CoilString": "HC1-7;NC1_2",
    "ConsistencyInfo": "N4_VD13D_LATEST_20130810",
    "ConversionSoftware": "dcm2niix",
    "ConversionSoftwareVersion": "v1.0.20190902",
    "DeviceSerialNumber": "66014",
    "DwellTime": 1.03e-05,
    "EchoTime": 0.00234,
    "FlipAngle": 9,
    "ImageOrientationPatientDICOM": [
      0.0523357,
      0.99863,
      0.000174491,
      0.00174972,
      8.30316e-05,
      -0.999998
    ],
    "ImageType": [
      "ORIGINAL",
      "PRIMARY",
      "M",
      "NORM",
      "DIS2D"
    ],
    "ImagingFrequency": 123.26,
    "InPlanePhaseEncodingDirectionDICOM": "ROW",
    "InstitutionAddress": "Yiheyuan_Road_5_Beijing3cd14b_Haidian_CN_100871",
    "InstitutionName": "Peking_Univeristy",
    "InstitutionalDepartmentName": "Department",
    "InversionTime": 0.807,
    "MRAcquisitionType": "3D",
    "MagneticFieldStrength": 3,
    "Manufacturer": "Siemens",
    "ManufacturersModelName": "Prisma",
    "Modality": "MR",
    "ParallelReductionFactorInPlane": 2,
    "PartialFourier": 1,
    "PatientPosition": "HFS",
    "PercentPhaseFOV": 100,
    "PhaseEncodingSteps": 255,
    "PhaseResolution": 1,
    "PixelBandwidth": 190,
    "ProcedureStepDescription": "Research_Projects_64CH",
    "ProtocolName": "T1_mpr_ns_sag_ADNI_176mm",
    "PulseSequenceDetails": "%SiemensSeq%_tfl",
    "ReceiveCoilActiveElements": "HC1-7;NC1,2",
    "ReceiveCoilName": "HeadNeck_64",
    "ReconMatrixPE": 256,
    "RefLinesPE": 24,
    "RepetitionTime": 1.54,
    "SAR": 0.0740147,
    "ScanOptions": "IR",
    "ScanningSequence": "GR_IR",
    "SequenceName": "_tfl3d1_16ns",
    "SequenceVariant": "SK_SP_MP",
    "SeriesDescription": "T1_mpr_ns_sag_ADNI_176mm",
    "SeriesNumber": 3,
    "ShimSetting": [
      -3451,
      -2096,
      -2173,
      36,
      -6,
      -112,
      17,
      26
    ],
    "SliceThickness": 1,
    "SoftwareVersions": "syngo_MR_D13D",
    "StationName": "AWP66014",
    "TxRefAmp": 216.972,
    "dataset": "ds003988",
    "modality": "T1w",
    "subject_id": "53"
  },
  "cjv": 0.38240869994214566,
  "cnr": 3.52492194232227,
  "efc": 0.6801181146392165,
  "fber": -1.0,
  "fwhm_avg": 4.405143333333332,
  "fwhm_x": 4.37803,
  "fwhm_y": 4.34553,
  "fwhm_z": 4.49187,
  "icvs_csf": 0.2082378915544709,
  "icvs_gm": 0.4162425058377767,
  "icvs_wm": 0.3755196026077524,
  "inu_med": 0.3014259338378906,
  "inu_range": 0.11985582113265991,
  "provenance": {
    "md5sum": "3cd5ffdcb8ab6fc0fe2745c7e03cedd4",
    "settings": {
      "testing": false
    },
    "software": "mriqc",
    "version": "23.0.0",
    "warnings": {
      "large_rot_frame": true,
      "small_air_mask": false
    },
    "webapi_port": null,
    "webapi_url": "https://mriqc.nimh.nih.gov/api/v1"
  },
  "qi_1": 0.0003360945809691386,
  "qi_2": 0.0026768163592479468,
  "rpve_csf": 10.87242903160387,
  "rpve_gm": 5.538936187880386,
  "rpve_wm": 7.104824402257409,
  "size_x": 165,
  "size_y": 189,
  "size_z": 150,
  "snr_csf": 3.2408196277246857,
  "snr_gm": 15.265888669128875,
  "snr_total": 15.409700446041056,
  "snr_wm": 27.7223930412696,
  "snrd_csf": 41.686829751708636,
  "snrd_gm": 96.11554356671934,
  "snrd_total": 87.06482816682096,
  "snrd_wm": 123.39211118203485,
  "spacing_x": 1.0,
  "spacing_y": 1.0,
  "spacing_z": 1.0,
  "summary_bg_k": 91.39115424135059,
  "summary_bg_mad": 0.0,
  "summary_bg_mean": 1.7439744488748943,
  "summary_bg_median": 0.0,
  "summary_bg_n": 914101.0,
  "summary_bg_p05": 0.0,
  "summary_bg_p95": 8.800476551055908,
  "summary_bg_stdv": 5.309629699226896,
  "summary_csf_k": 1.9359510026784932,
  "summary_csf_mad": 73.59665292373795,
  "summary_csf_mean": 341.8825762778195,
  "summary_csf_median": 337.8557950928807,
  "summary_csf_n": 42007.0,
  "summary_csf_p05": 140.98638449683787,
  "summary_csf_p95": 521.26322671473,
  "summary_csf_stdv": 104.24886678546339,
  "summary_gm_k": -0.00914875631501788,
  "summary_gm_mad": 51.1031237291329,
  "summary_gm_mean": 777.5392801487258,
  "summary_gm_median": 778.9796822145581,
  "summary_gm_n": 26944.0,
  "summary_gm_p05": 691.2040957808495,
  "summary_gm_p95": 859.6896777089685,
  "summary_gm_stdv": 51.02652347545036,
  "summary_wm_k": 0.8017332378695827,
  "summary_wm_mad": 33.43449052491142,
  "summary_wm_mean": 1003.1284449661189,
  "summary_wm_median": 1000.0458197444677,
  "summary_wm_n": 202377.0,
  "summary_wm_p05": 949.6630914896728,
  "summary_wm_p95": 1067.149453446269,
  "summary_wm_stdv": 36.07348570172091,
  "tpm_overlap_csf": 0.19274434542972796,
  "tpm_overlap_gm": 0.4769681957545627,
  "tpm_overlap_wm": 0.52707258979207,
  "wm2max": 0.3842727745618874
}