{
  "bids_meta": {
    "AcquisitionMatrixPE": 256,
    "AcquisitionNumber": 1,
    "AcquisitionTime": "12:56:38.800000",
    "BaseResolution": 256,
    "BodyPartExamined": "HEAD",
    "CoilString": "HC1-7;NC1_2",
    "ConsistencyInfo": "N4_VD13D_LATEST_20130810",
    "ConversionSoftware": "dcm2niix",
    "ConversionSoftwareVersion": "v1.0.20190902",
    "DeviceSerialNumber": "66014",
    "DwellTime": 1.03e-05,
    "EchoTime": 0.00234,
    "FlipAngle": 9,
    "ImageOrientationPatientDICOM": [
      0.0523357,
      0.99863,
      0.000174491,
      0.00174972,
      8.30316e-05,
      -0.999998
    ],
    "ImageType": [
      "ORIGINAL",
      "PRIMARY",
      "M",
      "NORM",
      "DIS2D"
    ],
    "ImagingFrequency": 123.26,
    "InPlanePhaseEncodingDirectionDICOM": "ROW",
    "InstitutionAddress": "Yiheyuan_Road_5_Beijing3cd14b_Haidian_CN_100871",
    "InstitutionName": "Peking_Univeristy",
    "InstitutionalDepartmentName": "Department",
    "InversionTime": 0.807,
    "MRAcquisitionType": "3D",
    "MagneticFieldStrength": 3,
    "Manufacturer": "Siemens",
    "ManufacturersModelName": "Prisma",
    "Modality": "MR",
    "ParallelReductionFactorInPlane": 2,
    "PartialFourier": 1,
    "PatientPosition": "HFS",
    "PercentPhaseFOV": 100,
    "PhaseEncodingSteps": 255,
    "PhaseResolution": 1,
    "PixelBandwidth": 190,
    "ProcedureStepDescription": "Research_Projects_64CH",
    "ProtocolName": "T1_mpr_ns_sag_ADNI_176mm",
    "PulseSequenceDetails": "%SiemensSeq%_tfl",
    "ReceiveCoilActiveElements": "HC1-7;NC1,2",
    "ReceiveCoilName": "HeadNeck_64",
    "ReconMatrixPE": 256,
    "RefLinesPE": 24,
    "RepetitionTime": 1.54,
    "SAR": 0.0740147,
    "ScanOptions": "IR",
    "ScanningSequence": "GR_IR",
    "SequenceName": "_tfl3d1_16ns",
    "SequenceVariant": "SK_SP_MP",
    "SeriesDescription": "T1_mpr_ns_sag_ADNI_176mm",
    "SeriesNumber": 3,
    "ShimSetting": [
      -3451,
      -2096,
      -2173,
      36,
      -6,
      -112,
      17,
      26
    ],
    "SliceThickness": 1,
    "SoftwareVersions": "syngo_MR_D13D",
    "StationName": "AWP66014",
    "TxRefAmp": 216.972,
    "dataset": "ds003988",
    "modality": "T1w",
    "subject_id": "07"
  },
  "cjv": 0.4391634585240474,
  "cnr": 2.9844263815518,
  "efc": 0.6602134148808528,
  "fber": 6169.752282039839,
  "fwhm_avg": 5.087993333333333,
  "fwhm_x": 5.17351,
  "fwhm_y": 5.02924,
  "fwhm_z": 5.06123,
  "icvs_csf": 0.19970258741224797,
  "icvs_gm": 0.3968413879769198,
  "icvs_wm": 0.4034560246108322,
  "inu_med": 0.7017439901828766,
  "inu_range": 0.5158732309937476,
  "provenance": {
    "md5sum": "37fe32e4aada46f99c79fd9000839162",
    "settings": {
      "testing": false
    },
    "software": "mriqc",
    "version": "23.0.0",
    "warnings": {
      "large_rot_frame": true,
      "small_air_mask": false
    },
    "webapi_port": null,
    "webapi_url": "https://mriqc.nimh.nih.gov/api/v1"
  },
  "qi_1": 0.00012049392407584046,
  "qi_2": 0.004765496434877235,
  "rpve_csf": 16.688425991171403,
  "rpve_gm": 8.107145579567339,
  "rpve_wm": 9.18146384042723,
  "size_x": 170,
  "size_y": 218,
  "size_z": 200,
  "snr_csf": 2.99686624997412,
  "snr_gm": 14.71815591024442,
  "snr_total": 11.435950170501796,
  "snr_wm": 16.592828351286848,
  "snrd_csf": 9.951114997126266,
  "snrd_gm": 21.618706351944567,
  "snrd_total": 20.077449410428397,
  "snrd_wm": 28.662526882214358,
  "spacing_x": 1.0,
  "spacing_y": 1.0,
  "spacing_z": 1.0,
  "summary_bg_k": 21.422414541230932,
  "summary_bg_mad": 0.0,
  "summary_bg_mean": 10.77877770156962,
  "summary_bg_median": 0.0,
  "summary_bg_n": 1216013.0,
  "summary_bg_p05": 0.0,
  "summary_bg_p95": 55.30474126338959,
  "summary_bg_stdv": 22.85850885796198,
  "summary_csf_k": 6.898374565582463,
  "summary_csf_mad": 98.31025021112363,
  "summary_csf_mean": 352.2535794590412,
  "summary_csf_median": 347.206551656127,
  "summary_csf_n": 48741.0,
  "summary_csf_p05": 166.05530731379986,
  "summary_csf_p95": 539.0096020326018,
  "summary_csf_stdv": 115.85535053173126,
  "summary_gm_k": -0.030172607264121076,
  "summary_gm_mad": 51.35141792942734,
  "summary_gm_mean": 753.8393401823176,
  "summary_gm_median": 754.3030590936542,
  "summary_gm_n": 18852.0,
  "summary_gm_p05": 668.5242767259479,
  "summary_gm_p95": 837.2601709887385,
  "summary_gm_stdv": 51.24847552316488,
  "summary_wm_k": 0.718622936921673,
  "summary_wm_mad": 56.580686557678604,
  "summary_wm_mean": 1008.3423738865077,
  "summary_wm_median": 1000.0705572590232,
  "summary_wm_n": 182420.0,
  "summary_wm_p05": 924.8024974018335,
  "summary_wm_p95": 1119.9915523454547,
  "summary_wm_stdv": 60.271087903876534,
  "tpm_overlap_csf": 0.18588373270089786,
  "tpm_overlap_gm": 0.4487475234292386,
  "tpm_overlap_wm": 0.4866258661040708,
  "wm2max": 0.27697026530691987
}