{
  "bids_meta": {
    "AcquisitionMatrixPE": 256,
    "AcquisitionNumber": 1,
    "AcquisitionTime": "12:56:38.800000",
    "BaseResolution": 256,
    "BodyPartExamined": "HEAD",
    "CoilString": "HC1-7;NC1_2",
    "ConsistencyInfo": "N4_VD13D_LATEST_20130810",
    "ConversionSoftware": "dcm2niix",
    "ConversionSoftwareVersion": "v1.0.20190902",
    "DeviceSerialNumber": "66014",
    "DwellTime": 1.03e-05,
    "EchoTime": 0.00234,
    "FlipAngle": 9,
    "ImageOrientationPatientDICOM": [
      0.0523357,
      0.99863,
      0.000174491,
      0.00174972,
      8.30316e-05,
      -0.999998
    ],
    "ImageType": [
      "ORIGINAL",
      "PRIMARY",
      "M",
      "NORM",
      "DIS2D"
    ],
    "ImagingFrequency": 123.26,
    "InPlanePhaseEncodingDirectionDICOM": "ROW",
    "InstitutionAddress": "Yiheyuan_Road_5_Beijing3cd14b_Haidian_CN_100871",
    "InstitutionName": "Peking_Univeristy",
    "InstitutionalDepartmentName": "Department",
    "InversionTime": 0.807,
    "MRAcquisitionType": "3D",
    "MagneticFieldStrength": 3,
    "Manufacturer": "Siemens",
    "ManufacturersModelName": "Prisma",
    "Modality": "MR",
    "ParallelReductionFactorInPlane": 2,
    "PartialFourier": 1,
    "PatientPosition": "HFS",
    "PercentPhaseFOV": 100,
    "PhaseEncodingSteps": 255,
    "PhaseResolution": 1,
    "PixelBandwidth": 190,
    "ProcedureStepDescription": "Research_Projects_64CH",
    "ProtocolName": "T1_mpr_ns_sag_ADNI_176mm",
    "PulseSequenceDetails": "%SiemensSeq%_tfl",
    "ReceiveCoilActiveElements": "HC1-7;NC1,2",
    "ReceiveCoilName": "HeadNeck_64",
    "ReconMatrixPE": 256,
    "RefLinesPE": 24,
    "RepetitionTime": 1.54,
    "SAR": 0.0740147,
    "ScanOptions": "IR",
    "ScanningSequence": "GR_IR",
    "SequenceName": "_tfl3d1_16ns",
    "SequenceVariant": "SK_SP_MP",
    "SeriesDescription": "T1_mpr_ns_sag_ADNI_176mm",
    "SeriesNumber": 3,
    "ShimSetting": [
      -3451,
      -2096,
      -2173,
      36,
      -6,
      -112,
      17,
      26
    ],
    "SliceThickness": 1,
    "SoftwareVersions": "syngo_MR_D13D",
    "StationName": "AWP66014",
    "TxRefAmp": 216.972,
    "dataset": "ds003988",
    "modality": "T1w",
    "subject_id": "26"
  },
  "cjv": 0.3654768702979309,
  "cnr": 3.6845357138474046,
  "efc": 0.6590611326095888,
  "fber": -1.0,
  "fwhm_avg": 4.652299999999999,
  "fwhm_x": 4.7555,
  "fwhm_y": 4.53302,
  "fwhm_z": 4.66838,
  "icvs_csf": 0.21215853623347708,
  "icvs_gm": 0.424106459546942,
  "icvs_wm": 0.363735004219581,
  "inu_med": 0.3989400863647461,
  "inu_range": 0.19323903918266294,
  "provenance": {
    "md5sum": "54819b8403c5f3d4ba1ef48b410c2fe1",
    "settings": {
      "testing": false
    },
    "software": "mriqc",
    "version": "23.0.0",
    "warnings": {
      "large_rot_frame": true,
      "small_air_mask": false
    },
    "webapi_port": null,
    "webapi_url": "https://mriqc.nimh.nih.gov/api/v1"
  },
  "qi_1": 1.77163445400091e-05,
  "qi_2": 0.009644007299831404,
  "rpve_csf": 12.090539067129791,
  "rpve_gm": 6.157060719878901,
  "rpve_wm": 8.20816872991934,
  "size_x": 167,
  "size_y": 186,
  "size_z": 187,
  "snr_csf": 3.1143155287084503,
  "snr_gm": 16.599790826342623,
  "snr_total": 15.50449244297905,
  "snr_wm": 26.799370973886077,
  "snrd_csf": 62.11125048197544,
  "snrd_gm": 154.01654543554957,
  "snrd_total": 137.9635542147088,
  "snrd_wm": 197.76286672660143,
  "spacing_x": 1.0,
  "spacing_y": 1.0,
  "spacing_z": 1.0,
  "summary_bg_k": 23.797941116153414,
  "summary_bg_mad": 0.0,
  "summary_bg_mean": 1.020314891585583,
  "summary_bg_median": 0.0,
  "summary_bg_n": 927189.0,
  "summary_bg_p05": 0.0,
  "summary_bg_p95": 9.671405091881752,
  "summary_bg_stdv": 3.312930117807562,
  "summary_csf_k": 8.373124753383951,
  "summary_csf_mad": 77.65435622961412,
  "summary_csf_mean": 329.8843976949134,
  "summary_csf_median": 314.08761958032846,
  "summary_csf_n": 51080.0,
  "summary_csf_p05": 196.57130849249663,
  "summary_csf_p95": 512.4679469168186,
  "summary_csf_stdv": 100.85187008261894,
  "summary_gm_k": 0.11210925200837885,
  "summary_gm_mad": 46.81719808281519,
  "summary_gm_mean": 777.5022142431856,
  "summary_gm_median": 778.8394172787666,
  "summary_gm_n": 32852.0,
  "summary_gm_p05": 699.5193301562219,
  "summary_gm_p95": 852.4498797085134,
  "summary_gm_stdv": 46.91791430245443,
  "summary_wm_k": 1.1673287008790094,
  "summary_wm_mad": 34.03316613400219,
  "summary_wm_mean": 1003.2235213316372,
  "summary_wm_median": 1000.0582433864474,
  "summary_wm_n": 194297.0,
  "summary_wm_p05": 948.43857524544,
  "summary_wm_p95": 1069.1563544645905,
  "summary_wm_stdv": 37.31638592666232,
  "tpm_overlap_csf": 0.1722109510073611,
  "tpm_overlap_gm": 0.46490697489010696,
  "tpm_overlap_wm": 0.49460709450565327,
  "wm2max": 0.3565123476021351
}