{
  "bids_meta": {
    "AcquisitionMatrixPE": 256,
    "AcquisitionNumber": 1,
    "AcquisitionTime": "12:56:38.800000",
    "BaseResolution": 256,
    "BodyPartExamined": "HEAD",
    "CoilString": "HC1-7;NC1_2",
    "ConsistencyInfo": "N4_VD13D_LATEST_20130810",
    "ConversionSoftware": "dcm2niix",
    "ConversionSoftwareVersion": "v1.0.20190902",
    "DeviceSerialNumber": "66014",
    "DwellTime": 1.03e-05,
    "EchoTime": 0.00234,
    "FlipAngle": 9,
    "ImageOrientationPatientDICOM": [
      0.0523357,
      0.99863,
      0.000174491,
      0.00174972,
      8.30316e-05,
      -0.999998
    ],
    "ImageType": [
      "ORIGINAL",
      "PRIMARY",
      "M",
      "NORM",
      "DIS2D"
    ],
    "ImagingFrequency": 123.26,
    "InPlanePhaseEncodingDirectionDICOM": "ROW",
    "InstitutionAddress": "Yiheyuan_Road_5_Beijing3cd14b_Haidian_CN_100871",
    "InstitutionName": "Peking_Univeristy",
    "InstitutionalDepartmentName": "Department",
    "InversionTime": 0.807,
    "MRAcquisitionType": "3D",
    "MagneticFieldStrength": 3,
    "Manufacturer": "Siemens",
    "ManufacturersModelName": "Prisma",
    "Modality": "MR",
    "ParallelReductionFactorInPlane": 2,
    "PartialFourier": 1,
    "PatientPosition": "HFS",
    "PercentPhaseFOV": 100,
    "PhaseEncodingSteps": 255,
    "PhaseResolution": 1,
    "PixelBandwidth": 190,
    "ProcedureStepDescription": "Research_Projects_64CH",
    "ProtocolName": "T1_mpr_ns_sag_ADNI_176mm",
    "PulseSequenceDetails": "%SiemensSeq%_tfl",
    "ReceiveCoilActiveElements": "HC1-7;NC1,2",
    "ReceiveCoilName": "HeadNeck_64",
    "ReconMatrixPE": 256,
    "RefLinesPE": 24,
    "RepetitionTime": 1.54,
    "SAR": 0.0740147,
    "ScanOptions": "IR",
    "ScanningSequence": "GR_IR",
    "SequenceName": "_tfl3d1_16ns",
    "SequenceVariant": "SK_SP_MP",
    "SeriesDescription": "T1_mpr_ns_sag_ADNI_176mm",
    "SeriesNumber": 3,
    "ShimSetting": [
      -3451,
      -2096,
      -2173,
      36,
      -6,
      -112,
      17,
      26
    ],
    "SliceThickness": 1,
    "SoftwareVersions": "syngo_MR_D13D",
    "StationName": "AWP66014",
    "TxRefAmp": 216.972,
    "dataset": "ds003988",
    "modality": "T1w",
    "subject_id": "40"
  },
  "cjv": 0.37328289533508746,
  "cnr": 3.5636880330490737,
  "efc": 0.662968652299193,
  "fber": -1.0,
  "fwhm_avg": 4.0613866666666665,
  "fwhm_x": 4.01538,
  "fwhm_y": 3.98889,
  "fwhm_z": 4.17989,
  "icvs_csf": 0.20349838991454616,
  "icvs_gm": 0.4485509618731281,
  "icvs_wm": 0.34795064821232574,
  "inu_med": 0.4006984233856201,
  "inu_range": 0.15655927211046217,
  "provenance": {
    "md5sum": "a833558025e8df17f33d3efccc79febd",
    "settings": {
      "testing": false
    },
    "software": "mriqc",
    "version": "23.0.0",
    "warnings": {
      "large_rot_frame": true,
      "small_air_mask": false
    },
    "webapi_port": null,
    "webapi_url": "https://mriqc.nimh.nih.gov/api/v1"
  },
  "qi_1": 0.0003824878615598845,
  "qi_2": 0.001206641649417117,
  "rpve_csf": 15.294396092340179,
  "rpve_gm": 7.258416808541527,
  "rpve_wm": 10.328614630849806,
  "size_x": 158,
  "size_y": 196,
  "size_z": 200,
  "snr_csf": 3.191662496232038,
  "snr_gm": 16.40897008243865,
  "snr_total": 14.961435005511612,
  "snr_wm": 25.283672437864148,
  "snrd_csf": 13.841386833185616,
  "snrd_gm": 32.04231633705326,
  "snrd_total": 29.101576694237355,
  "snrd_wm": 41.421026912473195,
  "spacing_x": 1.0,
  "spacing_y": 1.0,
  "spacing_z": 1.0,
  "summary_bg_k": 159.98354729232534,
  "summary_bg_mad": 0.0,
  "summary_bg_mean": 3.6069188802564183,
  "summary_bg_median": 0.0,
  "summary_bg_n": 1020351.0,
  "summary_bg_p05": 0.0,
  "summary_bg_p95": 16.392592668533325,
  "summary_bg_stdv": 15.817338502241222,
  "summary_csf_k": 6.209093283135996,
  "summary_csf_mad": 65.60459241007761,
  "summary_csf_mean": 338.1720299992839,
  "summary_csf_median": 334.1806391477585,
  "summary_csf_n": 35179.0,
  "summary_csf_p05": 137.61477794647217,
  "summary_csf_p95": 516.9424848139286,
  "summary_csf_stdv": 104.70276534276506,
  "summary_gm_k": 0.08581308718462477,
  "summary_gm_mad": 47.376821717007985,
  "summary_gm_mean": 771.7510770356537,
  "summary_gm_median": 773.6162483096123,
  "summary_gm_n": 26123.0,
  "summary_gm_p05": 692.0267870783806,
  "summary_gm_p95": 845.4635294675827,
  "summary_gm_stdv": 47.14503330161287,
  "summary_wm_k": 0.6195357857661503,
  "summary_wm_mad": 37.147735209926715,
  "summary_wm_mean": 1002.495270695033,
  "summary_wm_median": 1000.0519033670425,
  "summary_wm_n": 149369.0,
  "summary_wm_p05": 942.0242003321648,
  "summary_wm_p95": 1071.6398080587387,
  "summary_wm_stdv": 39.55313684080404,
  "tpm_overlap_csf": 0.1716793022414516,
  "tpm_overlap_gm": 0.4808143579163791,
  "tpm_overlap_wm": 0.5069372726046519,
  "wm2max": 0.3582472311008697
}