{
  "bids_meta": {
    "AcquisitionMatrixPE": 256,
    "AcquisitionNumber": 1,
    "AcquisitionTime": "12:56:38.800000",
    "BaseResolution": 256,
    "BodyPartExamined": "HEAD",
    "CoilString": "HC1-7;NC1_2",
    "ConsistencyInfo": "N4_VD13D_LATEST_20130810",
    "ConversionSoftware": "dcm2niix",
    "ConversionSoftwareVersion": "v1.0.20190902",
    "DeviceSerialNumber": "66014",
    "DwellTime": 1.03e-05,
    "EchoTime": 0.00234,
    "FlipAngle": 9,
    "ImageOrientationPatientDICOM": [
      0.0523357,
      0.99863,
      0.000174491,
      0.00174972,
      8.30316e-05,
      -0.999998
    ],
    "ImageType": [
      "ORIGINAL",
      "PRIMARY",
      "M",
      "NORM",
      "DIS2D"
    ],
    "ImagingFrequency": 123.26,
    "InPlanePhaseEncodingDirectionDICOM": "ROW",
    "InstitutionAddress": "Yiheyuan_Road_5_Beijing3cd14b_Haidian_CN_100871",
    "InstitutionName": "Peking_Univeristy",
    "InstitutionalDepartmentName": "Department",
    "InversionTime": 0.807,
    "MRAcquisitionType": "3D",
    "MagneticFieldStrength": 3,
    "Manufacturer": "Siemens",
    "ManufacturersModelName": "Prisma",
    "Modality": "MR",
    "ParallelReductionFactorInPlane": 2,
    "PartialFourier": 1,
    "PatientPosition": "HFS",
    "PercentPhaseFOV": 100,
    "PhaseEncodingSteps": 255,
    "PhaseResolution": 1,
    "PixelBandwidth": 190,
    "ProcedureStepDescription": "Research_Projects_64CH",
    "ProtocolName": "T1_mpr_ns_sag_ADNI_176mm",
    "PulseSequenceDetails": "%SiemensSeq%_tfl",
    "ReceiveCoilActiveElements": "HC1-7;NC1,2",
    "ReceiveCoilName": "HeadNeck_64",
    "ReconMatrixPE": 256,
    "RefLinesPE": 24,
    "RepetitionTime": 1.54,
    "SAR": 0.0740147,
    "ScanOptions": "IR",
    "ScanningSequence": "GR_IR",
    "SequenceName": "_tfl3d1_16ns",
    "SequenceVariant": "SK_SP_MP",
    "SeriesDescription": "T1_mpr_ns_sag_ADNI_176mm",
    "SeriesNumber": 3,
    "ShimSetting": [
      -3451,
      -2096,
      -2173,
      36,
      -6,
      -112,
      17,
      26
    ],
    "SliceThickness": 1,
    "SoftwareVersions": "syngo_MR_D13D",
    "StationName": "AWP66014",
    "TxRefAmp": 216.972,
    "dataset": "ds003988",
    "modality": "T1w",
    "subject_id": "47"
  },
  "cjv": 0.38056326099834475,
  "cnr": 3.611179903490451,
  "efc": 0.6708811553890761,
  "fber": -1.0,
  "fwhm_avg": 4.377703333333333,
  "fwhm_x": 4.34211,
  "fwhm_y": 4.3732,
  "fwhm_z": 4.4178,
  "icvs_csf": 0.20573078086258045,
  "icvs_gm": 0.43211979416993385,
  "icvs_wm": 0.3621494249674857,
  "inu_med": 0.3630070388317108,
  "inu_range": 0.13330705165863038,
  "provenance": {
    "md5sum": "41367943665ee0e9855081e5ad8844ea",
    "settings": {
      "testing": false
    },
    "software": "mriqc",
    "version": "23.0.0",
    "warnings": {
      "large_rot_frame": true,
      "small_air_mask": false
    },
    "webapi_port": null,
    "webapi_url": "https://mriqc.nimh.nih.gov/api/v1"
  },
  "qi_1": 0.0,
  "qi_2": 0.0024957430924115722,
  "rpve_csf": 13.2572713569632,
  "rpve_gm": 6.480395625780913,
  "rpve_wm": 8.637876215802702,
  "size_x": 159,
  "size_y": 197,
  "size_z": 192,
  "snr_csf": 2.569899950967856,
  "snr_gm": 16.01370422188804,
  "snr_total": 14.294033445055598,
  "snr_wm": 24.298496162310897,
  "snrd_csf": 38.77024519826192,
  "snrd_gm": 95.77748826036604,
  "snrd_total": 86.28125719528255,
  "snrd_wm": 124.29603812721972,
  "spacing_x": 1.0,
  "spacing_y": 1.0,
  "spacing_z": 1.0,
  "summary_bg_k": 17.08401986903047,
  "summary_bg_mad": 0.0,
  "summary_bg_mean": 2.287228895497685,
  "summary_bg_median": 0.0,
  "summary_bg_n": 1066571.0,
  "summary_bg_p05": 0.0,
  "summary_bg_p95": 10.176449865102768,
  "summary_bg_stdv": 5.271004711908853,
  "summary_csf_k": 3.7117114287354234,
  "summary_csf_mad": 85.41021547746718,
  "summary_csf_mean": 312.8396743817904,
  "summary_csf_median": 311.93221002817154,
  "summary_csf_n": 49269.0,
  "summary_csf_p05": 78.2669448852539,
  "summary_csf_p95": 510.3511445224285,
  "summary_csf_stdv": 121.37789422168473,
  "summary_gm_k": 0.08490741639632882,
  "summary_gm_mad": 47.8854089049181,
  "summary_gm_mean": 769.392938269736,
  "summary_gm_median": 770.5931038409472,
  "summary_gm_n": 38270.0,
  "summary_gm_p05": 688.2861520349979,
  "summary_gm_p95": 846.2176658213139,
  "summary_gm_stdv": 48.12022410615566,
  "summary_wm_k": 0.3874761466730128,
  "summary_wm_mad": 39.43504262757961,
  "summary_wm_mean": 1003.4540845736702,
  "summary_wm_median": 1000.0436590611935,
  "summary_wm_n": 200555.0,
  "summary_wm_p05": 942.2606411576271,
  "summary_wm_p95": 1077.1313586831093,
  "summary_wm_stdv": 41.15650446790586,
  "tpm_overlap_csf": 0.16184363399019294,
  "tpm_overlap_gm": 0.4846803800862187,
  "tpm_overlap_wm": 0.5097420369390361,
  "wm2max": 0.3890739663220816
}