{
  "bids_meta": {
    "AcquisitionMatrixPE": 256,
    "AcquisitionNumber": 1,
    "AcquisitionTime": "12:56:38.800000",
    "BaseResolution": 256,
    "BodyPartExamined": "HEAD",
    "CoilString": "HC1-7;NC1_2",
    "ConsistencyInfo": "N4_VD13D_LATEST_20130810",
    "ConversionSoftware": "dcm2niix",
    "ConversionSoftwareVersion": "v1.0.20190902",
    "DeviceSerialNumber": "66014",
    "DwellTime": 1.03e-05,
    "EchoTime": 0.00234,
    "FlipAngle": 9,
    "ImageOrientationPatientDICOM": [
      0.0523357,
      0.99863,
      0.000174491,
      0.00174972,
      8.30316e-05,
      -0.999998
    ],
    "ImageType": [
      "ORIGINAL",
      "PRIMARY",
      "M",
      "NORM",
      "DIS2D"
    ],
    "ImagingFrequency": 123.26,
    "InPlanePhaseEncodingDirectionDICOM": "ROW",
    "InstitutionAddress": "Yiheyuan_Road_5_Beijing3cd14b_Haidian_CN_100871",
    "InstitutionName": "Peking_Univeristy",
    "InstitutionalDepartmentName": "Department",
    "InversionTime": 0.807,
    "MRAcquisitionType": "3D",
    "MagneticFieldStrength": 3,
    "Manufacturer": "Siemens",
    "ManufacturersModelName": "Prisma",
    "Modality": "MR",
    "ParallelReductionFactorInPlane": 2,
    "PartialFourier": 1,
    "PatientPosition": "HFS",
    "PercentPhaseFOV": 100,
    "PhaseEncodingSteps": 255,
    "PhaseResolution": 1,
    "PixelBandwidth": 190,
    "ProcedureStepDescription": "Research_Projects_64CH",
    "ProtocolName": "T1_mpr_ns_sag_ADNI_176mm",
    "PulseSequenceDetails": "%SiemensSeq%_tfl",
    "ReceiveCoilActiveElements": "HC1-7;NC1,2",
    "ReceiveCoilName": "HeadNeck_64",
    "ReconMatrixPE": 256,
    "RefLinesPE": 24,
    "RepetitionTime": 1.54,
    "SAR": 0.0740147,
    "ScanOptions": "IR",
    "ScanningSequence": "GR_IR",
    "SequenceName": "_tfl3d1_16ns",
    "SequenceVariant": "SK_SP_MP",
    "SeriesDescription": "T1_mpr_ns_sag_ADNI_176mm",
    "SeriesNumber": 3,
    "ShimSetting": [
      -3451,
      -2096,
      -2173,
      36,
      -6,
      -112,
      17,
      26
    ],
    "SliceThickness": 1,
    "SoftwareVersions": "syngo_MR_D13D",
    "StationName": "AWP66014",
    "TxRefAmp": 216.972,
    "dataset": "ds003988",
    "modality": "T1w",
    "subject_id": "52"
  },
  "cjv": 0.39894637929518645,
  "cnr": 3.455688125976478,
  "efc": 0.7065162423567658,
  "fber": -1.0,
  "fwhm_avg": 4.5507833333333325,
  "fwhm_x": 4.53129,
  "fwhm_y": 4.58088,
  "fwhm_z": 4.54018,
  "icvs_csf": 0.20182218255810325,
  "icvs_gm": 0.40462833052094477,
  "icvs_wm": 0.393549486920952,
  "inu_med": 0.30464109778404236,
  "inu_range": 0.11942727118730545,
  "provenance": {
    "md5sum": "26efa76c565cbb0bc94e5682ae9d7153",
    "settings": {
      "testing": false
    },
    "software": "mriqc",
    "version": "23.0.0",
    "warnings": {
      "large_rot_frame": true,
      "small_air_mask": false
    },
    "webapi_port": null,
    "webapi_url": "https://mriqc.nimh.nih.gov/api/v1"
  },
  "qi_1": 0.0,
  "qi_2": 0.002854494579058567,
  "rpve_csf": 10.982579548864862,
  "rpve_gm": 5.552971736651158,
  "rpve_wm": 6.729904662706323,
  "size_x": 172,
  "size_y": 201,
  "size_z": 159,
  "snr_csf": 3.601835337988975,
  "snr_gm": 15.810636219028869,
  "snr_total": 14.879729823757117,
  "snr_wm": 25.226717914253513,
  "snrd_csf": 51.944981427537336,
  "snrd_gm": 121.47075700781573,
  "snrd_total": 109.66922175366471,
  "snrd_wm": 155.59192682564108,
  "spacing_x": 1.0,
  "spacing_y": 1.0,
  "spacing_z": 1.0,
  "summary_bg_k": 21.35353986096387,
  "summary_bg_mad": 0.0,
  "summary_bg_mean": 1.6468421953497159,
  "summary_bg_median": 0.0,
  "summary_bg_n": 1094265.0,
  "summary_bg_p05": 0.0,
  "summary_bg_p95": 8.444379664957523,
  "summary_bg_stdv": 4.210812315159567,
  "summary_csf_k": 2.3100681729191956,
  "summary_csf_mad": 66.28904577488652,
  "summary_csf_mean": 345.59219385496687,
  "summary_csf_median": 333.87027114629745,
  "summary_csf_n": 52618.0,
  "summary_csf_p05": 227.0708335340023,
  "summary_csf_p95": 518.9217738445845,
  "summary_csf_stdv": 92.69360401453825,
  "summary_gm_k": -0.01997699192762159,
  "summary_gm_mad": 49.78915228506761,
  "summary_gm_mean": 779.0785151591576,
  "summary_gm_median": 780.7390331849456,
  "summary_gm_n": 27901.0,
  "summary_gm_p05": 695.8071221038699,
  "summary_gm_p95": 857.470621816814,
  "summary_gm_stdv": 49.37973595790344,
  "summary_wm_k": 0.5805130363830555,
  "summary_wm_mad": 37.70370398331428,
  "summary_wm_mean": 1003.138785797334,
  "summary_wm_median": 1000.048847258091,
  "summary_wm_n": 251304.0,
  "summary_wm_p05": 943.8180647492409,
  "summary_wm_p95": 1073.119577653706,
  "summary_wm_stdv": 39.64236889380486,
  "tpm_overlap_csf": 0.17959095627010782,
  "tpm_overlap_gm": 0.4487782173777113,
  "tpm_overlap_wm": 0.5052598110930147,
  "wm2max": 0.3865437713559542
}