{
  "bids_meta": {
    "AcquisitionMatrixPE": 256,
    "AcquisitionNumber": 1,
    "AcquisitionTime": "12:56:38.800000",
    "BaseResolution": 256,
    "BodyPartExamined": "HEAD",
    "CoilString": "HC1-7;NC1_2",
    "ConsistencyInfo": "N4_VD13D_LATEST_20130810",
    "ConversionSoftware": "dcm2niix",
    "ConversionSoftwareVersion": "v1.0.20190902",
    "DeviceSerialNumber": "66014",
    "DwellTime": 1.03e-05,
    "EchoTime": 0.00234,
    "FlipAngle": 9,
    "ImageOrientationPatientDICOM": [
      0.0523357,
      0.99863,
      0.000174491,
      0.00174972,
      8.30316e-05,
      -0.999998
    ],
    "ImageType": [
      "ORIGINAL",
      "PRIMARY",
      "M",
      "NORM",
      "DIS2D"
    ],
    "ImagingFrequency": 123.26,
    "InPlanePhaseEncodingDirectionDICOM": "ROW",
    "InstitutionAddress": "Yiheyuan_Road_5_Beijing3cd14b_Haidian_CN_100871",
    "InstitutionName": "Peking_Univeristy",
    "InstitutionalDepartmentName": "Department",
    "InversionTime": 0.807,
    "MRAcquisitionType": "3D",
    "MagneticFieldStrength": 3,
    "Manufacturer": "Siemens",
    "ManufacturersModelName": "Prisma",
    "Modality": "MR",
    "ParallelReductionFactorInPlane": 2,
    "PartialFourier": 1,
    "PatientPosition": "HFS",
    "PercentPhaseFOV": 100,
    "PhaseEncodingSteps": 255,
    "PhaseResolution": 1,
    "PixelBandwidth": 190,
    "ProcedureStepDescription": "Research_Projects_64CH",
    "ProtocolName": "T1_mpr_ns_sag_ADNI_176mm",
    "PulseSequenceDetails": "%SiemensSeq%_tfl",
    "ReceiveCoilActiveElements": "HC1-7;NC1,2",
    "ReceiveCoilName": "HeadNeck_64",
    "ReconMatrixPE": 256,
    "RefLinesPE": 24,
    "RepetitionTime": 1.54,
    "SAR": 0.0740147,
    "ScanOptions": "IR",
    "ScanningSequence": "GR_IR",
    "SequenceName": "_tfl3d1_16ns",
    "SequenceVariant": "SK_SP_MP",
    "SeriesDescription": "T1_mpr_ns_sag_ADNI_176mm",
    "SeriesNumber": 3,
    "ShimSetting": [
      -3451,
      -2096,
      -2173,
      36,
      -6,
      -112,
      17,
      26
    ],
    "SliceThickness": 1,
    "SoftwareVersions": "syngo_MR_D13D",
    "StationName": "AWP66014",
    "TxRefAmp": 216.972,
    "dataset": "ds003988",
    "modality": "T1w",
    "subject_id": "49"
  },
  "cjv": 0.36940884422564196,
  "cnr": 3.6583108378128,
  "efc": 0.6866453045801502,
  "fber": -1.0,
  "fwhm_avg": 4.34093,
  "fwhm_x": 4.38288,
  "fwhm_y": 4.20023,
  "fwhm_z": 4.43968,
  "icvs_csf": 0.1979518707528302,
  "icvs_gm": 0.43684084329852635,
  "icvs_wm": 0.36520728594864343,
  "inu_med": 0.3519335985183716,
  "inu_range": 0.14791132956743241,
  "provenance": {
    "md5sum": "6edcb5b13e9648af1a72a153f483f383",
    "settings": {
      "testing": false
    },
    "software": "mriqc",
    "version": "23.0.0",
    "warnings": {
      "large_rot_frame": true,
      "small_air_mask": false
    },
    "webapi_port": null,
    "webapi_url": "https://mriqc.nimh.nih.gov/api/v1"
  },
  "qi_1": 2.5934851652648546e-05,
  "qi_2": 0.008012585249445994,
  "rpve_csf": 11.217143625452898,
  "rpve_gm": 5.320106271618424,
  "rpve_wm": 7.233656907108357,
  "size_x": 162,
  "size_y": 185,
  "size_z": 161,
  "snr_csf": 2.9438396558826945,
  "snr_gm": 16.886817613101602,
  "snr_total": 15.601338718696669,
  "snr_wm": 26.97335888710571,
  "snrd_csf": 53.216344402915304,
  "snrd_gm": 116.28204786410949,
  "snrd_total": 106.04431426249637,
  "snrd_wm": 148.63455052046433,
  "spacing_x": 1.0,
  "spacing_y": 1.0,
  "spacing_z": 1.0,
  "summary_bg_k": 12.151973587616974,
  "summary_bg_mad": 0.0,
  "summary_bg_mean": 2.4559883046811333,
  "summary_bg_median": 0.0,
  "summary_bg_n": 859272.0,
  "summary_bg_p05": 0.0,
  "summary_bg_p95": 9.52598012983799,
  "summary_bg_stdv": 4.408101152303688,
  "summary_csf_k": 1.2821680907644124,
  "summary_csf_mad": 100.14660576065188,
  "summary_csf_mean": 371.61912972026136,
  "summary_csf_median": 358.0674636363983,
  "summary_csf_n": 31442.0,
  "summary_csf_p05": 175.35551843792206,
  "summary_csf_p95": 577.9831470213829,
  "summary_csf_stdv": 121.63086694640677,
  "summary_gm_k": 0.1136048355145185,
  "summary_gm_mad": 45.68090789082366,
  "summary_gm_mean": 781.1530753356333,
  "summary_gm_median": 782.4065785109997,
  "summary_gm_n": 27970.0,
  "summary_gm_p05": 702.7803235501051,
  "summary_gm_p95": 855.3122317008674,
  "summary_gm_stdv": 46.33155931330434,
  "summary_wm_k": 0.7155713642785706,
  "summary_wm_mad": 34.73370807083338,
  "summary_wm_mean": 1002.4567261115204,
  "summary_wm_median": 1000.0911770761013,
  "summary_wm_n": 190566.0,
  "summary_wm_p05": 946.4904467761517,
  "summary_wm_p95": 1067.228826507926,
  "summary_wm_stdv": 37.076900850810105,
  "tpm_overlap_csf": 0.17451048122286067,
  "tpm_overlap_gm": 0.48217174730346674,
  "tpm_overlap_wm": 0.5141597349001835,
  "wm2max": 0.3944227735416812
}