{
  "bids_meta": {
    "AcquisitionMatrixPE": 256,
    "AcquisitionNumber": 1,
    "AcquisitionTime": "12:56:38.800000",
    "BaseResolution": 256,
    "BodyPartExamined": "HEAD",
    "CoilString": "HC1-7;NC1_2",
    "ConsistencyInfo": "N4_VD13D_LATEST_20130810",
    "ConversionSoftware": "dcm2niix",
    "ConversionSoftwareVersion": "v1.0.20190902",
    "DeviceSerialNumber": "66014",
    "DwellTime": 1.03e-05,
    "EchoTime": 0.00234,
    "FlipAngle": 9,
    "ImageOrientationPatientDICOM": [
      0.0523357,
      0.99863,
      0.000174491,
      0.00174972,
      8.30316e-05,
      -0.999998
    ],
    "ImageType": [
      "ORIGINAL",
      "PRIMARY",
      "M",
      "NORM",
      "DIS2D"
    ],
    "ImagingFrequency": 123.26,
    "InPlanePhaseEncodingDirectionDICOM": "ROW",
    "InstitutionAddress": "Yiheyuan_Road_5_Beijing3cd14b_Haidian_CN_100871",
    "InstitutionName": "Peking_Univeristy",
    "InstitutionalDepartmentName": "Department",
    "InversionTime": 0.807,
    "MRAcquisitionType": "3D",
    "MagneticFieldStrength": 3,
    "Manufacturer": "Siemens",
    "ManufacturersModelName": "Prisma",
    "Modality": "MR",
    "ParallelReductionFactorInPlane": 2,
    "PartialFourier": 1,
    "PatientPosition": "HFS",
    "PercentPhaseFOV": 100,
    "PhaseEncodingSteps": 255,
    "PhaseResolution": 1,
    "PixelBandwidth": 190,
    "ProcedureStepDescription": "Research_Projects_64CH",
    "ProtocolName": "T1_mpr_ns_sag_ADNI_176mm",
    "PulseSequenceDetails": "%SiemensSeq%_tfl",
    "ReceiveCoilActiveElements": "HC1-7;NC1,2",
    "ReceiveCoilName": "HeadNeck_64",
    "ReconMatrixPE": 256,
    "RefLinesPE": 24,
    "RepetitionTime": 1.54,
    "SAR": 0.0740147,
    "ScanOptions": "IR",
    "ScanningSequence": "GR_IR",
    "SequenceName": "_tfl3d1_16ns",
    "SequenceVariant": "SK_SP_MP",
    "SeriesDescription": "T1_mpr_ns_sag_ADNI_176mm",
    "SeriesNumber": 3,
    "ShimSetting": [
      -3451,
      -2096,
      -2173,
      36,
      -6,
      -112,
      17,
      26
    ],
    "SliceThickness": 1,
    "SoftwareVersions": "syngo_MR_D13D",
    "StationName": "AWP66014",
    "TxRefAmp": 216.972,
    "dataset": "ds003988",
    "modality": "T1w",
    "subject_id": "29"
  },
  "cjv": 0.4157796640719303,
  "cnr": 3.277572140853474,
  "efc": 0.7030990956205602,
  "fber": -1.0,
  "fwhm_avg": 4.24568,
  "fwhm_x": 4.42344,
  "fwhm_y": 3.94,
  "fwhm_z": 4.3736,
  "icvs_csf": 0.15524961897058212,
  "icvs_gm": 0.4395366374570691,
  "icvs_wm": 0.40521374357234874,
  "inu_med": 0.28938841819763184,
  "inu_range": 0.12429217994213104,
  "provenance": {
    "md5sum": "7d6aa77df6307aac034beebe998f22a2",
    "settings": {
      "testing": false
    },
    "software": "mriqc",
    "version": "23.0.0",
    "warnings": {
      "large_rot_frame": true,
      "small_air_mask": false
    },
    "webapi_port": null,
    "webapi_url": "https://mriqc.nimh.nih.gov/api/v1"
  },
  "qi_1": 0.0,
  "qi_2": 0.014931095751130942,
  "rpve_csf": 12.14191689949178,
  "rpve_gm": 4.684706711463647,
  "rpve_wm": 5.76205507223176,
  "size_x": 165,
  "size_y": 177,
  "size_z": 146,
  "snr_csf": 2.5547378357971673,
  "snr_gm": 17.28186403716435,
  "snr_total": 15.124096053042619,
  "snr_wm": 25.53568628616634,
  "snrd_csf": 57.15145801269751,
  "snrd_gm": 130.0217871584254,
  "snrd_total": 116.5177133105318,
  "snrd_wm": 162.37989476047252,
  "spacing_x": 1.0,
  "spacing_y": 1.0,
  "spacing_z": 1.0,
  "summary_bg_k": 16.82602367186815,
  "summary_bg_mad": 0.0,
  "summary_bg_mean": 1.69474484548343,
  "summary_bg_median": 0.0,
  "summary_bg_n": 705569.0,
  "summary_bg_p05": 0.0,
  "summary_bg_p95": 9.099497716873884,
  "summary_bg_stdv": 4.034991819295489,
  "summary_csf_k": 14.654185538040355,
  "summary_csf_mad": 89.71840713840525,
  "summary_csf_mean": 365.96653977862735,
  "summary_csf_median": 351.9964171461761,
  "summary_csf_n": 20934.0,
  "summary_csf_p05": 144.11515974216164,
  "summary_csf_p95": 591.9496746998279,
  "summary_csf_stdv": 137.77852459994295,
  "summary_gm_k": -0.057306761667076156,
  "summary_gm_mad": 46.96025090153176,
  "summary_gm_mean": 799.4753214230648,
  "summary_gm_median": 800.8055231161416,
  "summary_gm_n": 32761.0,
  "summary_gm_p05": 721.7443134449422,
  "summary_gm_p95": 873.2037126012146,
  "summary_gm_stdv": 46.337206412881045,
  "summary_wm_k": 0.8345382141802067,
  "summary_wm_mad": 35.902107047167924,
  "summary_wm_mean": 1004.2285591457468,
  "summary_wm_median": 1000.0994403250515,
  "summary_wm_n": 215553.0,
  "summary_wm_p05": 947.7897594608366,
  "summary_wm_p95": 1075.7296918407083,
  "summary_wm_stdv": 39.16468542372245,
  "tpm_overlap_csf": 0.16892046334797567,
  "tpm_overlap_gm": 0.47443852417565596,
  "tpm_overlap_wm": 0.511393707602869,
  "wm2max": 0.36414824470877916
}