{
  "bids_meta": {
    "AcquisitionMatrixPE": 256,
    "AcquisitionNumber": 1,
    "AcquisitionTime": "12:56:38.800000",
    "BaseResolution": 256,
    "BodyPartExamined": "HEAD",
    "CoilString": "HC1-7;NC1_2",
    "ConsistencyInfo": "N4_VD13D_LATEST_20130810",
    "ConversionSoftware": "dcm2niix",
    "ConversionSoftwareVersion": "v1.0.20190902",
    "DeviceSerialNumber": "66014",
    "DwellTime": 1.03e-05,
    "EchoTime": 0.00234,
    "FlipAngle": 9,
    "ImageOrientationPatientDICOM": [
      0.0523357,
      0.99863,
      0.000174491,
      0.00174972,
      8.30316e-05,
      -0.999998
    ],
    "ImageType": [
      "ORIGINAL",
      "PRIMARY",
      "M",
      "NORM",
      "DIS2D"
    ],
    "ImagingFrequency": 123.26,
    "InPlanePhaseEncodingDirectionDICOM": "ROW",
    "InstitutionAddress": "Yiheyuan_Road_5_Beijing3cd14b_Haidian_CN_100871",
    "InstitutionName": "Peking_Univeristy",
    "InstitutionalDepartmentName": "Department",
    "InversionTime": 0.807,
    "MRAcquisitionType": "3D",
    "MagneticFieldStrength": 3,
    "Manufacturer": "Siemens",
    "ManufacturersModelName": "Prisma",
    "Modality": "MR",
    "ParallelReductionFactorInPlane": 2,
    "PartialFourier": 1,
    "PatientPosition": "HFS",
    "PercentPhaseFOV": 100,
    "PhaseEncodingSteps": 255,
    "PhaseResolution": 1,
    "PixelBandwidth": 190,
    "ProcedureStepDescription": "Research_Projects_64CH",
    "ProtocolName": "T1_mpr_ns_sag_ADNI_176mm",
    "PulseSequenceDetails": "%SiemensSeq%_tfl",
    "ReceiveCoilActiveElements": "HC1-7;NC1,2",
    "ReceiveCoilName": "HeadNeck_64",
    "ReconMatrixPE": 256,
    "RefLinesPE": 24,
    "RepetitionTime": 1.54,
    "SAR": 0.0740147,
    "ScanOptions": "IR",
    "ScanningSequence": "GR_IR",
    "SequenceName": "_tfl3d1_16ns",
    "SequenceVariant": "SK_SP_MP",
    "SeriesDescription": "T1_mpr_ns_sag_ADNI_176mm",
    "SeriesNumber": 3,
    "ShimSetting": [
      -3451,
      -2096,
      -2173,
      36,
      -6,
      -112,
      17,
      26
    ],
    "SliceThickness": 1,
    "SoftwareVersions": "syngo_MR_D13D",
    "StationName": "AWP66014",
    "TxRefAmp": 216.972,
    "dataset": "ds003988",
    "modality": "T1w",
    "subject_id": "13"
  },
  "cjv": 0.3765384557266262,
  "cnr": 3.5970973242224336,
  "efc": 0.6855192167957732,
  "fber": -1.0,
  "fwhm_avg": 4.64789,
  "fwhm_x": 4.74976,
  "fwhm_y": 4.49058,
  "fwhm_z": 4.70333,
  "icvs_csf": 0.24042518145602793,
  "icvs_gm": 0.3894122500195998,
  "icvs_wm": 0.3701625685243723,
  "inu_med": 0.3677283823490143,
  "inu_range": 0.19929032623767853,
  "provenance": {
    "md5sum": "849ee16290d0c1074b96eb9f7c43aecc",
    "settings": {
      "testing": false
    },
    "software": "mriqc",
    "version": "23.0.0",
    "warnings": {
      "large_rot_frame": true,
      "small_air_mask": false
    },
    "webapi_port": null,
    "webapi_url": "https://mriqc.nimh.nih.gov/api/v1"
  },
  "qi_1": 0.0,
  "qi_2": 0.006565965138860368,
  "rpve_csf": 9.71560996190041,
  "rpve_gm": 5.7773479592836345,
  "rpve_wm": 7.234537929822345,
  "size_x": 176,
  "size_y": 195,
  "size_z": 156,
  "snr_csf": 3.5512001224383316,
  "snr_gm": 14.967112146372168,
  "snr_total": 15.513364209327811,
  "snr_wm": 28.021780359172936,
  "snrd_csf": 60.224477118878866,
  "snrd_gm": 141.21463562541263,
  "snrd_total": 127.98701661431683,
  "snrd_wm": 182.52193709865904,
  "spacing_x": 1.0,
  "spacing_y": 1.0,
  "spacing_z": 1.0,
  "summary_bg_k": 20.38048037566098,
  "summary_bg_mad": 0.0,
  "summary_bg_mean": 1.5472259037007006,
  "summary_bg_median": 0.0,
  "summary_bg_n": 1179479.0,
  "summary_bg_p05": 0.0,
  "summary_bg_p95": 8.155033104121685,
  "summary_bg_stdv": 3.589514317638626,
  "summary_csf_k": 10.461824879032699,
  "summary_csf_mad": 65.13361028226748,
  "summary_csf_mean": 341.442461298649,
  "summary_csf_median": 329.97193086892366,
  "summary_csf_n": 71714.0,
  "summary_csf_p05": 216.7221969552338,
  "summary_csf_p95": 505.97815205994954,
  "summary_csf_stdv": 92.91777958828796,
  "summary_gm_k": 0.02832279616679001,
  "summary_gm_mad": 51.41785003320716,
  "summary_gm_mean": 772.7054696004606,
  "summary_gm_median": 773.719726819545,
  "summary_gm_n": 23367.0,
  "summary_gm_p05": 686.2942644022405,
  "summary_gm_p95": 857.286894004792,
  "summary_gm_stdv": 51.693550716742706,
  "summary_wm_k": 0.5152209970994357,
  "summary_wm_mad": 33.80187359957993,
  "summary_wm_mean": 1001.8238820851622,
  "summary_wm_median": 1000.0438175909221,
  "summary_wm_n": 226442.0,
  "summary_wm_p05": 946.553815510124,
  "summary_wm_p95": 1063.5303118638694,
  "summary_wm_stdv": 35.688011132862485,
  "tpm_overlap_csf": 0.18251741461080107,
  "tpm_overlap_gm": 0.44544288173992913,
  "tpm_overlap_wm": 0.4956379597298269,
  "wm2max": 0.466842299989496
}