{
  "bids_meta": {
    "AcquisitionMatrixPE": 256,
    "AcquisitionNumber": 1,
    "AcquisitionTime": "12:56:38.800000",
    "BaseResolution": 256,
    "BodyPartExamined": "HEAD",
    "CoilString": "HC1-7;NC1_2",
    "ConsistencyInfo": "N4_VD13D_LATEST_20130810",
    "ConversionSoftware": "dcm2niix",
    "ConversionSoftwareVersion": "v1.0.20190902",
    "DeviceSerialNumber": "66014",
    "DwellTime": 1.03e-05,
    "EchoTime": 0.00234,
    "FlipAngle": 9,
    "ImageOrientationPatientDICOM": [
      0.0523357,
      0.99863,
      0.000174491,
      0.00174972,
      8.30316e-05,
      -0.999998
    ],
    "ImageType": [
      "ORIGINAL",
      "PRIMARY",
      "M",
      "NORM",
      "DIS2D"
    ],
    "ImagingFrequency": 123.26,
    "InPlanePhaseEncodingDirectionDICOM": "ROW",
    "InstitutionAddress": "Yiheyuan_Road_5_Beijing3cd14b_Haidian_CN_100871",
    "InstitutionName": "Peking_Univeristy",
    "InstitutionalDepartmentName": "Department",
    "InversionTime": 0.807,
    "MRAcquisitionType": "3D",
    "MagneticFieldStrength": 3,
    "Manufacturer": "Siemens",
    "ManufacturersModelName": "Prisma",
    "Modality": "MR",
    "ParallelReductionFactorInPlane": 2,
    "PartialFourier": 1,
    "PatientPosition": "HFS",
    "PercentPhaseFOV": 100,
    "PhaseEncodingSteps": 255,
    "PhaseResolution": 1,
    "PixelBandwidth": 190,
    "ProcedureStepDescription": "Research_Projects_64CH",
    "ProtocolName": "T1_mpr_ns_sag_ADNI_176mm",
    "PulseSequenceDetails": "%SiemensSeq%_tfl",
    "ReceiveCoilActiveElements": "HC1-7;NC1,2",
    "ReceiveCoilName": "HeadNeck_64",
    "ReconMatrixPE": 256,
    "RefLinesPE": 24,
    "RepetitionTime": 1.54,
    "SAR": 0.0740147,
    "ScanOptions": "IR",
    "ScanningSequence": "GR_IR",
    "SequenceName": "_tfl3d1_16ns",
    "SequenceVariant": "SK_SP_MP",
    "SeriesDescription": "T1_mpr_ns_sag_ADNI_176mm",
    "SeriesNumber": 3,
    "ShimSetting": [
      -3451,
      -2096,
      -2173,
      36,
      -6,
      -112,
      17,
      26
    ],
    "SliceThickness": 1,
    "SoftwareVersions": "syngo_MR_D13D",
    "StationName": "AWP66014",
    "TxRefAmp": 216.972,
    "dataset": "ds003988",
    "modality": "T1w",
    "subject_id": "34"
  },
  "cjv": 0.3939731935912757,
  "cnr": 3.487955331298789,
  "efc": 0.6771030265844273,
  "fber": -1.0,
  "fwhm_avg": 4.44867,
  "fwhm_x": 4.53872,
  "fwhm_y": 4.30921,
  "fwhm_z": 4.49808,
  "icvs_csf": 0.24170100195792416,
  "icvs_gm": 0.40260484302591,
  "icvs_wm": 0.35569415501616586,
  "inu_med": 0.36123690009117126,
  "inu_range": 0.15659566968679428,
  "provenance": {
    "md5sum": "41ba4edfcee483535bb835526df4cc05",
    "settings": {
      "testing": false
    },
    "software": "mriqc",
    "version": "23.0.0",
    "warnings": {
      "large_rot_frame": true,
      "small_air_mask": false
    },
    "webapi_port": null,
    "webapi_url": "https://mriqc.nimh.nih.gov/api/v1"
  },
  "qi_1": 0.0,
  "qi_2": 0.007127761440592342,
  "rpve_csf": 10.332006627415735,
  "rpve_gm": 5.999628036996798,
  "rpve_wm": 7.872545741025613,
  "size_x": 168,
  "size_y": 200,
  "size_z": 153,
  "snr_csf": 3.900447219860736,
  "snr_gm": 14.901976003345947,
  "snr_total": 15.04655543403553,
  "snr_wm": 26.33724307889991,
  "snrd_csf": 41.115131379897946,
  "snrd_gm": 93.70793460337401,
  "snrd_total": 85.26239101119326,
  "snrd_wm": 120.9641070503078,
  "spacing_x": 1.0,
  "spacing_y": 1.0,
  "spacing_z": 1.0,
  "summary_bg_k": 18.325717604897505,
  "summary_bg_mad": 0.0,
  "summary_bg_mean": 2.2955241565258544,
  "summary_bg_median": 0.0,
  "summary_bg_n": 1166157.0,
  "summary_bg_p05": 0.0,
  "summary_bg_p95": 12.597480364143848,
  "summary_bg_stdv": 5.4162522774322674,
  "summary_csf_k": 4.4518469410787675,
  "summary_csf_mad": 62.337694158614674,
  "summary_csf_mean": 348.29210856671654,
  "summary_csf_median": 339.9138316437602,
  "summary_csf_n": 63156.0,
  "summary_csf_p05": 238.41140598244965,
  "summary_csf_p95": 500.3681026455015,
  "summary_csf_stdv": 87.14670944323446,
  "summary_gm_k": -0.08092341274724957,
  "summary_gm_mad": 53.524712753570576,
  "summary_gm_mean": 773.4694030624332,
  "summary_gm_median": 774.7177751213312,
  "summary_gm_n": 20276.0,
  "summary_gm_p05": 686.5354125723243,
  "summary_gm_p95": 855.8788147401065,
  "summary_gm_stdv": 51.98630506496987,
  "summary_wm_k": 0.8506918310524711,
  "summary_wm_mad": 35.251925620176394,
  "summary_wm_mean": 1002.8233960761237,
  "summary_wm_median": 1000.0545234531164,
  "summary_wm_n": 182664.0,
  "summary_wm_p05": 946.1198564395308,
  "summary_wm_p95": 1069.6951400116086,
  "summary_wm_stdv": 37.97101249504277,
  "tpm_overlap_csf": 0.17791947220007395,
  "tpm_overlap_gm": 0.44749925059276097,
  "tpm_overlap_wm": 0.4982140880640181,
  "wm2max": 0.3417022846453593
}