{
  "bids_meta": {
    "AcquisitionMatrixPE": 256,
    "AcquisitionNumber": 1,
    "AcquisitionTime": "12:56:38.800000",
    "BaseResolution": 256,
    "BodyPartExamined": "HEAD",
    "CoilString": "HC1-7;NC1_2",
    "ConsistencyInfo": "N4_VD13D_LATEST_20130810",
    "ConversionSoftware": "dcm2niix",
    "ConversionSoftwareVersion": "v1.0.20190902",
    "DeviceSerialNumber": "66014",
    "DwellTime": 1.03e-05,
    "EchoTime": 0.00234,
    "FlipAngle": 9,
    "ImageOrientationPatientDICOM": [
      0.0523357,
      0.99863,
      0.000174491,
      0.00174972,
      8.30316e-05,
      -0.999998
    ],
    "ImageType": [
      "ORIGINAL",
      "PRIMARY",
      "M",
      "NORM",
      "DIS2D"
    ],
    "ImagingFrequency": 123.26,
    "InPlanePhaseEncodingDirectionDICOM": "ROW",
    "InstitutionAddress": "Yiheyuan_Road_5_Beijing3cd14b_Haidian_CN_100871",
    "InstitutionName": "Peking_Univeristy",
    "InstitutionalDepartmentName": "Department",
    "InversionTime": 0.807,
    "MRAcquisitionType": "3D",
    "MagneticFieldStrength": 3,
    "Manufacturer": "Siemens",
    "ManufacturersModelName": "Prisma",
    "Modality": "MR",
    "ParallelReductionFactorInPlane": 2,
    "PartialFourier": 1,
    "PatientPosition": "HFS",
    "PercentPhaseFOV": 100,
    "PhaseEncodingSteps": 255,
    "PhaseResolution": 1,
    "PixelBandwidth": 190,
    "ProcedureStepDescription": "Research_Projects_64CH",
    "ProtocolName": "T1_mpr_ns_sag_ADNI_176mm",
    "PulseSequenceDetails": "%SiemensSeq%_tfl",
    "ReceiveCoilActiveElements": "HC1-7;NC1,2",
    "ReceiveCoilName": "HeadNeck_64",
    "ReconMatrixPE": 256,
    "RefLinesPE": 24,
    "RepetitionTime": 1.54,
    "SAR": 0.0740147,
    "ScanOptions": "IR",
    "ScanningSequence": "GR_IR",
    "SequenceName": "_tfl3d1_16ns",
    "SequenceVariant": "SK_SP_MP",
    "SeriesDescription": "T1_mpr_ns_sag_ADNI_176mm",
    "SeriesNumber": 3,
    "ShimSetting": [
      -3451,
      -2096,
      -2173,
      36,
      -6,
      -112,
      17,
      26
    ],
    "SliceThickness": 1,
    "SoftwareVersions": "syngo_MR_D13D",
    "StationName": "AWP66014",
    "TxRefAmp": 216.972,
    "dataset": "ds003988",
    "modality": "T1w",
    "subject_id": "45"
  },
  "cjv": 0.40028228009904554,
  "cnr": 3.411770535367559,
  "efc": 0.6909408410255489,
  "fber": -1.0,
  "fwhm_avg": 4.282773333333334,
  "fwhm_x": 4.31035,
  "fwhm_y": 4.22174,
  "fwhm_z": 4.31623,
  "icvs_csf": 0.20230259595291647,
  "icvs_gm": 0.41379733123809626,
  "icvs_wm": 0.38390007280898725,
  "inu_med": 0.3130185604095459,
  "inu_range": 0.12402700781822204,
  "provenance": {
    "md5sum": "2a2ba677361d58238c3d76246f6e252c",
    "settings": {
      "testing": false
    },
    "software": "mriqc",
    "version": "23.0.0",
    "warnings": {
      "large_rot_frame": true,
      "small_air_mask": false
    },
    "webapi_port": null,
    "webapi_url": "https://mriqc.nimh.nih.gov/api/v1"
  },
  "qi_1": 0.0,
  "qi_2": 0.006889786271947971,
  "rpve_csf": 11.871403899468254,
  "rpve_gm": 5.961577164412646,
  "rpve_wm": 7.50266519988018,
  "size_x": 167,
  "size_y": 204,
  "size_z": 171,
  "snr_csf": 2.7061810825736146,
  "snr_gm": 15.744718179689457,
  "snr_total": 15.114794382246052,
  "snr_wm": 26.89348388447508,
  "snrd_csf": 55.460225262611175,
  "snrd_gm": 126.58735767574409,
  "snrd_total": 114.2985132558127,
  "snrd_wm": 160.84795682908285,
  "spacing_x": 1.0,
  "spacing_y": 1.0,
  "spacing_z": 1.0,
  "summary_bg_k": 27.369039055162496,
  "summary_bg_mad": 0.0,
  "summary_bg_mean": 1.2774831444182666,
  "summary_bg_median": 0.0,
  "summary_bg_n": 1141599.0,
  "summary_bg_p05": 0.0,
  "summary_bg_p95": 9.147083193063736,
  "summary_bg_stdv": 4.073214801113047,
  "summary_csf_k": 7.545249917354216,
  "summary_csf_mad": 78.05067911357825,
  "summary_csf_mean": 346.6131042737548,
  "summary_csf_median": 344.8158435598016,
  "summary_csf_n": 42988.0,
  "summary_csf_p05": 87.64413994587957,
  "summary_csf_p95": 550.8198341950774,
  "summary_csf_stdv": 127.41639321592064,
  "summary_gm_k": -0.018909613856593843,
  "summary_gm_mad": 50.20635181427954,
  "summary_gm_mean": 786.0761527960037,
  "summary_gm_median": 787.0383921861649,
  "summary_gm_n": 25366.0,
  "summary_gm_p05": 702.0386350676417,
  "summary_gm_p95": 865.9928030986339,
  "summary_gm_stdv": 49.986469710234616,
  "summary_wm_k": 0.6036402646530763,
  "summary_wm_mad": 35.05788359445382,
  "summary_wm_mean": 1002.9954147446504,
  "summary_wm_median": 1000.0486593097448,
  "summary_wm_n": 232710.0,
  "summary_wm_p05": 947.3556215539575,
  "summary_wm_p95": 1068.8464020490646,
  "summary_wm_stdv": 37.18545781951375,
  "tpm_overlap_csf": 0.18155563978908854,
  "tpm_overlap_gm": 0.4589697006854162,
  "tpm_overlap_wm": 0.5205765496982916,
  "wm2max": 0.3927240766570495
}