{
  "bids_meta": {
    "AcquisitionMatrixPE": 256,
    "AcquisitionNumber": 1,
    "AcquisitionTime": "12:56:38.800000",
    "BaseResolution": 256,
    "BodyPartExamined": "HEAD",
    "CoilString": "HC1-7;NC1_2",
    "ConsistencyInfo": "N4_VD13D_LATEST_20130810",
    "ConversionSoftware": "dcm2niix",
    "ConversionSoftwareVersion": "v1.0.20190902",
    "DeviceSerialNumber": "66014",
    "DwellTime": 1.03e-05,
    "EchoTime": 0.00234,
    "FlipAngle": 9,
    "ImageOrientationPatientDICOM": [
      0.0523357,
      0.99863,
      0.000174491,
      0.00174972,
      8.30316e-05,
      -0.999998
    ],
    "ImageType": [
      "ORIGINAL",
      "PRIMARY",
      "M",
      "NORM",
      "DIS2D"
    ],
    "ImagingFrequency": 123.26,
    "InPlanePhaseEncodingDirectionDICOM": "ROW",
    "InstitutionAddress": "Yiheyuan_Road_5_Beijing3cd14b_Haidian_CN_100871",
    "InstitutionName": "Peking_Univeristy",
    "InstitutionalDepartmentName": "Department",
    "InversionTime": 0.807,
    "MRAcquisitionType": "3D",
    "MagneticFieldStrength": 3,
    "Manufacturer": "Siemens",
    "ManufacturersModelName": "Prisma",
    "Modality": "MR",
    "ParallelReductionFactorInPlane": 2,
    "PartialFourier": 1,
    "PatientPosition": "HFS",
    "PercentPhaseFOV": 100,
    "PhaseEncodingSteps": 255,
    "PhaseResolution": 1,
    "PixelBandwidth": 190,
    "ProcedureStepDescription": "Research_Projects_64CH",
    "ProtocolName": "T1_mpr_ns_sag_ADNI_176mm",
    "PulseSequenceDetails": "%SiemensSeq%_tfl",
    "ReceiveCoilActiveElements": "HC1-7;NC1,2",
    "ReceiveCoilName": "HeadNeck_64",
    "ReconMatrixPE": 256,
    "RefLinesPE": 24,
    "RepetitionTime": 1.54,
    "SAR": 0.0740147,
    "ScanOptions": "IR",
    "ScanningSequence": "GR_IR",
    "SequenceName": "_tfl3d1_16ns",
    "SequenceVariant": "SK_SP_MP",
    "SeriesDescription": "T1_mpr_ns_sag_ADNI_176mm",
    "SeriesNumber": 3,
    "ShimSetting": [
      -3451,
      -2096,
      -2173,
      36,
      -6,
      -112,
      17,
      26
    ],
    "SliceThickness": 1,
    "SoftwareVersions": "syngo_MR_D13D",
    "StationName": "AWP66014",
    "TxRefAmp": 216.972,
    "dataset": "ds003988",
    "modality": "T1w",
    "subject_id": "03"
  },
  "cjv": 0.37009556983872455,
  "cnr": 3.6613585751793245,
  "efc": 0.6518145094982685,
  "fber": -1.0,
  "fwhm_avg": 4.246133333333333,
  "fwhm_x": 4.38784,
  "fwhm_y": 4.05437,
  "fwhm_z": 4.29619,
  "icvs_csf": 0.19412371409010482,
  "icvs_gm": 0.4409452932850491,
  "icvs_wm": 0.364930992624846,
  "inu_med": 0.3499778062105179,
  "inu_range": 0.1411161571741104,
  "provenance": {
    "md5sum": "d19debc71443f0eb8cc9886fcaa75adf",
    "settings": {
      "testing": false
    },
    "software": "mriqc",
    "version": "23.0.0",
    "warnings": {
      "large_rot_frame": true,
      "small_air_mask": false
    },
    "webapi_port": null,
    "webapi_url": "https://mriqc.nimh.nih.gov/api/v1"
  },
  "qi_1": 0.0,
  "qi_2": 0.005254630197863813,
  "rpve_csf": 14.869371068144694,
  "rpve_gm": 6.985499980372034,
  "rpve_wm": 9.668922920655962,
  "size_x": 162,
  "size_y": 198,
  "size_z": 199,
  "snr_csf": 3.455298160821603,
  "snr_gm": 16.45388189972974,
  "snr_total": 15.583646959501673,
  "snr_wm": 26.841760817953677,
  "snrd_csf": 63.24254587578972,
  "snrd_gm": 136.82209708377823,
  "snrd_total": 125.23413421204695,
  "snrd_wm": 175.6377596765729,
  "spacing_x": 1.0,
  "spacing_y": 1.0,
  "spacing_z": 1.0,
  "summary_bg_k": 24.144323782068597,
  "summary_bg_mad": 0.0,
  "summary_bg_mean": 1.3009344176498252,
  "summary_bg_median": 0.0,
  "summary_bg_n": 1055874.0,
  "summary_bg_p05": 0.0,
  "summary_bg_p95": 9.076726913452148,
  "summary_bg_stdv": 3.73021944452484,
  "summary_csf_k": 4.09544311758956,
  "summary_csf_mad": 72.75285482334635,
  "summary_csf_mean": 363.4776292461193,
  "summary_csf_median": 360.09077551960945,
  "summary_csf_n": 29557.0,
  "summary_csf_p05": 182.79204314351088,
  "summary_csf_p95": 545.0574511528011,
  "summary_csf_stdv": 104.21233342101148,
  "summary_gm_k": 0.07329604369348619,
  "summary_gm_mad": 46.889845738746345,
  "summary_gm_mean": 777.4651084258097,
  "summary_gm_median": 779.0384521186352,
  "summary_gm_n": 26173.0,
  "summary_gm_p05": 696.7806144654751,
  "summary_gm_p95": 852.6639442801475,
  "summary_gm_stdv": 47.34588313207296,
  "summary_wm_k": 0.7307268275994199,
  "summary_wm_mad": 34.90454884588293,
  "summary_wm_mean": 1002.4689010493184,
  "summary_wm_median": 1000.0472975373268,
  "summary_wm_n": 184987.0,
  "summary_wm_p05": 945.7287599146366,
  "summary_wm_p95": 1067.650003194809,
  "summary_wm_stdv": 37.25704141750257,
  "tpm_overlap_csf": 0.1748754683664557,
  "tpm_overlap_gm": 0.47937218268366755,
  "tpm_overlap_wm": 0.5163568427264521,
  "wm2max": 0.37933591540217104
}