{
  "bids_meta": {
    "AcquisitionMatrixPE": 256,
    "AcquisitionNumber": 1,
    "AcquisitionTime": "12:56:38.800000",
    "BaseResolution": 256,
    "BodyPartExamined": "HEAD",
    "CoilString": "HC1-7;NC1_2",
    "ConsistencyInfo": "N4_VD13D_LATEST_20130810",
    "ConversionSoftware": "dcm2niix",
    "ConversionSoftwareVersion": "v1.0.20190902",
    "DeviceSerialNumber": "66014",
    "DwellTime": 1.03e-05,
    "EchoTime": 0.00234,
    "FlipAngle": 9,
    "ImageOrientationPatientDICOM": [
      0.0523357,
      0.99863,
      0.000174491,
      0.00174972,
      8.30316e-05,
      -0.999998
    ],
    "ImageType": [
      "ORIGINAL",
      "PRIMARY",
      "M",
      "NORM",
      "DIS2D"
    ],
    "ImagingFrequency": 123.26,
    "InPlanePhaseEncodingDirectionDICOM": "ROW",
    "InstitutionAddress": "Yiheyuan_Road_5_Beijing3cd14b_Haidian_CN_100871",
    "InstitutionName": "Peking_Univeristy",
    "InstitutionalDepartmentName": "Department",
    "InversionTime": 0.807,
    "MRAcquisitionType": "3D",
    "MagneticFieldStrength": 3,
    "Manufacturer": "Siemens",
    "ManufacturersModelName": "Prisma",
    "Modality": "MR",
    "ParallelReductionFactorInPlane": 2,
    "PartialFourier": 1,
    "PatientPosition": "HFS",
    "PercentPhaseFOV": 100,
    "PhaseEncodingSteps": 255,
    "PhaseResolution": 1,
    "PixelBandwidth": 190,
    "ProcedureStepDescription": "Research_Projects_64CH",
    "ProtocolName": "T1_mpr_ns_sag_ADNI_176mm",
    "PulseSequenceDetails": "%SiemensSeq%_tfl",
    "ReceiveCoilActiveElements": "HC1-7;NC1,2",
    "ReceiveCoilName": "HeadNeck_64",
    "ReconMatrixPE": 256,
    "RefLinesPE": 24,
    "RepetitionTime": 1.54,
    "SAR": 0.0740147,
    "ScanOptions": "IR",
    "ScanningSequence": "GR_IR",
    "SequenceName": "_tfl3d1_16ns",
    "SequenceVariant": "SK_SP_MP",
    "SeriesDescription": "T1_mpr_ns_sag_ADNI_176mm",
    "SeriesNumber": 3,
    "ShimSetting": [
      -3451,
      -2096,
      -2173,
      36,
      -6,
      -112,
      17,
      26
    ],
    "SliceThickness": 1,
    "SoftwareVersions": "syngo_MR_D13D",
    "StationName": "AWP66014",
    "TxRefAmp": 216.972,
    "dataset": "ds003988",
    "modality": "T1w",
    "subject_id": "50"
  },
  "cjv": 0.3905408083744341,
  "cnr": 3.5178430640471285,
  "efc": 0.6878212564153386,
  "fber": -1.0,
  "fwhm_avg": 4.408326666666667,
  "fwhm_x": 4.50626,
  "fwhm_y": 4.24606,
  "fwhm_z": 4.47266,
  "icvs_csf": 0.19341512655435344,
  "icvs_gm": 0.4356371450854156,
  "icvs_wm": 0.37094772836023093,
  "inu_med": 0.38347481191158295,
  "inu_range": 0.1684780940413475,
  "provenance": {
    "md5sum": "0da232411c985157630c9567d73b3931",
    "settings": {
      "testing": false
    },
    "software": "mriqc",
    "version": "23.0.0",
    "warnings": {
      "large_rot_frame": true,
      "small_air_mask": false
    },
    "webapi_port": null,
    "webapi_url": "https://mriqc.nimh.nih.gov/api/v1"
  },
  "qi_1": 0.0,
  "qi_2": 0.0023653282986155428,
  "rpve_csf": 11.212758156885178,
  "rpve_gm": 5.199532334268804,
  "rpve_wm": 6.889217032779872,
  "size_x": 171,
  "size_y": 186,
  "size_z": 162,
  "snr_csf": 3.0254451135382148,
  "snr_gm": 16.194347862924836,
  "snr_total": 14.699377463114127,
  "snr_wm": 24.878339412879328,
  "snrd_csf": 42.66649758242252,
  "snrd_gm": 95.71407637317985,
  "snrd_total": 87.09701752176257,
  "snrd_wm": 122.91047860968534,
  "spacing_x": 1.0,
  "spacing_y": 1.0,
  "spacing_z": 1.0,
  "summary_bg_k": 18.37405930808457,
  "summary_bg_mad": 0.0,
  "summary_bg_mean": 2.1442060475769615,
  "summary_bg_median": 0.0,
  "summary_bg_n": 925722.0,
  "summary_bg_p05": 0.0,
  "summary_bg_p95": 10.94532497227192,
  "summary_bg_stdv": 5.330466771308806,
  "summary_csf_k": 9.17591765117034,
  "summary_csf_mad": 79.45382303504249,
  "summary_csf_mean": 357.3141297815741,
  "summary_csf_median": 347.15266562998295,
  "summary_csf_n": 37196.0,
  "summary_csf_p05": 164.1798745840788,
  "summary_csf_p95": 555.165468994528,
  "summary_csf_stdv": 114.74278528900619,
  "summary_gm_k": -0.02016259611845861,
  "summary_gm_mad": 48.68268925846534,
  "summary_gm_mean": 777.15805028637,
  "summary_gm_median": 778.7701975554228,
  "summary_gm_n": 29976.0,
  "summary_gm_p05": 696.2156002409756,
  "summary_gm_p95": 853.3223167061806,
  "summary_gm_stdv": 48.0882104141257,
  "summary_wm_k": 0.5855119148544694,
  "summary_wm_mad": 37.73673868620033,
  "summary_wm_mean": 1002.5262226984939,
  "summary_wm_median": 1000.0516260042787,
  "summary_wm_n": 196156.0,
  "summary_wm_p05": 941.2463187240064,
  "summary_wm_p95": 1073.0548784136772,
  "summary_wm_stdv": 40.197581529903026,
  "tpm_overlap_csf": 0.16743286527188128,
  "tpm_overlap_gm": 0.46419737355520285,
  "tpm_overlap_wm": 0.48408342889403777,
  "wm2max": 0.34058939372626246
}