{
  "bids_meta": {
    "AcquisitionMatrixPE": 256,
    "AcquisitionNumber": 1,
    "AcquisitionTime": "12:56:38.800000",
    "BaseResolution": 256,
    "BodyPartExamined": "HEAD",
    "CoilString": "HC1-7;NC1_2",
    "ConsistencyInfo": "N4_VD13D_LATEST_20130810",
    "ConversionSoftware": "dcm2niix",
    "ConversionSoftwareVersion": "v1.0.20190902",
    "DeviceSerialNumber": "66014",
    "DwellTime": 1.03e-05,
    "EchoTime": 0.00234,
    "FlipAngle": 9,
    "ImageOrientationPatientDICOM": [
      0.0523357,
      0.99863,
      0.000174491,
      0.00174972,
      8.30316e-05,
      -0.999998
    ],
    "ImageType": [
      "ORIGINAL",
      "PRIMARY",
      "M",
      "NORM",
      "DIS2D"
    ],
    "ImagingFrequency": 123.26,
    "InPlanePhaseEncodingDirectionDICOM": "ROW",
    "InstitutionAddress": "Yiheyuan_Road_5_Beijing3cd14b_Haidian_CN_100871",
    "InstitutionName": "Peking_Univeristy",
    "InstitutionalDepartmentName": "Department",
    "InversionTime": 0.807,
    "MRAcquisitionType": "3D",
    "MagneticFieldStrength": 3,
    "Manufacturer": "Siemens",
    "ManufacturersModelName": "Prisma",
    "Modality": "MR",
    "ParallelReductionFactorInPlane": 2,
    "PartialFourier": 1,
    "PatientPosition": "HFS",
    "PercentPhaseFOV": 100,
    "PhaseEncodingSteps": 255,
    "PhaseResolution": 1,
    "PixelBandwidth": 190,
    "ProcedureStepDescription": "Research_Projects_64CH",
    "ProtocolName": "T1_mpr_ns_sag_ADNI_176mm",
    "PulseSequenceDetails": "%SiemensSeq%_tfl",
    "ReceiveCoilActiveElements": "HC1-7;NC1,2",
    "ReceiveCoilName": "HeadNeck_64",
    "ReconMatrixPE": 256,
    "RefLinesPE": 24,
    "RepetitionTime": 1.54,
    "SAR": 0.0740147,
    "ScanOptions": "IR",
    "ScanningSequence": "GR_IR",
    "SequenceName": "_tfl3d1_16ns",
    "SequenceVariant": "SK_SP_MP",
    "SeriesDescription": "T1_mpr_ns_sag_ADNI_176mm",
    "SeriesNumber": 3,
    "ShimSetting": [
      -3451,
      -2096,
      -2173,
      36,
      -6,
      -112,
      17,
      26
    ],
    "SliceThickness": 1,
    "SoftwareVersions": "syngo_MR_D13D",
    "StationName": "AWP66014",
    "TxRefAmp": 216.972,
    "dataset": "ds003988",
    "modality": "T1w",
    "subject_id": "18"
  },
  "cjv": 0.4225516453462612,
  "cnr": 3.242611031948269,
  "efc": 0.6853210716557666,
  "fber": -1.0,
  "fwhm_avg": 4.874226666666667,
  "fwhm_x": 4.86771,
  "fwhm_y": 4.76674,
  "fwhm_z": 4.98823,
  "icvs_csf": 0.1946249148869417,
  "icvs_gm": 0.4064852410800058,
  "icvs_wm": 0.3988898440330525,
  "inu_med": 0.4431196451187134,
  "inu_range": 0.2929217338562011,
  "provenance": {
    "md5sum": "782bddb0f59b5e17a05fe6fe0261254b",
    "settings": {
      "testing": false
    },
    "software": "mriqc",
    "version": "23.0.0",
    "warnings": {
      "large_rot_frame": true,
      "small_air_mask": false
    },
    "webapi_port": null,
    "webapi_url": "https://mriqc.nimh.nih.gov/api/v1"
  },
  "qi_1": 0.0,
  "qi_2": 0.006987935525979137,
  "rpve_csf": 15.69147750837901,
  "rpve_gm": 7.533515069387648,
  "rpve_wm": 8.87844057148389,
  "size_x": 166,
  "size_y": 213,
  "size_z": 200,
  "snr_csf": 3.088917453917153,
  "snr_gm": 15.841350412724548,
  "snr_total": 13.731014055008089,
  "snr_wm": 22.262774298382563,
  "snrd_csf": 32.52508267542999,
  "snrd_gm": 73.40843806326816,
  "snrd_total": 66.58803235982617,
  "snrd_wm": 93.83057634078037,
  "spacing_x": 1.0,
  "spacing_y": 1.0,
  "spacing_z": 1.0,
  "summary_bg_k": 24.26092900368057,
  "summary_bg_mad": 0.0,
  "summary_bg_mean": 2.43489259606428,
  "summary_bg_median": 0.0,
  "summary_bg_n": 1153759.0,
  "summary_bg_p05": 0.0,
  "summary_bg_p95": 14.65111768618226,
  "summary_bg_stdv": 6.982462954318298,
  "summary_csf_k": 2.594434928168983,
  "summary_csf_mad": 90.66481913789418,
  "summary_csf_mean": 356.72867517724757,
  "summary_csf_median": 346.65328451804817,
  "summary_csf_n": 42702.0,
  "summary_csf_p05": 186.1034948900342,
  "summary_csf_p95": 557.0364744365215,
  "summary_csf_stdv": 112.22353160420461,
  "summary_gm_k": 0.021628472333758086,
  "summary_gm_mad": 50.19983175022827,
  "summary_gm_mean": 782.6544541047687,
  "summary_gm_median": 782.3892845995724,
  "summary_gm_n": 22817.0,
  "summary_gm_p05": 702.0678394116461,
  "summary_gm_p95": 863.3869352191687,
  "summary_gm_stdv": 49.38797003738943,
  "summary_wm_k": 0.733121643959862,
  "summary_wm_mad": 41.77265304830862,
  "summary_wm_mean": 1004.5460625458932,
  "summary_wm_median": 1000.0490329675376,
  "summary_wm_n": 210410.0,
  "summary_wm_p05": 939.3375452980399,
  "summary_wm_p95": 1086.0937241278589,
  "summary_wm_stdv": 44.92012734495264,
  "tpm_overlap_csf": 0.157769738401452,
  "tpm_overlap_gm": 0.4392116667816054,
  "tpm_overlap_wm": 0.4821238757668005,
  "wm2max": 0.3963128053922056
}