{
  "bids_meta": {
    "AcquisitionMatrixPE": 256,
    "AcquisitionNumber": 1,
    "AcquisitionTime": "12:56:38.800000",
    "BaseResolution": 256,
    "BodyPartExamined": "HEAD",
    "CoilString": "HC1-7;NC1_2",
    "ConsistencyInfo": "N4_VD13D_LATEST_20130810",
    "ConversionSoftware": "dcm2niix",
    "ConversionSoftwareVersion": "v1.0.20190902",
    "DeviceSerialNumber": "66014",
    "DwellTime": 1.03e-05,
    "EchoTime": 0.00234,
    "FlipAngle": 9,
    "ImageOrientationPatientDICOM": [
      0.0523357,
      0.99863,
      0.000174491,
      0.00174972,
      8.30316e-05,
      -0.999998
    ],
    "ImageType": [
      "ORIGINAL",
      "PRIMARY",
      "M",
      "NORM",
      "DIS2D"
    ],
    "ImagingFrequency": 123.26,
    "InPlanePhaseEncodingDirectionDICOM": "ROW",
    "InstitutionAddress": "Yiheyuan_Road_5_Beijing3cd14b_Haidian_CN_100871",
    "InstitutionName": "Peking_Univeristy",
    "InstitutionalDepartmentName": "Department",
    "InversionTime": 0.807,
    "MRAcquisitionType": "3D",
    "MagneticFieldStrength": 3,
    "Manufacturer": "Siemens",
    "ManufacturersModelName": "Prisma",
    "Modality": "MR",
    "ParallelReductionFactorInPlane": 2,
    "PartialFourier": 1,
    "PatientPosition": "HFS",
    "PercentPhaseFOV": 100,
    "PhaseEncodingSteps": 255,
    "PhaseResolution": 1,
    "PixelBandwidth": 190,
    "ProcedureStepDescription": "Research_Projects_64CH",
    "ProtocolName": "T1_mpr_ns_sag_ADNI_176mm",
    "PulseSequenceDetails": "%SiemensSeq%_tfl",
    "ReceiveCoilActiveElements": "HC1-7;NC1,2",
    "ReceiveCoilName": "HeadNeck_64",
    "ReconMatrixPE": 256,
    "RefLinesPE": 24,
    "RepetitionTime": 1.54,
    "SAR": 0.0740147,
    "ScanOptions": "IR",
    "ScanningSequence": "GR_IR",
    "SequenceName": "_tfl3d1_16ns",
    "SequenceVariant": "SK_SP_MP",
    "SeriesDescription": "T1_mpr_ns_sag_ADNI_176mm",
    "SeriesNumber": 3,
    "ShimSetting": [
      -3451,
      -2096,
      -2173,
      36,
      -6,
      -112,
      17,
      26
    ],
    "SliceThickness": 1,
    "SoftwareVersions": "syngo_MR_D13D",
    "StationName": "AWP66014",
    "TxRefAmp": 216.972,
    "dataset": "ds003988",
    "modality": "T1w",
    "subject_id": "04"
  },
  "cjv": 0.37901948335604824,
  "cnr": 3.5867275126191136,
  "efc": 0.6961939139897892,
  "fber": -1.0,
  "fwhm_avg": 4.50554,
  "fwhm_x": 4.54373,
  "fwhm_y": 4.32328,
  "fwhm_z": 4.64961,
  "icvs_csf": 0.18879130257946897,
  "icvs_gm": 0.419724486852832,
  "icvs_wm": 0.39148421056769905,
  "inu_med": 0.31069159507751465,
  "inu_range": 0.14670242369174954,
  "provenance": {
    "md5sum": "c9f247e50e9e1186c2c5bbe1b0110927",
    "settings": {
      "testing": false
    },
    "software": "mriqc",
    "version": "23.0.0",
    "warnings": {
      "large_rot_frame": true,
      "small_air_mask": false
    },
    "webapi_port": null,
    "webapi_url": "https://mriqc.nimh.nih.gov/api/v1"
  },
  "qi_1": 0.0,
  "qi_2": 0.005962148354894119,
  "rpve_csf": 11.88756903546111,
  "rpve_gm": 5.555489202235018,
  "rpve_wm": 6.923459614705918,
  "size_x": 173,
  "size_y": 198,
  "size_z": 169,
  "snr_csf": 3.0717874574507653,
  "snr_gm": 16.360754258816435,
  "snr_total": 15.481363990832584,
  "snr_wm": 27.011550256230553,
  "snrd_csf": 43.55422176775352,
  "snrd_gm": 100.44394414759128,
  "snrd_total": 90.79638955125694,
  "snrd_wm": 128.391002738426,
  "spacing_x": 1.0,
  "spacing_y": 1.0,
  "spacing_z": 1.0,
  "summary_bg_k": 18.972016126312358,
  "summary_bg_mad": 0.0,
  "summary_bg_mean": 2.0127575377621314,
  "summary_bg_median": 0.0,
  "summary_bg_n": 1042369.0,
  "summary_bg_p05": 0.0,
  "summary_bg_p95": 9.884768545627594,
  "summary_bg_stdv": 5.102944543473685,
  "summary_csf_k": 1.7369232951182187,
  "summary_csf_mad": 74.73332006891934,
  "summary_csf_mean": 346.04193521838374,
  "summary_csf_median": 339.24962544441223,
  "summary_csf_n": 39095.0,
  "summary_csf_p05": 133.22046624422075,
  "summary_csf_p95": 536.3988765478134,
  "summary_csf_stdv": 110.43904935820838,
  "summary_gm_k": -0.02763569079569983,
  "summary_gm_mad": 48.418770748877314,
  "summary_gm_mean": 781.4066995758353,
  "summary_gm_median": 782.3712385892868,
  "summary_gm_n": 35253.0,
  "summary_gm_p05": 702.0916266441345,
  "summary_gm_p95": 858.664175927639,
  "summary_gm_stdv": 47.8193199172957,
  "summary_wm_k": 0.9210982448948628,
  "summary_wm_mad": 34.087462349962124,
  "summary_wm_mean": 1003.1270611900206,
  "summary_wm_median": 1000.0545945167542,
  "summary_wm_n": 244158.0,
  "summary_wm_p05": 948.3916605710983,
  "summary_wm_p95": 1068.8110784888268,
  "summary_wm_stdv": 37.023145175383725,
  "tpm_overlap_csf": 0.18133594111760468,
  "tpm_overlap_gm": 0.46665256164954844,
  "tpm_overlap_wm": 0.5106956000542104,
  "wm2max": 0.3814401019839809
}