{
  "bids_meta": {
    "AcquisitionMatrixPE": 256,
    "AcquisitionNumber": 1,
    "AcquisitionTime": "12:56:38.800000",
    "BaseResolution": 256,
    "BodyPartExamined": "HEAD",
    "CoilString": "HC1-7;NC1_2",
    "ConsistencyInfo": "N4_VD13D_LATEST_20130810",
    "ConversionSoftware": "dcm2niix",
    "ConversionSoftwareVersion": "v1.0.20190902",
    "DeviceSerialNumber": "66014",
    "DwellTime": 1.03e-05,
    "EchoTime": 0.00234,
    "FlipAngle": 9,
    "ImageOrientationPatientDICOM": [
      0.0523357,
      0.99863,
      0.000174491,
      0.00174972,
      8.30316e-05,
      -0.999998
    ],
    "ImageType": [
      "ORIGINAL",
      "PRIMARY",
      "M",
      "NORM",
      "DIS2D"
    ],
    "ImagingFrequency": 123.26,
    "InPlanePhaseEncodingDirectionDICOM": "ROW",
    "InstitutionAddress": "Yiheyuan_Road_5_Beijing3cd14b_Haidian_CN_100871",
    "InstitutionName": "Peking_Univeristy",
    "InstitutionalDepartmentName": "Department",
    "InversionTime": 0.807,
    "MRAcquisitionType": "3D",
    "MagneticFieldStrength": 3,
    "Manufacturer": "Siemens",
    "ManufacturersModelName": "Prisma",
    "Modality": "MR",
    "ParallelReductionFactorInPlane": 2,
    "PartialFourier": 1,
    "PatientPosition": "HFS",
    "PercentPhaseFOV": 100,
    "PhaseEncodingSteps": 255,
    "PhaseResolution": 1,
    "PixelBandwidth": 190,
    "ProcedureStepDescription": "Research_Projects_64CH",
    "ProtocolName": "T1_mpr_ns_sag_ADNI_176mm",
    "PulseSequenceDetails": "%SiemensSeq%_tfl",
    "ReceiveCoilActiveElements": "HC1-7;NC1,2",
    "ReceiveCoilName": "HeadNeck_64",
    "ReconMatrixPE": 256,
    "RefLinesPE": 24,
    "RepetitionTime": 1.54,
    "SAR": 0.0740147,
    "ScanOptions": "IR",
    "ScanningSequence": "GR_IR",
    "SequenceName": "_tfl3d1_16ns",
    "SequenceVariant": "SK_SP_MP",
    "SeriesDescription": "T1_mpr_ns_sag_ADNI_176mm",
    "SeriesNumber": 3,
    "ShimSetting": [
      -3451,
      -2096,
      -2173,
      36,
      -6,
      -112,
      17,
      26
    ],
    "SliceThickness": 1,
    "SoftwareVersions": "syngo_MR_D13D",
    "StationName": "AWP66014",
    "TxRefAmp": 216.972,
    "dataset": "ds003988",
    "modality": "T1w",
    "subject_id": "35"
  },
  "cjv": 0.4241192900221947,
  "cnr": 3.216385160334377,
  "efc": 0.6855778364522432,
  "fber": -1.0,
  "fwhm_avg": 4.325856666666667,
  "fwhm_x": 4.38241,
  "fwhm_y": 4.04536,
  "fwhm_z": 4.5498,
  "icvs_csf": 0.1901959015518661,
  "icvs_gm": 0.4200073564598281,
  "icvs_wm": 0.3897967419883057,
  "inu_med": 0.2743353843688965,
  "inu_range": 0.0983825162053108,
  "provenance": {
    "md5sum": "2032a0dbc18ac4d7ae6427e83bb69f4b",
    "settings": {
      "testing": false
    },
    "software": "mriqc",
    "version": "23.0.0",
    "warnings": {
      "large_rot_frame": true,
      "small_air_mask": false
    },
    "webapi_port": null,
    "webapi_url": "https://mriqc.nimh.nih.gov/api/v1"
  },
  "qi_1": 0.0,
  "qi_2": 0.003634080822879917,
  "rpve_csf": 12.403960133991706,
  "rpve_gm": 5.866700242568762,
  "rpve_wm": 7.3467995353089055,
  "size_x": 160,
  "size_y": 176,
  "size_z": 167,
  "snr_csf": 2.7322211678143895,
  "snr_gm": 15.317136276987869,
  "snr_total": 14.896355792403611,
  "snr_wm": 26.63970993240857,
  "snrd_csf": 45.622815376855186,
  "snrd_gm": 106.24819873323713,
  "snrd_total": 95.25000621688048,
  "snrd_wm": 133.87900454054915,
  "spacing_x": 1.0,
  "spacing_y": 1.0,
  "spacing_z": 1.0,
  "summary_bg_k": 14.879135794776722,
  "summary_bg_mad": 0.0,
  "summary_bg_mean": 2.231047347893529,
  "summary_bg_median": 0.0,
  "summary_bg_n": 892428.0,
  "summary_bg_p05": 0.0,
  "summary_bg_p95": 9.878698792308569,
  "summary_bg_stdv": 4.893721055501742,
  "summary_csf_k": 0.8779665607059726,
  "summary_csf_mad": 95.2342357307189,
  "summary_csf_mean": 339.4605813518695,
  "summary_csf_median": 340.792134616524,
  "summary_csf_n": 26999.0,
  "summary_csf_p05": 96.07149444110692,
  "summary_csf_p95": 548.9340207986534,
  "summary_csf_stdv": 124.72849100700279,
  "summary_gm_k": -0.10056673993792486,
  "summary_gm_mad": 52.72625068353106,
  "summary_gm_mean": 791.210212218097,
  "summary_gm_median": 793.6500662304461,
  "summary_gm_n": 25341.0,
  "summary_gm_p05": 702.7660373412073,
  "summary_gm_p95": 871.9904450252652,
  "summary_gm_stdv": 51.81349779209591,
  "summary_wm_k": 0.8147300225337721,
  "summary_wm_mad": 34.81022493447593,
  "summary_wm_mean": 1003.9434417189026,
  "summary_wm_median": 1000.0459498353302,
  "summary_wm_n": 195809.0,
  "summary_wm_p05": 949.6416122764349,
  "summary_wm_p95": 1071.9077401198447,
  "summary_wm_stdv": 37.539575271026365,
  "tpm_overlap_csf": 0.14970406987395357,
  "tpm_overlap_gm": 0.4601463824521239,
  "tpm_overlap_wm": 0.5036088123635685,
  "wm2max": 0.4030182390519396
}