{
  "bids_meta": {
    "AcquisitionMatrixPE": 256,
    "AcquisitionNumber": 1,
    "AcquisitionTime": "12:56:38.800000",
    "BaseResolution": 256,
    "BodyPartExamined": "HEAD",
    "CoilString": "HC1-7;NC1_2",
    "ConsistencyInfo": "N4_VD13D_LATEST_20130810",
    "ConversionSoftware": "dcm2niix",
    "ConversionSoftwareVersion": "v1.0.20190902",
    "DeviceSerialNumber": "66014",
    "DwellTime": 1.03e-05,
    "EchoTime": 0.00234,
    "FlipAngle": 9,
    "ImageOrientationPatientDICOM": [
      0.0523357,
      0.99863,
      0.000174491,
      0.00174972,
      8.30316e-05,
      -0.999998
    ],
    "ImageType": [
      "ORIGINAL",
      "PRIMARY",
      "M",
      "NORM",
      "DIS2D"
    ],
    "ImagingFrequency": 123.26,
    "InPlanePhaseEncodingDirectionDICOM": "ROW",
    "InstitutionAddress": "Yiheyuan_Road_5_Beijing3cd14b_Haidian_CN_100871",
    "InstitutionName": "Peking_Univeristy",
    "InstitutionalDepartmentName": "Department",
    "InversionTime": 0.807,
    "MRAcquisitionType": "3D",
    "MagneticFieldStrength": 3,
    "Manufacturer": "Siemens",
    "ManufacturersModelName": "Prisma",
    "Modality": "MR",
    "ParallelReductionFactorInPlane": 2,
    "PartialFourier": 1,
    "PatientPosition": "HFS",
    "PercentPhaseFOV": 100,
    "PhaseEncodingSteps": 255,
    "PhaseResolution": 1,
    "PixelBandwidth": 190,
    "ProcedureStepDescription": "Research_Projects_64CH",
    "ProtocolName": "T1_mpr_ns_sag_ADNI_176mm",
    "PulseSequenceDetails": "%SiemensSeq%_tfl",
    "ReceiveCoilActiveElements": "HC1-7;NC1,2",
    "ReceiveCoilName": "HeadNeck_64",
    "ReconMatrixPE": 256,
    "RefLinesPE": 24,
    "RepetitionTime": 1.54,
    "SAR": 0.0740147,
    "ScanOptions": "IR",
    "ScanningSequence": "GR_IR",
    "SequenceName": "_tfl3d1_16ns",
    "SequenceVariant": "SK_SP_MP",
    "SeriesDescription": "T1_mpr_ns_sag_ADNI_176mm",
    "SeriesNumber": 3,
    "ShimSetting": [
      -3451,
      -2096,
      -2173,
      36,
      -6,
      -112,
      17,
      26
    ],
    "SliceThickness": 1,
    "SoftwareVersions": "syngo_MR_D13D",
    "StationName": "AWP66014",
    "TxRefAmp": 216.972,
    "dataset": "ds003988",
    "modality": "T1w",
    "subject_id": "22"
  },
  "cjv": 0.3647501840028254,
  "cnr": 3.776586045429598,
  "efc": 0.6756458668818841,
  "fber": -1.0,
  "fwhm_avg": 4.854959999999999,
  "fwhm_x": 4.93941,
  "fwhm_y": 4.6435,
  "fwhm_z": 4.98197,
  "icvs_csf": 0.1747568006375866,
  "icvs_gm": 0.44049810606967316,
  "icvs_wm": 0.38474509329274026,
  "inu_med": 0.3524528592824936,
  "inu_range": 0.23230002224445348,
  "provenance": {
    "md5sum": "e20ebbb5f3a436cc530d09ddd693110e",
    "settings": {
      "testing": false
    },
    "software": "mriqc",
    "version": "23.0.0",
    "warnings": {
      "large_rot_frame": true,
      "small_air_mask": false
    },
    "webapi_port": null,
    "webapi_url": "https://mriqc.nimh.nih.gov/api/v1"
  },
  "qi_1": 4.37503456690047e-05,
  "qi_2": 0.006832350980164125,
  "rpve_csf": 12.53048474701295,
  "rpve_gm": 5.348132869043214,
  "rpve_wm": 6.9416835512713995,
  "size_x": 176,
  "size_y": 200,
  "size_z": 136,
  "snr_csf": 2.8354599647612533,
  "snr_gm": 16.432363369357798,
  "snr_total": 15.274684752316839,
  "snr_wm": 26.55623092283147,
  "snrd_csf": 60.03138047225493,
  "snrd_gm": 130.2124346289257,
  "snrd_total": 119.62865770169087,
  "snrd_wm": 168.64215800389195,
  "spacing_x": 1.0,
  "spacing_y": 1.0,
  "spacing_z": 1.0,
  "summary_bg_k": 31.405078618417946,
  "summary_bg_mad": 0.0,
  "summary_bg_mean": 1.167523251934988,
  "summary_bg_median": 0.0,
  "summary_bg_n": 1050275.0,
  "summary_bg_p05": 0.0,
  "summary_bg_p95": 9.234320998191833,
  "summary_bg_stdv": 3.88498597028509,
  "summary_csf_k": 3.202146639295128,
  "summary_csf_mad": 92.45381389098245,
  "summary_csf_mean": 356.397922903555,
  "summary_csf_median": 355.98857109993696,
  "summary_csf_n": 27040.0,
  "summary_csf_p05": 115.64887726306915,
  "summary_csf_p95": 563.1314306102693,
  "summary_csf_stdv": 125.54646965017052,
  "summary_gm_k": -0.0739878062122088,
  "summary_gm_mad": 48.488337827355274,
  "summary_gm_mean": 771.3044888832587,
  "summary_gm_median": 772.1651272773743,
  "summary_gm_n": 34316.0,
  "summary_gm_p05": 693.8382973819971,
  "summary_gm_p95": 846.9191544055939,
  "summary_gm_stdv": 46.98982483749417,
  "summary_wm_k": 0.812882824181663,
  "summary_wm_mad": 34.63452701953948,
  "summary_wm_mean": 1003.5693094957563,
  "summary_wm_median": 1000.0549776256084,
  "summary_wm_n": 200483.0,
  "summary_wm_p05": 948.5516515821218,
  "summary_wm_p95": 1071.2911681830883,
  "summary_wm_stdv": 37.65792240677325,
  "tpm_overlap_csf": 0.17619181460165304,
  "tpm_overlap_gm": 0.4726194929003285,
  "tpm_overlap_wm": 0.49737297718866286,
  "wm2max": 0.34315352697095436
}