{
  "bids_meta": {
    "AcquisitionMatrixPE": 256,
    "AcquisitionNumber": 1,
    "AcquisitionTime": "12:56:38.800000",
    "BaseResolution": 256,
    "BodyPartExamined": "HEAD",
    "CoilString": "HC1-7;NC1_2",
    "ConsistencyInfo": "N4_VD13D_LATEST_20130810",
    "ConversionSoftware": "dcm2niix",
    "ConversionSoftwareVersion": "v1.0.20190902",
    "DeviceSerialNumber": "66014",
    "DwellTime": 1.03e-05,
    "EchoTime": 0.00234,
    "FlipAngle": 9,
    "ImageOrientationPatientDICOM": [
      0.0523357,
      0.99863,
      0.000174491,
      0.00174972,
      8.30316e-05,
      -0.999998
    ],
    "ImageType": [
      "ORIGINAL",
      "PRIMARY",
      "M",
      "NORM",
      "DIS2D"
    ],
    "ImagingFrequency": 123.26,
    "InPlanePhaseEncodingDirectionDICOM": "ROW",
    "InstitutionAddress": "Yiheyuan_Road_5_Beijing3cd14b_Haidian_CN_100871",
    "InstitutionName": "Peking_Univeristy",
    "InstitutionalDepartmentName": "Department",
    "InversionTime": 0.807,
    "MRAcquisitionType": "3D",
    "MagneticFieldStrength": 3,
    "Manufacturer": "Siemens",
    "ManufacturersModelName": "Prisma",
    "Modality": "MR",
    "ParallelReductionFactorInPlane": 2,
    "PartialFourier": 1,
    "PatientPosition": "HFS",
    "PercentPhaseFOV": 100,
    "PhaseEncodingSteps": 255,
    "PhaseResolution": 1,
    "PixelBandwidth": 190,
    "ProcedureStepDescription": "Research_Projects_64CH",
    "ProtocolName": "T1_mpr_ns_sag_ADNI_176mm",
    "PulseSequenceDetails": "%SiemensSeq%_tfl",
    "ReceiveCoilActiveElements": "HC1-7;NC1,2",
    "ReceiveCoilName": "HeadNeck_64",
    "ReconMatrixPE": 256,
    "RefLinesPE": 24,
    "RepetitionTime": 1.54,
    "SAR": 0.0740147,
    "ScanOptions": "IR",
    "ScanningSequence": "GR_IR",
    "SequenceName": "_tfl3d1_16ns",
    "SequenceVariant": "SK_SP_MP",
    "SeriesDescription": "T1_mpr_ns_sag_ADNI_176mm",
    "SeriesNumber": 3,
    "ShimSetting": [
      -3451,
      -2096,
      -2173,
      36,
      -6,
      -112,
      17,
      26
    ],
    "SliceThickness": 1,
    "SoftwareVersions": "syngo_MR_D13D",
    "StationName": "AWP66014",
    "TxRefAmp": 216.972,
    "dataset": "ds003988",
    "modality": "T1w",
    "subject_id": "32"
  },
  "cjv": 0.5680781120473863,
  "cnr": 2.2209314016687687,
  "efc": 0.6617782277029463,
  "fber": 1484.1649827538843,
  "fwhm_avg": 3.8522099999999995,
  "fwhm_x": 3.81087,
  "fwhm_y": 3.78454,
  "fwhm_z": 3.96122,
  "icvs_csf": 0.19932734137809469,
  "icvs_gm": 0.37945482150432547,
  "icvs_wm": 0.4212178371175798,
  "inu_med": 0.7688276171684265,
  "inu_range": 0.39525533020496373,
  "provenance": {
    "md5sum": "0d733c6f85019689012ce2b1e402440e",
    "settings": {
      "testing": false
    },
    "software": "mriqc",
    "version": "23.0.0",
    "warnings": {
      "large_rot_frame": true,
      "small_air_mask": false
    },
    "webapi_port": null,
    "webapi_url": "https://mriqc.nimh.nih.gov/api/v1"
  },
  "qi_1": 0.0,
  "qi_2": 0.002078395759787906,
  "rpve_csf": 12.096170153093086,
  "rpve_gm": 5.705686658845955,
  "rpve_wm": 6.112805591019101,
  "size_x": 168,
  "size_y": 228,
  "size_z": 146,
  "snr_csf": 3.056115228450425,
  "snr_gm": 11.60132510024271,
  "snr_total": 9.307325997984387,
  "snr_wm": 13.264537665260027,
  "snrd_csf": 8.00571592098986,
  "snrd_gm": 16.33738858901832,
  "snrd_total": 15.293599619421913,
  "snrd_wm": 21.53769434825756,
  "spacing_x": 1.0,
  "spacing_y": 1.0,
  "spacing_z": 1.0,
  "summary_bg_k": 4.511918073030677,
  "summary_bg_mad": 30.42005521701983,
  "summary_bg_mean": 33.91719687862976,
  "summary_bg_median": 20.518015444278717,
  "summary_bg_n": 1290974.0,
  "summary_bg_p05": 0.0,
  "summary_bg_p95": 119.87840504944324,
  "summary_bg_stdv": 43.142392229804805,
  "summary_csf_k": 3.8998891686112263,
  "summary_csf_mad": 109.66242127617025,
  "summary_csf_mean": 375.40931299473243,
  "summary_csf_median": 371.73071190714836,
  "summary_csf_n": 53315.0,
  "summary_csf_p05": 182.19237788021564,
  "summary_csf_p95": 573.5545243173838,
  "summary_csf_stdv": 121.63390380587371,
  "summary_gm_k": -0.07796903903126617,
  "summary_gm_mad": 65.72234151825272,
  "summary_gm_mean": 759.8878000525524,
  "summary_gm_median": 758.5966265648603,
  "summary_gm_n": 10164.0,
  "summary_gm_p05": 652.5868801027536,
  "summary_gm_p95": 868.8492959737778,
  "summary_gm_stdv": 65.38557460233214,
  "summary_wm_k": 0.553180070363906,
  "summary_wm_mad": 71.44957413627188,
  "summary_wm_mean": 1008.8493843225235,
  "summary_wm_median": 1000.0632712841034,
  "summary_wm_n": 161238.0,
  "summary_wm_p05": 900.4495728462934,
  "summary_wm_p95": 1146.4124493449926,
  "summary_wm_stdv": 75.39351881794515,
  "tpm_overlap_csf": 0.1797195146193299,
  "tpm_overlap_gm": 0.4086799062185058,
  "tpm_overlap_wm": 0.45906231541191855,
  "wm2max": 0.29692131125542476
}