{
  "bids_meta": {
    "AcquisitionMatrixPE": 256,
    "AcquisitionNumber": 1,
    "AcquisitionTime": "12:56:38.800000",
    "BaseResolution": 256,
    "BodyPartExamined": "HEAD",
    "CoilString": "HC1-7;NC1_2",
    "ConsistencyInfo": "N4_VD13D_LATEST_20130810",
    "ConversionSoftware": "dcm2niix",
    "ConversionSoftwareVersion": "v1.0.20190902",
    "DeviceSerialNumber": "66014",
    "DwellTime": 1.03e-05,
    "EchoTime": 0.00234,
    "FlipAngle": 9,
    "ImageOrientationPatientDICOM": [
      0.0523357,
      0.99863,
      0.000174491,
      0.00174972,
      8.30316e-05,
      -0.999998
    ],
    "ImageType": [
      "ORIGINAL",
      "PRIMARY",
      "M",
      "NORM",
      "DIS2D"
    ],
    "ImagingFrequency": 123.26,
    "InPlanePhaseEncodingDirectionDICOM": "ROW",
    "InstitutionAddress": "Yiheyuan_Road_5_Beijing3cd14b_Haidian_CN_100871",
    "InstitutionName": "Peking_Univeristy",
    "InstitutionalDepartmentName": "Department",
    "InversionTime": 0.807,
    "MRAcquisitionType": "3D",
    "MagneticFieldStrength": 3,
    "Manufacturer": "Siemens",
    "ManufacturersModelName": "Prisma",
    "Modality": "MR",
    "ParallelReductionFactorInPlane": 2,
    "PartialFourier": 1,
    "PatientPosition": "HFS",
    "PercentPhaseFOV": 100,
    "PhaseEncodingSteps": 255,
    "PhaseResolution": 1,
    "PixelBandwidth": 190,
    "ProcedureStepDescription": "Research_Projects_64CH",
    "ProtocolName": "T1_mpr_ns_sag_ADNI_176mm",
    "PulseSequenceDetails": "%SiemensSeq%_tfl",
    "ReceiveCoilActiveElements": "HC1-7;NC1,2",
    "ReceiveCoilName": "HeadNeck_64",
    "ReconMatrixPE": 256,
    "RefLinesPE": 24,
    "RepetitionTime": 1.54,
    "SAR": 0.0740147,
    "ScanOptions": "IR",
    "ScanningSequence": "GR_IR",
    "SequenceName": "_tfl3d1_16ns",
    "SequenceVariant": "SK_SP_MP",
    "SeriesDescription": "T1_mpr_ns_sag_ADNI_176mm",
    "SeriesNumber": 3,
    "ShimSetting": [
      -3451,
      -2096,
      -2173,
      36,
      -6,
      -112,
      17,
      26
    ],
    "SliceThickness": 1,
    "SoftwareVersions": "syngo_MR_D13D",
    "StationName": "AWP66014",
    "TxRefAmp": 216.972,
    "dataset": "ds003988",
    "modality": "T1w",
    "subject_id": "01"
  },
  "cjv": 0.4142294043252042,
  "cnr": 3.2874440396378923,
  "efc": 0.7028509434999236,
  "fber": -1.0,
  "fwhm_avg": 4.245290000000001,
  "fwhm_x": 4.42271,
  "fwhm_y": 3.94109,
  "fwhm_z": 4.37207,
  "icvs_csf": 0.15543974556353485,
  "icvs_gm": 0.4401815447979411,
  "icvs_wm": 0.40437870963852407,
  "inu_med": 0.2865707725286484,
  "inu_range": 0.12313767522573471,
  "provenance": {
    "md5sum": "e1f76e9d2a1e6f86b01aa2c59cb5bb6c",
    "settings": {
      "testing": false
    },
    "software": "mriqc",
    "version": "23.0.0",
    "warnings": {
      "large_rot_frame": true,
      "small_air_mask": false
    },
    "webapi_port": null,
    "webapi_url": "https://mriqc.nimh.nih.gov/api/v1"
  },
  "qi_1": 0.0,
  "qi_2": 0.011300330726203053,
  "rpve_csf": 12.127046743967263,
  "rpve_gm": 4.681521834351773,
  "rpve_wm": 5.775307955529368,
  "size_x": 165,
  "size_y": 177,
  "size_z": 146,
  "snr_csf": 2.5599632597544733,
  "snr_gm": 17.373678784846476,
  "snr_total": 15.175106827804703,
  "snr_wm": 25.591678438813155,
  "snrd_csf": 56.78570341611018,
  "snrd_gm": 129.22321089572424,
  "snrd_total": 115.78608386977737,
  "snrd_wm": 161.34933729749773,
  "spacing_x": 1.0,
  "spacing_y": 1.0,
  "spacing_z": 1.0,
  "summary_bg_k": 17.44877036346483,
  "summary_bg_mad": 0.0,
  "summary_bg_mean": 1.7026742589141903,
  "summary_bg_median": 0.0,
  "summary_bg_n": 708975.0,
  "summary_bg_p05": 0.0,
  "summary_bg_p95": 9.107107490301132,
  "summary_bg_stdv": 4.060560992073043,
  "summary_csf_k": 14.794290316760002,
  "summary_csf_mad": 89.3788111032312,
  "summary_csf_mean": 366.1879511917744,
  "summary_csf_median": 351.9600074104965,
  "summary_csf_n": 20907.0,
  "summary_csf_p05": 147.14907917752862,
  "summary_csf_p95": 591.8530975408853,
  "summary_csf_stdv": 137.48306296665794,
  "summary_gm_k": -0.05319715862784724,
  "summary_gm_mad": 46.670709246022206,
  "summary_gm_mean": 799.7236357220194,
  "summary_gm_median": 800.9305076524615,
  "summary_gm_n": 32825.0,
  "summary_gm_p05": 722.2332201004028,
  "summary_gm_p95": 873.1835267521441,
  "summary_gm_stdv": 46.09952316203639,
  "summary_wm_k": 0.8229298340662461,
  "summary_wm_mad": 35.81022973594157,
  "summary_wm_mean": 1004.1374668394008,
  "summary_wm_median": 1000.0494937039912,
  "summary_wm_n": 215487.0,
  "summary_wm_p05": 947.7974644783885,
  "summary_wm_p95": 1075.5295965448022,
  "summary_wm_stdv": 39.07704512823849,
  "tpm_overlap_csf": 0.16779425655831895,
  "tpm_overlap_gm": 0.47373487435810613,
  "tpm_overlap_wm": 0.5109266784413581,
  "wm2max": 0.3646056564259259
}