{
  "bids_meta": {
    "AcquisitionMatrixPE": 256,
    "AcquisitionNumber": 1,
    "AcquisitionTime": "12:56:38.800000",
    "BaseResolution": 256,
    "BodyPartExamined": "HEAD",
    "CoilString": "HC1-7;NC1_2",
    "ConsistencyInfo": "N4_VD13D_LATEST_20130810",
    "ConversionSoftware": "dcm2niix",
    "ConversionSoftwareVersion": "v1.0.20190902",
    "DeviceSerialNumber": "66014",
    "DwellTime": 1.03e-05,
    "EchoTime": 0.00234,
    "FlipAngle": 9,
    "ImageOrientationPatientDICOM": [
      0.0523357,
      0.99863,
      0.000174491,
      0.00174972,
      8.30316e-05,
      -0.999998
    ],
    "ImageType": [
      "ORIGINAL",
      "PRIMARY",
      "M",
      "NORM",
      "DIS2D"
    ],
    "ImagingFrequency": 123.26,
    "InPlanePhaseEncodingDirectionDICOM": "ROW",
    "InstitutionAddress": "Yiheyuan_Road_5_Beijing3cd14b_Haidian_CN_100871",
    "InstitutionName": "Peking_Univeristy",
    "InstitutionalDepartmentName": "Department",
    "InversionTime": 0.807,
    "MRAcquisitionType": "3D",
    "MagneticFieldStrength": 3,
    "Manufacturer": "Siemens",
    "ManufacturersModelName": "Prisma",
    "Modality": "MR",
    "ParallelReductionFactorInPlane": 2,
    "PartialFourier": 1,
    "PatientPosition": "HFS",
    "PercentPhaseFOV": 100,
    "PhaseEncodingSteps": 255,
    "PhaseResolution": 1,
    "PixelBandwidth": 190,
    "ProcedureStepDescription": "Research_Projects_64CH",
    "ProtocolName": "T1_mpr_ns_sag_ADNI_176mm",
    "PulseSequenceDetails": "%SiemensSeq%_tfl",
    "ReceiveCoilActiveElements": "HC1-7;NC1,2",
    "ReceiveCoilName": "HeadNeck_64",
    "ReconMatrixPE": 256,
    "RefLinesPE": 24,
    "RepetitionTime": 1.54,
    "SAR": 0.0740147,
    "ScanOptions": "IR",
    "ScanningSequence": "GR_IR",
    "SequenceName": "_tfl3d1_16ns",
    "SequenceVariant": "SK_SP_MP",
    "SeriesDescription": "T1_mpr_ns_sag_ADNI_176mm",
    "SeriesNumber": 3,
    "ShimSetting": [
      -3451,
      -2096,
      -2173,
      36,
      -6,
      -112,
      17,
      26
    ],
    "SliceThickness": 1,
    "SoftwareVersions": "syngo_MR_D13D",
    "StationName": "AWP66014",
    "TxRefAmp": 216.972,
    "dataset": "ds003988",
    "modality": "T1w",
    "subject_id": "20"
  },
  "cjv": 0.3789149548767998,
  "cnr": 3.5872198377621243,
  "efc": 0.680409593423546,
  "fber": -1.0,
  "fwhm_avg": 4.54839,
  "fwhm_x": 4.65451,
  "fwhm_y": 4.28903,
  "fwhm_z": 4.70163,
  "icvs_csf": 0.17567292935130263,
  "icvs_gm": 0.42879184027461537,
  "icvs_wm": 0.395535230374082,
  "inu_med": 0.3068636953830719,
  "inu_range": 0.14575677290558814,
  "provenance": {
    "md5sum": "aa8880d5b3a350ad7ddddcd91bf0d95d",
    "settings": {
      "testing": false
    },
    "software": "mriqc",
    "version": "23.0.0",
    "warnings": {
      "large_rot_frame": true,
      "small_air_mask": false
    },
    "webapi_port": null,
    "webapi_url": "https://mriqc.nimh.nih.gov/api/v1"
  },
  "qi_1": 2.9878638403285562e-05,
  "qi_2": 0.018592425399257914,
  "rpve_csf": 12.217759519633494,
  "rpve_gm": 5.391554047874956,
  "rpve_wm": 6.849851770274891,
  "size_x": 171,
  "size_y": 188,
  "size_z": 161,
  "snr_csf": 2.990017747295056,
  "snr_gm": 16.119926445427815,
  "snr_total": 15.806584559384675,
  "snr_wm": 28.309809485431153,
  "snrd_csf": 63.42436862663021,
  "snrd_gm": 139.75231569798865,
  "snrd_total": 127.14574366232512,
  "snrd_wm": 178.26054666235646,
  "spacing_x": 1.0,
  "spacing_y": 1.0,
  "spacing_z": 1.0,
  "summary_bg_k": 48.90971379039958,
  "summary_bg_mad": 0.0,
  "summary_bg_mean": 1.2011401087702975,
  "summary_bg_median": 0.0,
  "summary_bg_n": 954920.0,
  "summary_bg_p05": 0.0,
  "summary_bg_p95": 8.679845366626978,
  "summary_bg_stdv": 3.6754960494737356,
  "summary_csf_k": 1.5472732689634672,
  "summary_csf_mad": 90.48556015583851,
  "summary_csf_mean": 356.3197912081132,
  "summary_csf_median": 355.8282158151269,
  "summary_csf_n": 28592.0,
  "summary_csf_p05": 131.92910515107215,
  "summary_csf_p95": 560.7816325873137,
  "summary_csf_stdv": 119.0033047693608,
  "summary_gm_k": 0.0052738585349905165,
  "summary_gm_mad": 49.049506919918414,
  "summary_gm_mean": 782.1212369953854,
  "summary_gm_median": 784.0490686409175,
  "summary_gm_n": 29732.0,
  "summary_gm_p05": 699.7046026699245,
  "summary_gm_p95": 858.5980337282641,
  "summary_gm_stdv": 48.63768367128704,
  "summary_wm_k": 0.8921765489882003,
  "summary_wm_mad": 32.811964107143226,
  "summary_wm_mean": 1003.0652871356742,
  "summary_wm_median": 1000.0908742584288,
  "summary_wm_n": 230436.0,
  "summary_wm_p05": 950.9656761363149,
  "summary_wm_p95": 1065.5759903490543,
  "summary_wm_stdv": 35.32657839939564,
  "tpm_overlap_csf": 0.1592973708164131,
  "tpm_overlap_gm": 0.4603506873229881,
  "tpm_overlap_wm": 0.4979815692339518,
  "wm2max": 0.39959689866177617
}