{
  "bids_meta": {
    "AcquisitionMatrixPE": 256,
    "AcquisitionNumber": 1,
    "AcquisitionTime": "12:56:38.800000",
    "BaseResolution": 256,
    "BodyPartExamined": "HEAD",
    "CoilString": "HC1-7;NC1_2",
    "ConsistencyInfo": "N4_VD13D_LATEST_20130810",
    "ConversionSoftware": "dcm2niix",
    "ConversionSoftwareVersion": "v1.0.20190902",
    "DeviceSerialNumber": "66014",
    "DwellTime": 1.03e-05,
    "EchoTime": 0.00234,
    "FlipAngle": 9,
    "ImageOrientationPatientDICOM": [
      0.0523357,
      0.99863,
      0.000174491,
      0.00174972,
      8.30316e-05,
      -0.999998
    ],
    "ImageType": [
      "ORIGINAL",
      "PRIMARY",
      "M",
      "NORM",
      "DIS2D"
    ],
    "ImagingFrequency": 123.26,
    "InPlanePhaseEncodingDirectionDICOM": "ROW",
    "InstitutionAddress": "Yiheyuan_Road_5_Beijing3cd14b_Haidian_CN_100871",
    "InstitutionName": "Peking_Univeristy",
    "InstitutionalDepartmentName": "Department",
    "InversionTime": 0.807,
    "MRAcquisitionType": "3D",
    "MagneticFieldStrength": 3,
    "Manufacturer": "Siemens",
    "ManufacturersModelName": "Prisma",
    "Modality": "MR",
    "ParallelReductionFactorInPlane": 2,
    "PartialFourier": 1,
    "PatientPosition": "HFS",
    "PercentPhaseFOV": 100,
    "PhaseEncodingSteps": 255,
    "PhaseResolution": 1,
    "PixelBandwidth": 190,
    "ProcedureStepDescription": "Research_Projects_64CH",
    "ProtocolName": "T1_mpr_ns_sag_ADNI_176mm",
    "PulseSequenceDetails": "%SiemensSeq%_tfl",
    "ReceiveCoilActiveElements": "HC1-7;NC1,2",
    "ReceiveCoilName": "HeadNeck_64",
    "ReconMatrixPE": 256,
    "RefLinesPE": 24,
    "RepetitionTime": 1.54,
    "SAR": 0.0740147,
    "ScanOptions": "IR",
    "ScanningSequence": "GR_IR",
    "SequenceName": "_tfl3d1_16ns",
    "SequenceVariant": "SK_SP_MP",
    "SeriesDescription": "T1_mpr_ns_sag_ADNI_176mm",
    "SeriesNumber": 3,
    "ShimSetting": [
      -3451,
      -2096,
      -2173,
      36,
      -6,
      -112,
      17,
      26
    ],
    "SliceThickness": 1,
    "SoftwareVersions": "syngo_MR_D13D",
    "StationName": "AWP66014",
    "TxRefAmp": 216.972,
    "dataset": "ds003988",
    "modality": "T1w",
    "subject_id": "08"
  },
  "cjv": 0.3783450724692776,
  "cnr": 3.6185280704953073,
  "efc": 0.667560218711243,
  "fber": -1.0,
  "fwhm_avg": 4.805516666666667,
  "fwhm_x": 4.84873,
  "fwhm_y": 4.72539,
  "fwhm_z": 4.84243,
  "icvs_csf": 0.23830450382434168,
  "icvs_gm": 0.3991340320792936,
  "icvs_wm": 0.36256146409636475,
  "inu_med": 0.4696253836154938,
  "inu_range": 0.3275136053562164,
  "provenance": {
    "md5sum": "231a46e9c165c84174bfb80eaca77af9",
    "settings": {
      "testing": false
    },
    "software": "mriqc",
    "version": "23.0.0",
    "warnings": {
      "large_rot_frame": true,
      "small_air_mask": false
    },
    "webapi_port": null,
    "webapi_url": "https://mriqc.nimh.nih.gov/api/v1"
  },
  "qi_1": 0.0,
  "qi_2": 0.012178099631323793,
  "rpve_csf": 12.44812733347135,
  "rpve_gm": 7.229593481422369,
  "rpve_wm": 9.323742499424577,
  "size_x": 173,
  "size_y": 204,
  "size_z": 200,
  "snr_csf": 3.3460375895452596,
  "snr_gm": 15.489529896535734,
  "snr_total": 15.157366356917143,
  "snr_wm": 26.636531584670433,
  "snrd_csf": 48.76787916801941,
  "snrd_gm": 116.43147634907697,
  "snrd_total": 105.24776756165265,
  "snrd_wm": 150.54394716786157,
  "spacing_x": 1.0,
  "spacing_y": 1.0,
  "spacing_z": 1.0,
  "summary_bg_k": 37.48004981697226,
  "summary_bg_mad": 0.0,
  "summary_bg_mean": 1.4505677000419195,
  "summary_bg_median": 0.0,
  "summary_bg_n": 1210973.0,
  "summary_bg_p05": 0.0,
  "summary_bg_p95": 11.874713134020567,
  "summary_bg_stdv": 4.35179500919701,
  "summary_csf_k": 3.2206455028288197,
  "summary_csf_mad": 70.67705597308364,
  "summary_csf_mean": 330.9623924757204,
  "summary_csf_median": 323.94446892663836,
  "summary_csf_n": 74268.0,
  "summary_csf_p05": 171.00734228268266,
  "summary_csf_p95": 500.114729963243,
  "summary_csf_stdv": 96.81370257642374,
  "summary_gm_k": -0.05534503927669299,
  "summary_gm_mad": 50.349960452545744,
  "summary_gm_mean": 772.8363301378671,
  "summary_gm_median": 773.4052293375134,
  "summary_gm_n": 24509.0,
  "summary_gm_p05": 689.9380428157747,
  "summary_gm_p95": 853.9238155931233,
  "summary_gm_stdv": 49.92982074719668,
  "summary_wm_k": 0.5887525352912415,
  "summary_wm_mad": 35.38105329097809,
  "summary_wm_mean": 1001.8872584327956,
  "summary_wm_median": 999.9999968707561,
  "summary_wm_n": 216421.0,
  "summary_wm_p05": 943.666816689074,
  "summary_wm_p95": 1066.4869172684848,
  "summary_wm_stdv": 37.54233855025466,
  "tpm_overlap_csf": 0.19753425595694965,
  "tpm_overlap_gm": 0.46751928889433714,
  "tpm_overlap_wm": 0.518839895361249,
  "wm2max": 0.3548932185101488
}