{
  "bids_meta": {
    "AcquisitionMatrixPE": 256,
    "AcquisitionNumber": 1,
    "AcquisitionTime": "12:56:38.800000",
    "BaseResolution": 256,
    "BodyPartExamined": "HEAD",
    "CoilString": "HC1-7;NC1_2",
    "ConsistencyInfo": "N4_VD13D_LATEST_20130810",
    "ConversionSoftware": "dcm2niix",
    "ConversionSoftwareVersion": "v1.0.20190902",
    "DeviceSerialNumber": "66014",
    "DwellTime": 1.03e-05,
    "EchoTime": 0.00234,
    "FlipAngle": 9,
    "ImageOrientationPatientDICOM": [
      0.0523357,
      0.99863,
      0.000174491,
      0.00174972,
      8.30316e-05,
      -0.999998
    ],
    "ImageType": [
      "ORIGINAL",
      "PRIMARY",
      "M",
      "NORM",
      "DIS2D"
    ],
    "ImagingFrequency": 123.26,
    "InPlanePhaseEncodingDirectionDICOM": "ROW",
    "InstitutionAddress": "Yiheyuan_Road_5_Beijing3cd14b_Haidian_CN_100871",
    "InstitutionName": "Peking_Univeristy",
    "InstitutionalDepartmentName": "Department",
    "InversionTime": 0.807,
    "MRAcquisitionType": "3D",
    "MagneticFieldStrength": 3,
    "Manufacturer": "Siemens",
    "ManufacturersModelName": "Prisma",
    "Modality": "MR",
    "ParallelReductionFactorInPlane": 2,
    "PartialFourier": 1,
    "PatientPosition": "HFS",
    "PercentPhaseFOV": 100,
    "PhaseEncodingSteps": 255,
    "PhaseResolution": 1,
    "PixelBandwidth": 190,
    "ProcedureStepDescription": "Research_Projects_64CH",
    "ProtocolName": "T1_mpr_ns_sag_ADNI_176mm",
    "PulseSequenceDetails": "%SiemensSeq%_tfl",
    "ReceiveCoilActiveElements": "HC1-7;NC1,2",
    "ReceiveCoilName": "HeadNeck_64",
    "ReconMatrixPE": 256,
    "RefLinesPE": 24,
    "RepetitionTime": 1.54,
    "SAR": 0.0740147,
    "ScanOptions": "IR",
    "ScanningSequence": "GR_IR",
    "SequenceName": "_tfl3d1_16ns",
    "SequenceVariant": "SK_SP_MP",
    "SeriesDescription": "T1_mpr_ns_sag_ADNI_176mm",
    "SeriesNumber": 3,
    "ShimSetting": [
      -3451,
      -2096,
      -2173,
      36,
      -6,
      -112,
      17,
      26
    ],
    "SliceThickness": 1,
    "SoftwareVersions": "syngo_MR_D13D",
    "StationName": "AWP66014",
    "TxRefAmp": 216.972,
    "dataset": "ds003988",
    "modality": "T1w",
    "subject_id": "02"
  },
  "cjv": 0.380433120584282,
  "cnr": 3.5868597579816996,
  "efc": 0.6710385627183862,
  "fber": -1.0,
  "fwhm_avg": 4.89414,
  "fwhm_x": 4.94988,
  "fwhm_y": 4.74955,
  "fwhm_z": 4.98299,
  "icvs_csf": 0.19263257827568905,
  "icvs_gm": 0.4229164992013093,
  "icvs_wm": 0.38445092252300167,
  "inu_med": 0.43040359020233154,
  "inu_range": 0.298787921667099,
  "provenance": {
    "md5sum": "20cc7d0c62d0bd75f15dea742db7c1d8",
    "settings": {
      "testing": false
    },
    "software": "mriqc",
    "version": "23.0.0",
    "warnings": {
      "large_rot_frame": true,
      "small_air_mask": false
    },
    "webapi_port": null,
    "webapi_url": "https://mriqc.nimh.nih.gov/api/v1"
  },
  "qi_1": 0.0,
  "qi_2": 0.007040066647771927,
  "rpve_csf": 13.640714338431616,
  "rpve_gm": 6.457384250978069,
  "rpve_wm": 8.244241528332706,
  "size_x": 175,
  "size_y": 202,
  "size_z": 180,
  "snr_csf": 3.4902604080347457,
  "snr_gm": 15.656496162492674,
  "snr_total": 15.247683927483974,
  "snr_wm": 26.5962952119245,
  "snrd_csf": 52.071398035727704,
  "snrd_gm": 116.19893711305033,
  "snrd_total": 105.9870937279655,
  "snrd_wm": 149.69094603511851,
  "spacing_x": 1.0,
  "spacing_y": 1.0,
  "spacing_z": 1.0,
  "summary_bg_k": 8.7350293140851,
  "summary_bg_mad": 0.0,
  "summary_bg_mean": 2.1679675857577627,
  "summary_bg_median": 0.0,
  "summary_bg_n": 1049138.0,
  "summary_bg_p05": 0.0,
  "summary_bg_p95": 11.154855474829674,
  "summary_bg_stdv": 4.376832605896381,
  "summary_csf_k": 2.106273966268371,
  "summary_csf_mad": 74.50303030730586,
  "summary_csf_mean": 349.64758058043066,
  "summary_csf_median": 347.8783849552274,
  "summary_csf_n": 45326.0,
  "summary_csf_p05": 176.08540854323655,
  "summary_csf_p95": 518.0309414444491,
  "summary_csf_stdv": 99.6700838191073,
  "summary_gm_k": 0.06430796902038338,
  "summary_gm_mad": 49.85784944395332,
  "summary_gm_mean": 774.5006380637599,
  "summary_gm_median": 776.3013881184161,
  "summary_gm_n": 31967.0,
  "summary_gm_p05": 690.6331916850061,
  "summary_gm_p95": 852.9472749765961,
  "summary_gm_stdv": 49.58256545626728,
  "summary_wm_k": 0.6984394000306047,
  "summary_wm_mad": 35.26530814328406,
  "summary_wm_mean": 1002.7499840037392,
  "summary_wm_median": 1000.0546655841172,
  "summary_wm_n": 221769.0,
  "summary_wm_p05": 946.4676147736609,
  "summary_wm_p95": 1069.0069830045104,
  "summary_wm_stdv": 37.60119230484771,
  "tpm_overlap_csf": 0.19099508772105603,
  "tpm_overlap_gm": 0.46670502481325227,
  "tpm_overlap_wm": 0.512024782919471,
  "wm2max": 0.3618037729175973
}