{
  "bids_meta": {
    "AcquisitionMatrixPE": 256,
    "AcquisitionNumber": 1,
    "AcquisitionTime": "12:56:38.800000",
    "BaseResolution": 256,
    "BodyPartExamined": "HEAD",
    "CoilString": "HC1-7;NC1_2",
    "ConsistencyInfo": "N4_VD13D_LATEST_20130810",
    "ConversionSoftware": "dcm2niix",
    "ConversionSoftwareVersion": "v1.0.20190902",
    "DeviceSerialNumber": "66014",
    "DwellTime": 1.03e-05,
    "EchoTime": 0.00234,
    "FlipAngle": 9,
    "ImageOrientationPatientDICOM": [
      0.0523357,
      0.99863,
      0.000174491,
      0.00174972,
      8.30316e-05,
      -0.999998
    ],
    "ImageType": [
      "ORIGINAL",
      "PRIMARY",
      "M",
      "NORM",
      "DIS2D"
    ],
    "ImagingFrequency": 123.26,
    "InPlanePhaseEncodingDirectionDICOM": "ROW",
    "InstitutionAddress": "Yiheyuan_Road_5_Beijing3cd14b_Haidian_CN_100871",
    "InstitutionName": "Peking_Univeristy",
    "InstitutionalDepartmentName": "Department",
    "InversionTime": 0.807,
    "MRAcquisitionType": "3D",
    "MagneticFieldStrength": 3,
    "Manufacturer": "Siemens",
    "ManufacturersModelName": "Prisma",
    "Modality": "MR",
    "ParallelReductionFactorInPlane": 2,
    "PartialFourier": 1,
    "PatientPosition": "HFS",
    "PercentPhaseFOV": 100,
    "PhaseEncodingSteps": 255,
    "PhaseResolution": 1,
    "PixelBandwidth": 190,
    "ProcedureStepDescription": "Research_Projects_64CH",
    "ProtocolName": "T1_mpr_ns_sag_ADNI_176mm",
    "PulseSequenceDetails": "%SiemensSeq%_tfl",
    "ReceiveCoilActiveElements": "HC1-7;NC1,2",
    "ReceiveCoilName": "HeadNeck_64",
    "ReconMatrixPE": 256,
    "RefLinesPE": 24,
    "RepetitionTime": 1.54,
    "SAR": 0.0740147,
    "ScanOptions": "IR",
    "ScanningSequence": "GR_IR",
    "SequenceName": "_tfl3d1_16ns",
    "SequenceVariant": "SK_SP_MP",
    "SeriesDescription": "T1_mpr_ns_sag_ADNI_176mm",
    "SeriesNumber": 3,
    "ShimSetting": [
      -3451,
      -2096,
      -2173,
      36,
      -6,
      -112,
      17,
      26
    ],
    "SliceThickness": 1,
    "SoftwareVersions": "syngo_MR_D13D",
    "StationName": "AWP66014",
    "TxRefAmp": 216.972,
    "dataset": "ds003988",
    "modality": "T1w",
    "subject_id": "31"
  },
  "cjv": 0.3404845026024667,
  "cnr": 3.9422884089064882,
  "efc": 0.6775149917130544,
  "fber": -1.0,
  "fwhm_avg": 4.37981,
  "fwhm_x": 4.28715,
  "fwhm_y": 4.35195,
  "fwhm_z": 4.50033,
  "icvs_csf": 0.17526908411333064,
  "icvs_gm": 0.44991114645867614,
  "icvs_wm": 0.3748197694279932,
  "inu_med": 0.3826097697019577,
  "inu_range": 0.1721884787082672,
  "provenance": {
    "md5sum": "8095132338a367d0011f536e338730d0",
    "settings": {
      "testing": false
    },
    "software": "mriqc",
    "version": "23.0.0",
    "warnings": {
      "large_rot_frame": true,
      "small_air_mask": false
    },
    "webapi_port": null,
    "webapi_url": "https://mriqc.nimh.nih.gov/api/v1"
  },
  "qi_1": 0.0,
  "qi_2": 0.004289240104708731,
  "rpve_csf": 15.184126942679242,
  "rpve_gm": 6.472466090410526,
  "rpve_wm": 8.790008206246661,
  "size_x": 161,
  "size_y": 201,
  "size_z": 200,
  "snr_csf": 2.183960053919662,
  "snr_gm": 14.94816126196194,
  "snr_total": 15.322371820629954,
  "snr_wm": 28.83499414600826,
  "snrd_csf": 52.118270317849195,
  "snrd_gm": 124.10461555716613,
  "snrd_total": 113.35780802053357,
  "snrd_wm": 163.85053818658534,
  "spacing_x": 1.0,
  "spacing_y": 1.0,
  "spacing_z": 1.0,
  "summary_bg_k": 30.145415028584296,
  "summary_bg_mad": 0.0,
  "summary_bg_mean": 1.3254901933601055,
  "summary_bg_median": 0.0,
  "summary_bg_n": 971473.0,
  "summary_bg_p05": 0.0,
  "summary_bg_p95": 8.947211690247059,
  "summary_bg_stdv": 3.998616680126203,
  "summary_csf_k": -0.3768227597013727,
  "summary_csf_mad": 131.14817467850352,
  "summary_csf_mean": 295.2699761955415,
  "summary_csf_median": 318.10319962725043,
  "summary_csf_n": 31589.0,
  "summary_csf_p05": 49.03072006255388,
  "summary_csf_p95": 522.8750511780381,
  "summary_csf_stdv": 145.65200676876822,
  "summary_gm_k": 0.05597195808080402,
  "summary_gm_mad": 50.053854934614286,
  "summary_gm_mean": 756.8987711110567,
  "summary_gm_median": 757.470941696316,
  "summary_gm_n": 51082.0,
  "summary_gm_p05": 671.5180613920093,
  "summary_gm_p95": 839.0695123113692,
  "summary_gm_stdv": 50.672689043219776,
  "summary_wm_k": 0.6049816380814503,
  "summary_wm_mad": 32.54384914476689,
  "summary_wm_mean": 1001.80166849502,
  "summary_wm_median": 1000.0596746578813,
  "summary_wm_n": 224353.0,
  "summary_wm_p05": 948.1061987765133,
  "summary_wm_p95": 1061.497194930911,
  "summary_wm_stdv": 34.6820755651193,
  "tpm_overlap_csf": 0.16892494598196794,
  "tpm_overlap_gm": 0.49261326123541554,
  "tpm_overlap_wm": 0.5258898198056206,
  "wm2max": 0.342261054178745
}