{
  "bids_meta": {
    "AcquisitionMatrixPE": 256,
    "AcquisitionNumber": 1,
    "AcquisitionTime": "12:56:38.800000",
    "BaseResolution": 256,
    "BodyPartExamined": "HEAD",
    "CoilString": "HC1-7;NC1_2",
    "ConsistencyInfo": "N4_VD13D_LATEST_20130810",
    "ConversionSoftware": "dcm2niix",
    "ConversionSoftwareVersion": "v1.0.20190902",
    "DeviceSerialNumber": "66014",
    "DwellTime": 1.03e-05,
    "EchoTime": 0.00234,
    "FlipAngle": 9,
    "ImageOrientationPatientDICOM": [
      0.0523357,
      0.99863,
      0.000174491,
      0.00174972,
      8.30316e-05,
      -0.999998
    ],
    "ImageType": [
      "ORIGINAL",
      "PRIMARY",
      "M",
      "NORM",
      "DIS2D"
    ],
    "ImagingFrequency": 123.26,
    "InPlanePhaseEncodingDirectionDICOM": "ROW",
    "InstitutionAddress": "Yiheyuan_Road_5_Beijing3cd14b_Haidian_CN_100871",
    "InstitutionName": "Peking_Univeristy",
    "InstitutionalDepartmentName": "Department",
    "InversionTime": 0.807,
    "MRAcquisitionType": "3D",
    "MagneticFieldStrength": 3,
    "Manufacturer": "Siemens",
    "ManufacturersModelName": "Prisma",
    "Modality": "MR",
    "ParallelReductionFactorInPlane": 2,
    "PartialFourier": 1,
    "PatientPosition": "HFS",
    "PercentPhaseFOV": 100,
    "PhaseEncodingSteps": 255,
    "PhaseResolution": 1,
    "PixelBandwidth": 190,
    "ProcedureStepDescription": "Research_Projects_64CH",
    "ProtocolName": "T1_mpr_ns_sag_ADNI_176mm",
    "PulseSequenceDetails": "%SiemensSeq%_tfl",
    "ReceiveCoilActiveElements": "HC1-7;NC1,2",
    "ReceiveCoilName": "HeadNeck_64",
    "ReconMatrixPE": 256,
    "RefLinesPE": 24,
    "RepetitionTime": 1.54,
    "SAR": 0.0740147,
    "ScanOptions": "IR",
    "ScanningSequence": "GR_IR",
    "SequenceName": "_tfl3d1_16ns",
    "SequenceVariant": "SK_SP_MP",
    "SeriesDescription": "T1_mpr_ns_sag_ADNI_176mm",
    "SeriesNumber": 3,
    "ShimSetting": [
      -3451,
      -2096,
      -2173,
      36,
      -6,
      -112,
      17,
      26
    ],
    "SliceThickness": 1,
    "SoftwareVersions": "syngo_MR_D13D",
    "StationName": "AWP66014",
    "TxRefAmp": 216.972,
    "dataset": "ds003988",
    "modality": "T1w",
    "subject_id": "09"
  },
  "cjv": 0.37393996316941075,
  "cnr": 3.585783740250237,
  "efc": 0.6905636695700645,
  "fber": 27486.149584487535,
  "fwhm_avg": 4.85086,
  "fwhm_x": 4.97082,
  "fwhm_y": 4.69205,
  "fwhm_z": 4.88971,
  "icvs_csf": 0.1610793431826056,
  "icvs_gm": 0.4350182182487866,
  "icvs_wm": 0.4039024385686078,
  "inu_med": 0.37917560338974,
  "inu_range": 0.22119293361902234,
  "provenance": {
    "md5sum": "48b52be74d9e4435629877b6442227ea",
    "settings": {
      "testing": false
    },
    "software": "mriqc",
    "version": "23.0.0",
    "warnings": {
      "large_rot_frame": true,
      "small_air_mask": false
    },
    "webapi_port": null,
    "webapi_url": "https://mriqc.nimh.nih.gov/api/v1"
  },
  "qi_1": 9.369773423262336e-06,
  "qi_2": 0.007592952683981687,
  "rpve_csf": 13.93138818887322,
  "rpve_gm": 5.595498830742337,
  "rpve_wm": 6.883297898526788,
  "size_x": 170,
  "size_y": 202,
  "size_z": 160,
  "snr_csf": 2.3765508286997976,
  "snr_gm": 15.158348373456938,
  "snr_total": 13.60376740284387,
  "snr_wm": 23.27640300637487,
  "snrd_csf": 23.514996080361847,
  "snrd_gm": 51.78853177841287,
  "snrd_total": 47.796565412205545,
  "snrd_wm": 68.0861683778419,
  "spacing_x": 1.0,
  "spacing_y": 1.0,
  "spacing_z": 1.0,
  "summary_bg_k": 20.480081440724287,
  "summary_bg_mad": 0.0,
  "summary_bg_mean": 4.976088568318716,
  "summary_bg_median": 0.0,
  "summary_bg_n": 1116498.0,
  "summary_bg_p05": 0.0,
  "summary_bg_p95": 22.51869399100542,
  "summary_bg_stdv": 9.622574284617068,
  "summary_csf_k": -0.26536509664673646,
  "summary_csf_mad": 129.19854884328564,
  "summary_csf_mean": 325.2335943554685,
  "summary_csf_median": 345.38578009977937,
  "summary_csf_n": 22527.0,
  "summary_csf_p05": 63.264783684164286,
  "summary_csf_p95": 541.4003892660141,
  "summary_csf_stdv": 145.32746777536715,
  "summary_gm_k": 0.06602065196380469,
  "summary_gm_mad": 50.58334213610842,
  "summary_gm_mean": 760.9398923181406,
  "summary_gm_median": 760.6644877754152,
  "summary_gm_n": 39052.0,
  "summary_gm_p05": 679.5971894077957,
  "summary_gm_p95": 842.5390600785613,
  "summary_gm_stdv": 50.180582333210765,
  "summary_wm_k": 0.9914910452733454,
  "summary_wm_mad": 38.92964562903487,
  "summary_wm_mean": 1005.0454181078909,
  "summary_wm_median": 1000.0424537099898,
  "summary_wm_n": 236850.0,
  "summary_wm_p05": 944.043135445565,
  "summary_wm_p95": 1084.253871615976,
  "summary_wm_stdv": 42.96369771151964,
  "tpm_overlap_csf": 0.15926530906274408,
  "tpm_overlap_gm": 0.4677101587399568,
  "tpm_overlap_wm": 0.5121603732140431,
  "wm2max": 0.4424164959305276
}