{
  "bids_meta": {
    "AcquisitionMatrixPE": 256,
    "AcquisitionNumber": 1,
    "AcquisitionTime": "12:56:38.800000",
    "BaseResolution": 256,
    "BodyPartExamined": "HEAD",
    "CoilString": "HC1-7;NC1_2",
    "ConsistencyInfo": "N4_VD13D_LATEST_20130810",
    "ConversionSoftware": "dcm2niix",
    "ConversionSoftwareVersion": "v1.0.20190902",
    "DeviceSerialNumber": "66014",
    "DwellTime": 1.03e-05,
    "EchoTime": 0.00234,
    "FlipAngle": 9,
    "ImageOrientationPatientDICOM": [
      0.0523357,
      0.99863,
      0.000174491,
      0.00174972,
      8.30316e-05,
      -0.999998
    ],
    "ImageType": [
      "ORIGINAL",
      "PRIMARY",
      "M",
      "NORM",
      "DIS2D"
    ],
    "ImagingFrequency": 123.26,
    "InPlanePhaseEncodingDirectionDICOM": "ROW",
    "InstitutionAddress": "Yiheyuan_Road_5_Beijing3cd14b_Haidian_CN_100871",
    "InstitutionName": "Peking_Univeristy",
    "InstitutionalDepartmentName": "Department",
    "InversionTime": 0.807,
    "MRAcquisitionType": "3D",
    "MagneticFieldStrength": 3,
    "Manufacturer": "Siemens",
    "ManufacturersModelName": "Prisma",
    "Modality": "MR",
    "ParallelReductionFactorInPlane": 2,
    "PartialFourier": 1,
    "PatientPosition": "HFS",
    "PercentPhaseFOV": 100,
    "PhaseEncodingSteps": 255,
    "PhaseResolution": 1,
    "PixelBandwidth": 190,
    "ProcedureStepDescription": "Research_Projects_64CH",
    "ProtocolName": "T1_mpr_ns_sag_ADNI_176mm",
    "PulseSequenceDetails": "%SiemensSeq%_tfl",
    "ReceiveCoilActiveElements": "HC1-7;NC1,2",
    "ReceiveCoilName": "HeadNeck_64",
    "ReconMatrixPE": 256,
    "RefLinesPE": 24,
    "RepetitionTime": 1.54,
    "SAR": 0.0740147,
    "ScanOptions": "IR",
    "ScanningSequence": "GR_IR",
    "SequenceName": "_tfl3d1_16ns",
    "SequenceVariant": "SK_SP_MP",
    "SeriesDescription": "T1_mpr_ns_sag_ADNI_176mm",
    "SeriesNumber": 3,
    "ShimSetting": [
      -3451,
      -2096,
      -2173,
      36,
      -6,
      -112,
      17,
      26
    ],
    "SliceThickness": 1,
    "SoftwareVersions": "syngo_MR_D13D",
    "StationName": "AWP66014",
    "TxRefAmp": 216.972,
    "dataset": "ds003988",
    "modality": "T1w",
    "subject_id": "25"
  },
  "cjv": 0.3797168271856074,
  "cnr": 3.5100318146400586,
  "efc": 0.6648686696836763,
  "fber": -1.0,
  "fwhm_avg": 4.5008566666666665,
  "fwhm_x": 4.59793,
  "fwhm_y": 4.22971,
  "fwhm_z": 4.67493,
  "icvs_csf": 0.21513706899982005,
  "icvs_gm": 0.4213979304643979,
  "icvs_wm": 0.36346500053578207,
  "inu_med": 0.3734027147293091,
  "inu_range": 0.20097569823265066,
  "provenance": {
    "md5sum": "7e90f36d72fcde6cb42f558d8a537817",
    "settings": {
      "testing": false
    },
    "software": "mriqc",
    "version": "23.0.0",
    "warnings": {
      "large_rot_frame": true,
      "small_air_mask": false
    },
    "webapi_port": null,
    "webapi_url": "https://mriqc.nimh.nih.gov/api/v1"
  },
  "qi_1": 0.0,
  "qi_2": 0.005722146478642225,
  "rpve_csf": 11.865069896947375,
  "rpve_gm": 6.187875346146866,
  "rpve_wm": 8.351054097397446,
  "size_x": 166,
  "size_y": 185,
  "size_z": 177,
  "snr_csf": 3.121580580040459,
  "snr_gm": 14.46064147090449,
  "snr_total": 15.480391345088124,
  "snr_wm": 28.85895198431943,
  "snrd_csf": 54.47395657594104,
  "snrd_gm": 124.46110029590771,
  "snrd_total": 113.14600582059325,
  "snrd_wm": 160.50296058993098,
  "spacing_x": 1.0,
  "spacing_y": 1.0,
  "spacing_z": 1.0,
  "summary_bg_k": 16.960946868604466,
  "summary_bg_mad": 0.0,
  "summary_bg_mean": 1.4868268886293827,
  "summary_bg_median": 0.0,
  "summary_bg_n": 978515.0,
  "summary_bg_p05": 0.0,
  "summary_bg_p95": 9.970458090305328,
  "summary_bg_stdv": 4.081959925963931,
  "summary_csf_k": 1.4680783444728593,
  "summary_csf_mad": 78.49634308787854,
  "summary_csf_mean": 345.0972318363718,
  "summary_csf_median": 339.4110108241439,
  "summary_csf_n": 41983.0,
  "summary_csf_p05": 130.72839980348945,
  "summary_csf_p95": 533.1379347093404,
  "summary_csf_stdv": 108.72920299634104,
  "summary_gm_k": 0.05904144889121277,
  "summary_gm_mad": 53.24337831069705,
  "summary_gm_mean": 772.9562167530427,
  "summary_gm_median": 775.4800736904144,
  "summary_gm_n": 29567.0,
  "summary_gm_p05": 679.1451383456588,
  "summary_gm_p95": 856.7531549848615,
  "summary_gm_stdv": 53.62604149988503,
  "summary_wm_k": 0.9238426237775084,
  "summary_wm_mad": 32.028150449108246,
  "summary_wm_mean": 1002.7509048572578,
  "summary_wm_median": 1000.0461783632636,
  "summary_wm_n": 192371.0,
  "summary_wm_p05": 950.840121306479,
  "summary_wm_p95": 1063.6770879812539,
  "summary_wm_stdv": 34.65280304145749,
  "tpm_overlap_csf": 0.18251395505714724,
  "tpm_overlap_gm": 0.47577692812858774,
  "tpm_overlap_wm": 0.5065111722513743,
  "wm2max": 0.4050819886692968
}