{
  "aor": 0.019586066666666666,
  "aqi": 0.012720361,
  "bids_meta": {
    "AcquisitionMatrixPE": 80,
    "AcquisitionNumber": 1,
    "AcquisitionTime": "13:05:44.580000",
    "BandwidthPerPixelPhaseEncode": 43.103,
    "BaseResolution": 80,
    "BodyPartExamined": "HEAD",
    "ConsistencyInfo": "N4_VD13D_LATEST_20130810",
    "ConversionSoftware": "dcm2niix",
    "ConversionSoftwareVersion": "v1.0.20190902",
    "DerivedVendorReportedEchoSpacing": 0.000580006,
    "DeviceSerialNumber": "66014",
    "DwellTime": 3.1e-06,
    "EchoTime": 0.03,
    "EchoTrainLength": 39,
    "EffectiveEchoSpacing": 0.000290003,
    "FlipAngle": 90,
    "ImageComments": "SENSE1",
    "ImageOrientationPatientDICOM": [
      0.998493,
      -0.0502259,
      0.0221285,
      0.0505815,
      0.998595,
      -0.0158156
    ],
    "ImageType": [
      "ORIGINAL",
      "PRIMARY",
      "M",
      "ND",
      "NORM",
      "MOSAIC"
    ],
    "ImagingFrequency": 123.26,
    "InPlanePhaseEncodingDirectionDICOM": "COL",
    "InstitutionAddress": "Yiheyuan_Road_5_Beijing3cd14b_Haidian_CN_100871",
    "InstitutionName": "Peking_Univeristy",
    "InstitutionalDepartmentName": "Department",
    "MRAcquisitionType": "2D",
    "MagneticFieldStrength": 3,
    "Manufacturer": "Siemens",
    "ManufacturersModelName": "Prisma",
    "Modality": "MR",
    "ParallelReductionFactorInPlane": 2,
    "PartialFourier": 1,
    "PatientPosition": "HFS",
    "PercentPhaseFOV": 100,
    "PhaseEncodingDirection": "j-",
    "PhaseEncodingSteps": 79,
    "PhaseResolution": 1,
    "PixelBandwidth": 2015,
    "ProcedureStepDescription": "Research_Projects_64CH",
    "ProtocolName": "resting_state_FMRI",
    "PulseSequenceDetails": "%CustomerSeq%_cmrr_mbep2d_bold",
    "ReceiveCoilActiveElements": "HC1-6",
    "ReceiveCoilName": "HeadNeck_64",
    "ReconMatrixPE": 80,
    "RefLinesPE": 24,
    "RepetitionTime": 2,
    "SAR": 0.0882345,
    "ScanOptions": "FS_EXT",
    "ScanningSequence": "EP",
    "SequenceName": "epfid2d1_80",
    "SequenceVariant": "SK_SS",
    "SeriesDescription": "resting_state_FMRI",
    "SeriesNumber": 6,
    "ShimSetting": [
      -3461,
      -2112,
      -1908,
      394,
      -64,
      -345,
      101,
      43
    ],
    "SliceThickness": 4,
    "SliceTiming": [
      0.99,
      0,
      1.05,
      0.06,
      1.1075,
      0.1175,
      1.165,
      0.175,
      1.2225,
      0.235,
      1.2825,
      0.2925,
      1.34,
      0.35,
      1.3975,
      0.4075,
      1.4575,
      0.4675,
      1.515,
      0.525,
      1.5725,
      0.5825,
      1.6325,
      0.6425,
      1.69,
      0.7,
      1.7475,
      0.7575,
      1.805,
      0.815,
      1.865,
      0.875,
      1.9225,
      0.9325
    ],
    "SoftwareVersions": "syngo_MR_D13D",
    "SpacingBetweenSlices": 4,
    "StationName": "AWP66014",
    "TaskName": "rest",
    "TotalReadoutTime": 0.0232002,
    "TotalReadoutTimeFSL": 0.0229102,
    "TxRefAmp": 216.972,
    "WipMemBlock": "285541ac-d595-41d7-a55f-9cb460af9efa||Sequence: vd13d/master r/0d08c20; Mar  9 2017 09:28:48 by eja",
    "acq_id": "singleband",
    "dataset": "ds003988",
    "modality": "bold",
    "subject_id": "27",
    "task_id": "rest"
  },
  "dummy_trs": 0,
  "dvars_nstd": 22.34636861053691,
  "dvars_std": 1.4554514428859064,
  "dvars_vstd": 1.1310446371812073,
  "efc": 0.40215613607287404,
  "fber": 11797.3564453125,
  "fd_mean": 0.10473035591436594,
  "fd_num": 7,
  "fd_perc": 4.666666666666667,
  "fwhm_avg": 1.6861372222222224,
  "fwhm_x": 1.6583733333333335,
  "fwhm_y": 1.8713533333333334,
  "fwhm_z": 1.528685,
  "gcor": 0.0121791,
  "gsr_x": -0.0017137888353317976,
  "gsr_y": -0.0022954095620661974,
  "provenance": {
    "md5sum": "6a57908c666fe2f09c6f8942225612e9",
    "settings": {
      "fd_thres": 0.2,
      "testing": false
    },
    "software": "mriqc",
    "version": "23.0.0",
    "webapi_port": null,
    "webapi_url": "https://mriqc.nimh.nih.gov/api/v1"
  },
  "size_t": 150,
  "size_x": 80,
  "size_y": 80,
  "size_z": 34,
  "snr": 7.4104703137954955,
  "spacing_tr": 2.0,
  "spacing_x": 3.0,
  "spacing_y": 3.0,
  "spacing_z": 4.0,
  "summary_bg_k": 39.85725492058326,
  "summary_bg_mad": 79.55644047446208,
  "summary_bg_mean": 399.3595886230469,
  "summary_bg_median": 122.62667083740234,
  "summary_bg_n": 155659.0,
  "summary_bg_p05": 51.853336334228516,
  "summary_bg_p95": 1533.7953613281259,
  "summary_bg_stdv": 995.2196655273438,
  "summary_fg_k": 2.445850331777911,
  "summary_fg_mad": 1627.749554838792,
  "summary_fg_mean": 13193.2939453125,
  "summary_fg_median": 13189.25,
  "summary_fg_n": 24096.0,
  "summary_fg_p05": 10556.306884765625,
  "summary_fg_p95": 15993.330322265625,
  "summary_fg_stdv": 1779.77587890625,
  "tsnr": 62.28093605837785
}