{
  "aor": 0.0012336241610738255,
  "aqi": 0.005622521879194631,
  "bids_meta": {
    "AcquisitionMatrixPE": 80,
    "AcquisitionNumber": 1,
    "AcquisitionTime": "13:05:44.580000",
    "BandwidthPerPixelPhaseEncode": 43.103,
    "BaseResolution": 80,
    "BodyPartExamined": "HEAD",
    "ConsistencyInfo": "N4_VD13D_LATEST_20130810",
    "ConversionSoftware": "dcm2niix",
    "ConversionSoftwareVersion": "v1.0.20190902",
    "DerivedVendorReportedEchoSpacing": 0.000580006,
    "DeviceSerialNumber": "66014",
    "DwellTime": 3.1e-06,
    "EchoTime": 0.03,
    "EchoTrainLength": 39,
    "EffectiveEchoSpacing": 0.000290003,
    "FlipAngle": 90,
    "ImageComments": "SENSE1",
    "ImageOrientationPatientDICOM": [
      0.998493,
      -0.0502259,
      0.0221285,
      0.0505815,
      0.998595,
      -0.0158156
    ],
    "ImageType": [
      "ORIGINAL",
      "PRIMARY",
      "M",
      "ND",
      "NORM",
      "MOSAIC"
    ],
    "ImagingFrequency": 123.26,
    "InPlanePhaseEncodingDirectionDICOM": "COL",
    "InstitutionAddress": "Yiheyuan_Road_5_Beijing3cd14b_Haidian_CN_100871",
    "InstitutionName": "Peking_Univeristy",
    "InstitutionalDepartmentName": "Department",
    "MRAcquisitionType": "2D",
    "MagneticFieldStrength": 3,
    "Manufacturer": "Siemens",
    "ManufacturersModelName": "Prisma",
    "Modality": "MR",
    "ParallelReductionFactorInPlane": 2,
    "PartialFourier": 1,
    "PatientPosition": "HFS",
    "PercentPhaseFOV": 100,
    "PhaseEncodingDirection": "j-",
    "PhaseEncodingSteps": 79,
    "PhaseResolution": 1,
    "PixelBandwidth": 2015,
    "ProcedureStepDescription": "Research_Projects_64CH",
    "ProtocolName": "resting_state_FMRI",
    "PulseSequenceDetails": "%CustomerSeq%_cmrr_mbep2d_bold",
    "ReceiveCoilActiveElements": "HC1-6",
    "ReceiveCoilName": "HeadNeck_64",
    "ReconMatrixPE": 80,
    "RefLinesPE": 24,
    "RepetitionTime": 2,
    "SAR": 0.0882345,
    "ScanOptions": "FS_EXT",
    "ScanningSequence": "EP",
    "SequenceName": "epfid2d1_80",
    "SequenceVariant": "SK_SS",
    "SeriesDescription": "resting_state_FMRI",
    "SeriesNumber": 6,
    "ShimSetting": [
      -3461,
      -2112,
      -1908,
      394,
      -64,
      -345,
      101,
      43
    ],
    "SliceThickness": 4,
    "SliceTiming": [
      0.99,
      0,
      1.05,
      0.06,
      1.1075,
      0.1175,
      1.165,
      0.175,
      1.2225,
      0.235,
      1.2825,
      0.2925,
      1.34,
      0.35,
      1.3975,
      0.4075,
      1.4575,
      0.4675,
      1.515,
      0.525,
      1.5725,
      0.5825,
      1.6325,
      0.6425,
      1.69,
      0.7,
      1.7475,
      0.7575,
      1.805,
      0.815,
      1.865,
      0.875,
      1.9225,
      0.9325
    ],
    "SoftwareVersions": "syngo_MR_D13D",
    "SpacingBetweenSlices": 4,
    "StationName": "AWP66014",
    "TaskName": "rest",
    "TotalReadoutTime": 0.0232002,
    "TotalReadoutTimeFSL": 0.0229102,
    "TxRefAmp": 216.972,
    "WipMemBlock": "285541ac-d595-41d7-a55f-9cb460af9efa||Sequence: vd13d/master r/0d08c20; Mar  9 2017 09:28:48 by eja",
    "acq_id": "singleband",
    "dataset": "ds003988",
    "modality": "bold",
    "subject_id": "29",
    "task_id": "rest"
  },
  "dummy_trs": 1,
  "dvars_nstd": 20.552552925810808,
  "dvars_std": 1.4160832633783778,
  "dvars_vstd": 0.9955676379729728,
  "efc": 0.39954200363590486,
  "fber": 164430.921875,
  "fd_mean": 0.059908972390372656,
  "fd_num": 0,
  "fd_perc": 0.0,
  "fwhm_avg": 1.5836186111111108,
  "fwhm_x": 1.57738,
  "fwhm_y": 1.6982633333333332,
  "fwhm_z": 1.4752125,
  "gcor": 0.0297242,
  "gsr_x": -0.004499676171690226,
  "gsr_y": -0.0038743859622627497,
  "provenance": {
    "md5sum": "348887f4fa66ee002a543f08a69ff9ee",
    "settings": {
      "fd_thres": 0.2,
      "testing": false
    },
    "software": "mriqc",
    "version": "23.0.0",
    "webapi_port": null,
    "webapi_url": "https://mriqc.nimh.nih.gov/api/v1"
  },
  "size_t": 149,
  "size_x": 80,
  "size_y": 80,
  "size_z": 34,
  "snr": 8.261108538638098,
  "spacing_tr": 2.0,
  "spacing_x": 3.0,
  "spacing_y": 3.0,
  "spacing_z": 4.0,
  "summary_bg_k": 84.10704574029646,
  "summary_bg_mad": 37.116228042874724,
  "summary_bg_mean": 305.01983642578125,
  "summary_bg_median": 39.565677642822266,
  "summary_bg_n": 151002.0,
  "summary_bg_p05": 9.688932752609253,
  "summary_bg_p95": 1455.2881286621032,
  "summary_bg_stdv": 1025.888916015625,
  "summary_fg_k": 3.1491692376150926,
  "summary_fg_mad": 1737.328192538273,
  "summary_fg_mean": 15642.82421875,
  "summary_fg_median": 15592.126953125,
  "summary_fg_n": 27852.0,
  "summary_fg_p05": 12915.176708984376,
  "summary_fg_p95": 18597.41650390625,
  "summary_fg_stdv": 1887.3795166015625,
  "tsnr": 97.67787170410156
}