{
  "bids_meta": {
    "AcquisitionMatrixPE": 256,
    "AcquisitionNumber": 1,
    "AcquisitionTime": "12:56:38.800000",
    "BaseResolution": 256,
    "BodyPartExamined": "HEAD",
    "CoilString": "HC1-7;NC1_2",
    "ConsistencyInfo": "N4_VD13D_LATEST_20130810",
    "ConversionSoftware": "dcm2niix",
    "ConversionSoftwareVersion": "v1.0.20190902",
    "DeviceSerialNumber": "66014",
    "DwellTime": 1.03e-05,
    "EchoTime": 0.00234,
    "FlipAngle": 9,
    "ImageOrientationPatientDICOM": [
      0.0523357,
      0.99863,
      0.000174491,
      0.00174972,
      8.30316e-05,
      -0.999998
    ],
    "ImageType": [
      "ORIGINAL",
      "PRIMARY",
      "M",
      "NORM",
      "DIS2D"
    ],
    "ImagingFrequency": 123.26,
    "InPlanePhaseEncodingDirectionDICOM": "ROW",
    "InstitutionAddress": "Yiheyuan_Road_5_Beijing3cd14b_Haidian_CN_100871",
    "InstitutionName": "Peking_Univeristy",
    "InstitutionalDepartmentName": "Department",
    "InversionTime": 0.807,
    "MRAcquisitionType": "3D",
    "MagneticFieldStrength": 3,
    "Manufacturer": "Siemens",
    "ManufacturersModelName": "Prisma",
    "Modality": "MR",
    "ParallelReductionFactorInPlane": 2,
    "PartialFourier": 1,
    "PatientPosition": "HFS",
    "PercentPhaseFOV": 100,
    "PhaseEncodingSteps": 255,
    "PhaseResolution": 1,
    "PixelBandwidth": 190,
    "ProcedureStepDescription": "Research_Projects_64CH",
    "ProtocolName": "T1_mpr_ns_sag_ADNI_176mm",
    "PulseSequenceDetails": "%SiemensSeq%_tfl",
    "ReceiveCoilActiveElements": "HC1-7;NC1,2",
    "ReceiveCoilName": "HeadNeck_64",
    "ReconMatrixPE": 256,
    "RefLinesPE": 24,
    "RepetitionTime": 1.54,
    "SAR": 0.0740147,
    "ScanOptions": "IR",
    "ScanningSequence": "GR_IR",
    "SequenceName": "_tfl3d1_16ns",
    "SequenceVariant": "SK_SP_MP",
    "SeriesDescription": "T1_mpr_ns_sag_ADNI_176mm",
    "SeriesNumber": 3,
    "ShimSetting": [
      -3451,
      -2096,
      -2173,
      36,
      -6,
      -112,
      17,
      26
    ],
    "SliceThickness": 1,
    "SoftwareVersions": "syngo_MR_D13D",
    "StationName": "AWP66014",
    "TxRefAmp": 216.972,
    "dataset": "ds003988",
    "modality": "T1w",
    "subject_id": "33"
  },
  "cjv": 0.4219089380366238,
  "cnr": 3.275842761231445,
  "efc": 0.6862751925968696,
  "fber": -1.0,
  "fwhm_avg": 4.465256666666667,
  "fwhm_x": 4.58038,
  "fwhm_y": 4.3573,
  "fwhm_z": 4.45809,
  "icvs_csf": 0.20642312510047453,
  "icvs_gm": 0.4045726438920643,
  "icvs_wm": 0.3890042310074611,
  "inu_med": 0.3475111573934555,
  "inu_range": 0.14798433631658553,
  "provenance": {
    "md5sum": "78d05bcc4672e254bd1ca603d3fbba87",
    "settings": {
      "testing": false
    },
    "software": "mriqc",
    "version": "23.0.0",
    "warnings": {
      "large_rot_frame": true,
      "small_air_mask": false
    },
    "webapi_port": null,
    "webapi_url": "https://mriqc.nimh.nih.gov/api/v1"
  },
  "qi_1": 7.961534701709513e-05,
  "qi_2": 0.006741156600465821,
  "rpve_csf": 10.506957512967347,
  "rpve_gm": 5.32293384303106,
  "rpve_wm": 6.436726244753997,
  "size_x": 164,
  "size_y": 189,
  "size_z": 153,
  "snr_csf": 3.6611842276794064,
  "snr_gm": 17.200799082520465,
  "snr_total": 15.091740179544407,
  "snr_wm": 24.413237228433346,
  "snrd_csf": 63.71975402922911,
  "snrd_gm": 146.30211934325803,
  "snrd_total": 131.1910624134342,
  "snrd_wm": 183.5513138678154,
  "spacing_x": 1.0,
  "spacing_y": 1.0,
  "spacing_z": 1.0,
  "summary_bg_k": 21.27365590687649,
  "summary_bg_mad": 0.0,
  "summary_bg_mean": 1.2401622064450988,
  "summary_bg_median": 0.0,
  "summary_bg_n": 851519.0,
  "summary_bg_p05": 0.0,
  "summary_bg_p95": 8.521674752235413,
  "summary_bg_stdv": 3.569392843192389,
  "summary_csf_k": 4.252664629999988,
  "summary_csf_mad": 65.23120216519037,
  "summary_csf_mean": 365.04848324517997,
  "summary_csf_median": 347.16561925411224,
  "summary_csf_n": 47588.0,
  "summary_csf_p05": 253.7212873853743,
  "summary_csf_p95": 551.206469102949,
  "summary_csf_stdv": 94.82231705060768,
  "summary_gm_k": -0.06477967087200875,
  "summary_gm_mad": 47.378452098927745,
  "summary_gm_mean": 796.57659878529,
  "summary_gm_median": 797.100783482194,
  "summary_gm_n": 16141.0,
  "summary_gm_p05": 720.1278300136328,
  "summary_gm_p95": 871.1096761673689,
  "summary_gm_stdv": 46.33948036209349,
  "summary_wm_k": 0.7851348925931734,
  "summary_wm_mad": 38.24608379580109,
  "summary_wm_mean": 1004.120300064865,
  "summary_wm_median": 1000.0463202446699,
  "summary_wm_n": 202782.0,
  "summary_wm_p05": 944.4238671064377,
  "summary_wm_p95": 1077.7139754593372,
  "summary_wm_stdv": 40.963180960721324,
  "tpm_overlap_csf": 0.16954722749466777,
  "tpm_overlap_gm": 0.45271438987143053,
  "tpm_overlap_wm": 0.5047244746784295,
  "wm2max": 0.39073159256645495
}