{
  "bids_meta": {
    "AcquisitionMatrixPE": 256,
    "AcquisitionNumber": 1,
    "AcquisitionTime": "12:56:38.800000",
    "BaseResolution": 256,
    "BodyPartExamined": "HEAD",
    "CoilString": "HC1-7;NC1_2",
    "ConsistencyInfo": "N4_VD13D_LATEST_20130810",
    "ConversionSoftware": "dcm2niix",
    "ConversionSoftwareVersion": "v1.0.20190902",
    "DeviceSerialNumber": "66014",
    "DwellTime": 1.03e-05,
    "EchoTime": 0.00234,
    "FlipAngle": 9,
    "ImageOrientationPatientDICOM": [
      0.0523357,
      0.99863,
      0.000174491,
      0.00174972,
      8.30316e-05,
      -0.999998
    ],
    "ImageType": [
      "ORIGINAL",
      "PRIMARY",
      "M",
      "NORM",
      "DIS2D"
    ],
    "ImagingFrequency": 123.26,
    "InPlanePhaseEncodingDirectionDICOM": "ROW",
    "InstitutionAddress": "Yiheyuan_Road_5_Beijing3cd14b_Haidian_CN_100871",
    "InstitutionName": "Peking_Univeristy",
    "InstitutionalDepartmentName": "Department",
    "InversionTime": 0.807,
    "MRAcquisitionType": "3D",
    "MagneticFieldStrength": 3,
    "Manufacturer": "Siemens",
    "ManufacturersModelName": "Prisma",
    "Modality": "MR",
    "ParallelReductionFactorInPlane": 2,
    "PartialFourier": 1,
    "PatientPosition": "HFS",
    "PercentPhaseFOV": 100,
    "PhaseEncodingSteps": 255,
    "PhaseResolution": 1,
    "PixelBandwidth": 190,
    "ProcedureStepDescription": "Research_Projects_64CH",
    "ProtocolName": "T1_mpr_ns_sag_ADNI_176mm",
    "PulseSequenceDetails": "%SiemensSeq%_tfl",
    "ReceiveCoilActiveElements": "HC1-7;NC1,2",
    "ReceiveCoilName": "HeadNeck_64",
    "ReconMatrixPE": 256,
    "RefLinesPE": 24,
    "RepetitionTime": 1.54,
    "SAR": 0.0740147,
    "ScanOptions": "IR",
    "ScanningSequence": "GR_IR",
    "SequenceName": "_tfl3d1_16ns",
    "SequenceVariant": "SK_SP_MP",
    "SeriesDescription": "T1_mpr_ns_sag_ADNI_176mm",
    "SeriesNumber": 3,
    "ShimSetting": [
      -3451,
      -2096,
      -2173,
      36,
      -6,
      -112,
      17,
      26
    ],
    "SliceThickness": 1,
    "SoftwareVersions": "syngo_MR_D13D",
    "StationName": "AWP66014",
    "TxRefAmp": 216.972,
    "dataset": "ds003988",
    "modality": "T1w",
    "subject_id": "06"
  },
  "cjv": 0.3714103958617969,
  "cnr": 3.7091395817106263,
  "efc": 0.6877541007152376,
  "fber": -1.0,
  "fwhm_avg": 4.722756666666666,
  "fwhm_x": 4.87195,
  "fwhm_y": 4.47377,
  "fwhm_z": 4.82255,
  "icvs_csf": 0.18358220012719184,
  "icvs_gm": 0.4470961459013716,
  "icvs_wm": 0.36932165397143657,
  "inu_med": 0.3710312247276306,
  "inu_range": 0.23344810158014298,
  "provenance": {
    "md5sum": "5c40dab5ddabde17ca0ddd69ad93104c",
    "settings": {
      "testing": false
    },
    "software": "mriqc",
    "version": "23.0.0",
    "warnings": {
      "large_rot_frame": true,
      "small_air_mask": false
    },
    "webapi_port": null,
    "webapi_url": "https://mriqc.nimh.nih.gov/api/v1"
  },
  "qi_1": 0.00012356478172592441,
  "qi_2": 0.012535130623506545,
  "rpve_csf": 11.525201443875174,
  "rpve_gm": 5.149962309855337,
  "rpve_wm": 7.033914060541132,
  "size_x": 176,
  "size_y": 189,
  "size_z": 151,
  "snr_csf": 3.158533373939984,
  "snr_gm": 16.16681436940486,
  "snr_total": 15.641667236454296,
  "snr_wm": 27.599653966018046,
  "snrd_csf": 52.81740978877171,
  "snrd_gm": 114.65787842564448,
  "snrd_total": 105.05902378017963,
  "snrd_wm": 147.70178312612268,
  "spacing_x": 1.0,
  "spacing_y": 1.0,
  "spacing_z": 1.0,
  "summary_bg_k": 9.68000264726835,
  "summary_bg_mad": 0.0,
  "summary_bg_mean": 2.589062766966193,
  "summary_bg_median": 0.0,
  "summary_bg_n": 973627.0,
  "summary_bg_p05": 0.0,
  "summary_bg_p95": 9.63170226663351,
  "summary_bg_stdv": 4.435738338607508,
  "summary_csf_k": 8.403721265271404,
  "summary_csf_mad": 84.59190017490175,
  "summary_csf_mean": 364.322369347063,
  "summary_csf_median": 357.61134558543563,
  "summary_csf_n": 35363.0,
  "summary_csf_p05": 175.06765500828624,
  "summary_csf_p95": 554.2769462954253,
  "summary_csf_stdv": 113.21909472530805,
  "summary_gm_k": 0.0005670788581357833,
  "summary_gm_mad": 48.619942624642086,
  "summary_gm_mean": 775.3899161360458,
  "summary_gm_median": 776.315202690661,
  "summary_gm_n": 46155.0,
  "summary_gm_p05": 695.6840951442719,
  "summary_gm_p95": 852.8184378370643,
  "summary_gm_stdv": 48.01853816316011,
  "summary_wm_k": 0.5795449227959844,
  "summary_wm_mad": 34.475959315655295,
  "summary_wm_mean": 1002.6865725566768,
  "summary_wm_median": 1000.0458867698908,
  "summary_wm_n": 207704.0,
  "summary_wm_p05": 948.2181555256248,
  "summary_wm_p95": 1066.2753061652184,
  "summary_wm_stdv": 36.2339136793506,
  "tpm_overlap_csf": 0.17622154239323856,
  "tpm_overlap_gm": 0.47157798603501583,
  "tpm_overlap_wm": 0.5016184599654201,
  "wm2max": 0.4048380899689151
}