{
  "bids_meta": {
    "AcquisitionMatrixPE": 256,
    "AcquisitionNumber": 1,
    "AcquisitionTime": "12:56:38.800000",
    "BaseResolution": 256,
    "BodyPartExamined": "HEAD",
    "CoilString": "HC1-7;NC1_2",
    "ConsistencyInfo": "N4_VD13D_LATEST_20130810",
    "ConversionSoftware": "dcm2niix",
    "ConversionSoftwareVersion": "v1.0.20190902",
    "DeviceSerialNumber": "66014",
    "DwellTime": 1.03e-05,
    "EchoTime": 0.00234,
    "FlipAngle": 9,
    "ImageOrientationPatientDICOM": [
      0.0523357,
      0.99863,
      0.000174491,
      0.00174972,
      8.30316e-05,
      -0.999998
    ],
    "ImageType": [
      "ORIGINAL",
      "PRIMARY",
      "M",
      "NORM",
      "DIS2D"
    ],
    "ImagingFrequency": 123.26,
    "InPlanePhaseEncodingDirectionDICOM": "ROW",
    "InstitutionAddress": "Yiheyuan_Road_5_Beijing3cd14b_Haidian_CN_100871",
    "InstitutionName": "Peking_Univeristy",
    "InstitutionalDepartmentName": "Department",
    "InversionTime": 0.807,
    "MRAcquisitionType": "3D",
    "MagneticFieldStrength": 3,
    "Manufacturer": "Siemens",
    "ManufacturersModelName": "Prisma",
    "Modality": "MR",
    "ParallelReductionFactorInPlane": 2,
    "PartialFourier": 1,
    "PatientPosition": "HFS",
    "PercentPhaseFOV": 100,
    "PhaseEncodingSteps": 255,
    "PhaseResolution": 1,
    "PixelBandwidth": 190,
    "ProcedureStepDescription": "Research_Projects_64CH",
    "ProtocolName": "T1_mpr_ns_sag_ADNI_176mm",
    "PulseSequenceDetails": "%SiemensSeq%_tfl",
    "ReceiveCoilActiveElements": "HC1-7;NC1,2",
    "ReceiveCoilName": "HeadNeck_64",
    "ReconMatrixPE": 256,
    "RefLinesPE": 24,
    "RepetitionTime": 1.54,
    "SAR": 0.0740147,
    "ScanOptions": "IR",
    "ScanningSequence": "GR_IR",
    "SequenceName": "_tfl3d1_16ns",
    "SequenceVariant": "SK_SP_MP",
    "SeriesDescription": "T1_mpr_ns_sag_ADNI_176mm",
    "SeriesNumber": 3,
    "ShimSetting": [
      -3451,
      -2096,
      -2173,
      36,
      -6,
      -112,
      17,
      26
    ],
    "SliceThickness": 1,
    "SoftwareVersions": "syngo_MR_D13D",
    "StationName": "AWP66014",
    "TxRefAmp": 216.972,
    "dataset": "ds003988",
    "modality": "T1w",
    "subject_id": "39"
  },
  "cjv": 0.4183614139255386,
  "cnr": 3.256596837840021,
  "efc": 0.6997037172868512,
  "fber": -1.0,
  "fwhm_avg": 3.993753333333333,
  "fwhm_x": 4.05805,
  "fwhm_y": 3.90786,
  "fwhm_z": 4.01535,
  "icvs_csf": 0.17324271739190317,
  "icvs_gm": 0.4322576797889872,
  "icvs_wm": 0.3944996028191096,
  "inu_med": 0.3117622435092926,
  "inu_range": 0.11924063712358476,
  "provenance": {
    "md5sum": "5a4ab97d8030f5af6fdd67537074f8f5",
    "settings": {
      "testing": false
    },
    "software": "mriqc",
    "version": "23.0.0",
    "warnings": {
      "large_rot_frame": true,
      "small_air_mask": false
    },
    "webapi_port": null,
    "webapi_url": "https://mriqc.nimh.nih.gov/api/v1"
  },
  "qi_1": 0.0,
  "qi_2": 0.006784767097399935,
  "rpve_csf": 11.228756428237494,
  "rpve_gm": 4.904273178017534,
  "rpve_wm": 6.253377620151155,
  "size_x": 166,
  "size_y": 191,
  "size_z": 154,
  "snr_csf": 3.0655675772677027,
  "snr_gm": 16.749900308444108,
  "snr_total": 14.925980263393056,
  "snr_wm": 24.962472904467354,
  "snrd_csf": 73.05986288386681,
  "snrd_gm": 162.15887031028498,
  "snrd_total": 146.21424046745403,
  "snrd_wm": 203.4239882082103,
  "spacing_x": 1.0,
  "spacing_y": 1.0,
  "spacing_z": 1.0,
  "summary_bg_k": 22.59308201201117,
  "summary_bg_mad": 0.0,
  "summary_bg_mean": 1.1370862687971852,
  "summary_bg_median": 0.0,
  "summary_bg_n": 859599.0,
  "summary_bg_p05": 0.0,
  "summary_bg_p95": 8.131214324384928,
  "summary_bg_stdv": 3.2206959769160703,
  "summary_csf_k": 27.437128995048727,
  "summary_csf_mad": 72.95212813639887,
  "summary_csf_mean": 378.39404832755736,
  "summary_csf_median": 359.16735272854567,
  "summary_csf_n": 27457.0,
  "summary_csf_p05": 254.0098426774144,
  "summary_csf_p95": 570.1235771603881,
  "summary_csf_stdv": 117.15964599500776,
  "summary_gm_k": 0.07383993591991667,
  "summary_gm_mad": 46.77478281833318,
  "summary_gm_mean": 795.4178017238867,
  "summary_gm_median": 797.1842523626983,
  "summary_gm_n": 28715.0,
  "summary_gm_p05": 713.0842642076313,
  "summary_gm_p95": 870.485987894982,
  "summary_gm_stdv": 47.592544229498436,
  "summary_wm_k": 0.5422813891293083,
  "summary_wm_mad": 38.09492621286929,
  "summary_wm_mean": 1003.3353715549613,
  "summary_wm_median": 1000.0464337356389,
  "summary_wm_n": 225777.0,
  "summary_wm_p05": 943.7319665290415,
  "summary_wm_p95": 1074.621285110712,
  "summary_wm_stdv": 40.061905039737745,
  "tpm_overlap_csf": 0.18232671139028803,
  "tpm_overlap_gm": 0.4616581371371845,
  "tpm_overlap_wm": 0.4927647074049991,
  "wm2max": 0.3760789795561768
}